NUGET
  remote: https://api.nuget.org/v3/index.json
    BCrypt.Net-Next (4.0)
      System.Memory (>= 4.5.4) - restriction: || (&& (< net20) (>= netstandard2.0) (< netstandard2.1)) (&& (>= net452) (< netstandard2.0)) (>= net462)
    Crc32C.NET (1.0.5) - restriction: >= net452
    DnsClient (1.3.2) - restriction: || (>= net452) (>= netstandard1.5)
      Microsoft.Win32.Primitives (>= 4.3) - restriction: && (< net45) (>= netstandard1.3) (< netstandard2.0)
      NETStandard.Library (>= 1.6.1) - restriction: && (< net45) (>= netstandard1.3) (< netstandard2.0)
      System.Buffers (>= 4.4) - restriction: || (&& (>= net45) (< netstandard2.0)) (&& (< net45) (>= netstandard1.3) (< netstandard2.0)) (&& (< net45) (>= netstandard2.0) (< netstandard2.1)) (>= net471)
      System.Diagnostics.TraceSource (>= 4.3) - restriction: && (< net45) (>= netstandard1.3) (< netstandard2.0)
      System.Globalization.Extensions (>= 4.3) - restriction: && (< net45) (>= netstandard1.3) (< netstandard2.0)
      System.Net.NameResolution (>= 4.3) - restriction: && (< net45) (>= netstandard1.3) (< netstandard2.0)
      System.Net.NetworkInformation (>= 4.3) - restriction: && (< net45) (>= netstandard1.3) (< netstandard2.0)
    Fable.Core (3.1.5) - restriction: && (< net46) (>= netstandard2.0)
      FSharp.Core (>= 4.7) - restriction: >= netstandard2.0
    FSharp.Core (5.0)
    Giraffe (4.1)
      FSharp.Core (>= 4.7) - restriction: || (>= net461) (>= netstandard2.0)
      Microsoft.AspNetCore.Authentication (>= 2.2) - restriction: || (>= net461) (&& (< netcoreapp3.0) (>= netstandard2.0))
      Microsoft.AspNetCore.Authorization (>= 2.2) - restriction: || (>= net461) (&& (< netcoreapp3.0) (>= netstandard2.0))
      Microsoft.AspNetCore.Diagnostics (>= 2.2) - restriction: || (>= net461) (&& (< netcoreapp3.0) (>= netstandard2.0))
      Microsoft.AspNetCore.Hosting.Abstractions (>= 2.2) - restriction: || (>= net461) (&& (< netcoreapp3.0) (>= netstandard2.0))
      Microsoft.AspNetCore.ResponseCaching (>= 2.2) - restriction: || (>= net461) (&& (< netcoreapp3.0) (>= netstandard2.0))
      Microsoft.IO.RecyclableMemoryStream (>= 1.2.2) - restriction: || (>= net461) (>= netstandard2.0)
      Newtonsoft.Json (>= 12.0.2) - restriction: || (>= net461) (>= netstandard2.0)
      System.ValueTuple (>= 4.4) - restriction: >= net461
      TaskBuilder.fs (>= 2.1) - restriction: || (>= net461) (>= netstandard2.0)
      Utf8Json (>= 1.3.7) - restriction: || (>= net461) (>= netstandard2.0)
    Microsoft.AspNetCore.Authentication (2.2) - restriction: || (>= net461) (&& (< netcoreapp3.0) (>= netstandard2.0))
      Microsoft.AspNetCore.Authentication.Core (>= 2.2) - restriction: >= netstandard2.0
      Microsoft.AspNetCore.DataProtection (>= 2.2) - restriction: >= netstandard2.0
      Microsoft.AspNetCore.Http (>= 2.2) - restriction: >= netstandard2.0
      Microsoft.AspNetCore.Http.Extensions (>= 2.2) - restriction: >= netstandard2.0
      Microsoft.Extensions.Logging.Abstractions (>= 2.2) - restriction: >= netstandard2.0
      Microsoft.Extensions.Options (>= 2.2) - restriction: >= netstandard2.0
      Microsoft.Extensions.WebEncoders (>= 2.2) - restriction: >= netstandard2.0
    Microsoft.AspNetCore.Authentication.Abstractions (2.2) - restriction: || (&& (>= net461) (>= netstandard2.0)) (&& (< netcoreapp3.0) (>= netstandard2.0))
      Microsoft.AspNetCore.Http.Abstractions (>= 2.2) - restriction: >= netstandard2.0
      Microsoft.Extensions.Logging.Abstractions (>= 2.2) - restriction: >= netstandard2.0
      Microsoft.Extensions.Options (>= 2.2) - restriction: >= netstandard2.0
    Microsoft.AspNetCore.Authentication.Core (2.2) - restriction: || (&& (>= net461) (>= netstandard2.0)) (&& (< netcoreapp3.0) (>= netstandard2.0))
      Microsoft.AspNetCore.Authentication.Abstractions (>= 2.2) - restriction: >= netstandard2.0
      Microsoft.AspNetCore.Http (>= 2.2) - restriction: >= netstandard2.0
      Microsoft.AspNetCore.Http.Extensions (>= 2.2) - restriction: >= netstandard2.0
    Microsoft.AspNetCore.Authentication.JwtBearer (3.1.9)
      Microsoft.IdentityModel.Protocols.OpenIdConnect (>= 5.5) - restriction: >= netcoreapp3.1
    Microsoft.AspNetCore.Authorization (3.1.9) - restriction: || (>= net461) (&& (< netcoreapp3.0) (>= netstandard2.0))
      Microsoft.AspNetCore.Metadata (>= 3.1.9) - restriction: >= netstandard2.0
      Microsoft.Extensions.Logging.Abstractions (>= 3.1.9) - restriction: >= netstandard2.0
      Microsoft.Extensions.Options (>= 3.1.9) - restriction: >= netstandard2.0
    Microsoft.AspNetCore.Cryptography.Internal (3.1.9) - restriction: || (&& (>= net461) (>= netstandard2.0)) (&& (< netcoreapp3.0) (>= netstandard2.0))
    Microsoft.AspNetCore.DataProtection (3.1.9) - restriction: || (&& (>= net461) (>= netstandard2.0)) (&& (< netcoreapp3.0) (>= netstandard2.0))
      Microsoft.AspNetCore.Cryptography.Internal (>= 3.1.9) - restriction: >= netstandard2.0
      Microsoft.AspNetCore.DataProtection.Abstractions (>= 3.1.9) - restriction: >= netstandard2.0
      Microsoft.Extensions.DependencyInjection.Abstractions (>= 3.1.9) - restriction: >= netstandard2.0
      Microsoft.Extensions.Hosting.Abstractions (>= 3.1.9) - restriction: >= netstandard2.0
      Microsoft.Extensions.Logging.Abstractions (>= 3.1.9) - restriction: >= netstandard2.0
      Microsoft.Extensions.Options (>= 3.1.9) - restriction: >= netstandard2.0
      Microsoft.Win32.Registry (>= 4.7) - restriction: >= netstandard2.0
      System.Security.Cryptography.Xml (>= 4.7) - restriction: >= netstandard2.0
      System.Security.Principal.Windows (>= 4.7) - restriction: && (< netcoreapp3.1) (>= netstandard2.0)
    Microsoft.AspNetCore.DataProtection.Abstractions (3.1.9) - restriction: || (&& (>= net461) (>= netstandard2.0)) (&& (< netcoreapp3.0) (>= netstandard2.0))
    Microsoft.AspNetCore.Diagnostics (2.2) - restriction: || (>= net461) (&& (< netcoreapp3.0) (>= netstandard2.0))
      Microsoft.AspNetCore.Diagnostics.Abstractions (>= 2.2) - restriction: >= netstandard2.0
      Microsoft.AspNetCore.Hosting.Abstractions (>= 2.2) - restriction: >= netstandard2.0
      Microsoft.AspNetCore.Http.Extensions (>= 2.2) - restriction: >= netstandard2.0
      Microsoft.AspNetCore.WebUtilities (>= 2.2) - restriction: >= netstandard2.0
      Microsoft.Extensions.FileProviders.Physical (>= 2.2) - restriction: >= netstandard2.0
      Microsoft.Extensions.Logging.Abstractions (>= 2.2) - restriction: >= netstandard2.0
      Microsoft.Extensions.Options (>= 2.2) - restriction: >= netstandard2.0
      System.Diagnostics.DiagnosticSource (>= 4.5) - restriction: >= netstandard2.0
      System.Reflection.Metadata (>= 1.6) - restriction: >= netstandard2.0
    Microsoft.AspNetCore.Diagnostics.Abstractions (2.2) - restriction: || (&& (>= net461) (>= netstandard2.0)) (&& (< netcoreapp3.0) (>= netstandard2.0))
    Microsoft.AspNetCore.Hosting.Abstractions (2.2) - restriction: || (>= net461) (&& (< netcoreapp3.0) (>= netstandard2.0))
      Microsoft.AspNetCore.Hosting.Server.Abstractions (>= 2.2) - restriction: >= netstandard2.0
      Microsoft.AspNetCore.Http.Abstractions (>= 2.2) - restriction: >= netstandard2.0
      Microsoft.Extensions.Hosting.Abstractions (>= 2.2) - restriction: >= netstandard2.0
    Microsoft.AspNetCore.Hosting.Server.Abstractions (2.2) - restriction: || (&& (>= net461) (>= netstandard2.0)) (&& (< netcoreapp3.0) (>= netstandard2.0))
      Microsoft.AspNetCore.Http.Features (>= 2.2) - restriction: >= netstandard2.0
      Microsoft.Extensions.Configuration.Abstractions (>= 2.2) - restriction: >= netstandard2.0
    Microsoft.AspNetCore.Http (2.2.2) - restriction: || (&& (>= net461) (>= netstandard2.0)) (&& (< netcoreapp3.0) (>= netstandard2.0))
      Microsoft.AspNetCore.Http.Abstractions (>= 2.2) - restriction: >= netstandard2.0
      Microsoft.AspNetCore.WebUtilities (>= 2.2) - restriction: >= netstandard2.0
      Microsoft.Extensions.ObjectPool (>= 2.2) - restriction: >= netstandard2.0
      Microsoft.Extensions.Options (>= 2.2) - restriction: >= netstandard2.0
      Microsoft.Net.Http.Headers (>= 2.2) - restriction: >= netstandard2.0
    Microsoft.AspNetCore.Http.Abstractions (2.2) - restriction: || (&& (>= net461) (>= netstandard2.0)) (&& (< netcoreapp3.0) (>= netstandard2.0))
      Microsoft.AspNetCore.Http.Features (>= 2.2) - restriction: >= netstandard2.0
      System.Text.Encodings.Web (>= 4.5) - restriction: >= netstandard2.0
    Microsoft.AspNetCore.Http.Extensions (2.2) - restriction: || (&& (>= net461) (>= netstandard2.0)) (&& (< netcoreapp3.0) (>= netstandard2.0))
      Microsoft.AspNetCore.Http.Abstractions (>= 2.2) - restriction: >= netstandard2.0
      Microsoft.Extensions.FileProviders.Abstractions (>= 2.2) - restriction: >= netstandard2.0
      Microsoft.Net.Http.Headers (>= 2.2) - restriction: >= netstandard2.0
      System.Buffers (>= 4.5) - restriction: >= netstandard2.0
    Microsoft.AspNetCore.Http.Features (3.1.9) - restriction: || (&& (>= net461) (>= netstandard2.0)) (&& (< netcoreapp3.0) (>= netstandard2.0))
      Microsoft.Extensions.Primitives (>= 3.1.9) - restriction: >= netstandard2.0
      System.IO.Pipelines (>= 4.7.3) - restriction: >= netstandard2.0
    Microsoft.AspNetCore.Metadata (3.1.9) - restriction: || (&& (>= net461) (>= netstandard2.0)) (&& (< netcoreapp3.0) (>= netstandard2.0))
    Microsoft.AspNetCore.ResponseCaching (2.2) - restriction: || (>= net461) (&& (< netcoreapp3.0) (>= netstandard2.0))
      Microsoft.AspNetCore.Http (>= 2.2) - restriction: >= netstandard2.0
      Microsoft.AspNetCore.Http.Extensions (>= 2.2) - restriction: >= netstandard2.0
      Microsoft.AspNetCore.ResponseCaching.Abstractions (>= 2.2) - restriction: >= netstandard2.0
      Microsoft.Extensions.Caching.Memory (>= 2.2) - restriction: >= netstandard2.0
      Microsoft.Extensions.Logging.Abstractions (>= 2.2) - restriction: >= netstandard2.0
    Microsoft.AspNetCore.ResponseCaching.Abstractions (2.2) - restriction: || (&& (>= net461) (>= netstandard2.0)) (&& (< netcoreapp3.0) (>= netstandard2.0))
      Microsoft.Extensions.Primitives (>= 2.2) - restriction: >= netstandard2.0
    Microsoft.AspNetCore.WebUtilities (2.2) - restriction: || (&& (>= net461) (>= netstandard2.0)) (&& (< netcoreapp3.0) (>= netstandard2.0))
      Microsoft.Net.Http.Headers (>= 2.2) - restriction: >= netstandard2.0
      System.Text.Encodings.Web (>= 4.5) - restriction: >= netstandard2.0
    Microsoft.Bcl.AsyncInterfaces (1.1.1) - restriction: || (&& (>= net461) (>= netstandard2.0)) (&& (< netcoreapp3.0) (>= netstandard2.0))
      System.Threading.Tasks.Extensions (>= 4.5.4) - restriction: || (>= net461) (&& (< netcoreapp2.1) (>= netstandard2.0)) (>= netstandard2.1)
    Microsoft.CSharp (4.7) - restriction: >= netcoreapp3.1
      NETStandard.Library (>= 1.6.1) - restriction: || (&& (< monoandroid) (< monotouch) (< net45) (>= netstandard1.3) (< netstandard2.0) (< win8) (< wpa81) (< xamarintvos) (< xamarinwatchos)) (&& (< monoandroid) (< net45) (>= netstandard1.0) (< netstandard1.3) (< win8) (< wp8) (< wpa81)) (>= netcoreapp5.0)
      System.Dynamic.Runtime (>= 4.3) - restriction: || (&& (< monoandroid) (< monotouch) (< net45) (>= netstandard1.3) (< netstandard2.0) (< win8) (< wpa81) (< xamarintvos) (< xamarinwatchos)) (&& (< monoandroid) (< net45) (>= netstandard1.0) (< netstandard1.3) (< win8) (< wp8) (< wpa81)) (>= netcoreapp5.0)
      System.Reflection.TypeExtensions (>= 4.7) - restriction: || (&& (< monoandroid) (< monotouch) (< net45) (>= netstandard1.3) (< netstandard2.0) (< win8) (< wpa81) (< xamarintvos) (< xamarinwatchos)) (>= netcoreapp5.0)
    Microsoft.Extensions.Caching.Abstractions (3.1.9) - restriction: || (&& (>= net461) (>= netstandard2.0)) (&& (< netcoreapp3.0) (>= netstandard2.0))
      Microsoft.Extensions.Primitives (>= 3.1.9) - restriction: >= netstandard2.0
    Microsoft.Extensions.Caching.Memory (3.1.9) - restriction: || (&& (>= net461) (>= netstandard2.0)) (&& (< netcoreapp3.0) (>= netstandard2.0))
      Microsoft.Extensions.Caching.Abstractions (>= 3.1.9) - restriction: >= netstandard2.0
      Microsoft.Extensions.DependencyInjection.Abstractions (>= 3.1.9) - restriction: >= netstandard2.0
      Microsoft.Extensions.Logging.Abstractions (>= 3.1.9) - restriction: >= netstandard2.0
      Microsoft.Extensions.Options (>= 3.1.9) - restriction: >= netstandard2.0
    Microsoft.Extensions.Configuration.Abstractions (3.1.9) - restriction: || (&& (>= net461) (>= netstandard2.0)) (&& (< netcoreapp3.0) (>= netstandard2.0))
      Microsoft.Extensions.Primitives (>= 3.1.9) - restriction: >= netstandard2.0
    Microsoft.Extensions.DependencyInjection.Abstractions (3.1.9) - restriction: || (&& (>= net461) (>= netstandard2.0)) (&& (< netcoreapp3.0) (>= netstandard2.0))
    Microsoft.Extensions.FileProviders.Abstractions (3.1.9) - restriction: || (&& (>= net461) (>= netstandard2.0)) (&& (< netcoreapp3.0) (>= netstandard2.0))
      Microsoft.Extensions.Primitives (>= 3.1.9) - restriction: >= netstandard2.0
    Microsoft.Extensions.FileProviders.Physical (3.1.9) - restriction: || (&& (>= net461) (>= netstandard2.0)) (&& (< netcoreapp3.0) (>= netstandard2.0))
      Microsoft.Extensions.FileProviders.Abstractions (>= 3.1.9) - restriction: >= netstandard2.0
      Microsoft.Extensions.FileSystemGlobbing (>= 3.1.9) - restriction: >= netstandard2.0
    Microsoft.Extensions.FileSystemGlobbing (3.1.9) - restriction: || (&& (>= net461) (>= netstandard2.0)) (&& (< netcoreapp3.0) (>= netstandard2.0))
    Microsoft.Extensions.Hosting.Abstractions (3.1.9) - restriction: || (&& (>= net461) (>= netstandard2.0)) (&& (< netcoreapp3.0) (>= netstandard2.0))
      Microsoft.Bcl.AsyncInterfaces (>= 1.1.1) - restriction: && (< netcoreapp3.1) (>= netstandard2.0)
      Microsoft.Extensions.Configuration.Abstractions (>= 3.1.9) - restriction: >= netstandard2.0
      Microsoft.Extensions.DependencyInjection.Abstractions (>= 3.1.9) - restriction: >= netstandard2.0
      Microsoft.Extensions.FileProviders.Abstractions (>= 3.1.9) - restriction: >= netstandard2.0
      Microsoft.Extensions.Logging.Abstractions (>= 3.1.9) - restriction: >= netstandard2.0
    Microsoft.Extensions.Logging.Abstractions (3.1.9) - restriction: || (&& (>= net461) (>= netstandard2.0)) (&& (< netcoreapp3.0) (>= netstandard2.0))
    Microsoft.Extensions.ObjectPool (3.1.9) - restriction: || (&& (>= net461) (>= netstandard2.0)) (&& (< netcoreapp3.0) (>= netstandard2.0))
    Microsoft.Extensions.Options (3.1.9) - restriction: || (&& (>= net461) (>= netstandard2.0)) (&& (< netcoreapp3.0) (>= netstandard2.0))
      Microsoft.Extensions.DependencyInjection.Abstractions (>= 3.1.9) - restriction: >= netstandard2.0
      Microsoft.Extensions.Primitives (>= 3.1.9) - restriction: >= netstandard2.0
      System.ComponentModel.Annotations (>= 4.7) - restriction: && (< netcoreapp3.1) (>= netstandard2.0)
    Microsoft.Extensions.Primitives (3.1.9) - restriction: || (&& (>= net461) (>= netstandard2.0)) (&& (< netcoreapp3.0) (>= netstandard2.0))
      System.Memory (>= 4.5.2) - restriction: && (< netcoreapp3.1) (>= netstandard2.0)
      System.Runtime.CompilerServices.Unsafe (>= 4.7.1) - restriction: && (< netcoreapp3.1) (>= netstandard2.0)
    Microsoft.Extensions.WebEncoders (3.1.9) - restriction: || (&& (>= net461) (>= netstandard2.0)) (&& (< netcoreapp3.0) (>= netstandard2.0))
      Microsoft.Extensions.DependencyInjection.Abstractions (>= 3.1.9) - restriction: >= netstandard2.0
      Microsoft.Extensions.Options (>= 3.1.9) - restriction: >= netstandard2.0
      System.Text.Encodings.Web (>= 4.7.1) - restriction: && (< netcoreapp3.1) (>= netstandard2.0)
    Microsoft.IdentityModel.JsonWebTokens (6.7.1) - restriction: >= netcoreapp3.1
      Microsoft.IdentityModel.Tokens (>= 6.7.1) - restriction: || (&& (>= net45) (< netstandard2.0)) (&& (< net45) (>= netstandard2.0)) (>= net461)
    Microsoft.IdentityModel.Logging (6.7.1) - restriction: >= netcoreapp3.1
    Microsoft.IdentityModel.Protocols (6.7.1) - restriction: >= netcoreapp3.1
      Microsoft.IdentityModel.Logging (>= 6.7.1) - restriction: || (&& (>= net45) (< netstandard2.0)) (&& (< net45) (>= netstandard2.0)) (>= net461)
      Microsoft.IdentityModel.Tokens (>= 6.7.1) - restriction: || (&& (>= net45) (< netstandard2.0)) (&& (< net45) (>= netstandard2.0)) (>= net461)
    Microsoft.IdentityModel.Protocols.OpenIdConnect (6.7.1) - restriction: >= netcoreapp3.1
      Microsoft.IdentityModel.Protocols (>= 6.7.1) - restriction: || (&& (>= net45) (< netstandard2.0)) (&& (< net45) (>= netstandard2.0)) (>= net461)
      System.IdentityModel.Tokens.Jwt (>= 6.7.1) - restriction: || (&& (>= net45) (< netstandard2.0)) (&& (< net45) (>= netstandard2.0)) (>= net461)
    Microsoft.IdentityModel.Tokens (6.7.1) - restriction: >= netcoreapp3.1
      Microsoft.CSharp (>= 4.5) - restriction: && (< net45) (>= netstandard2.0)
      Microsoft.IdentityModel.Logging (>= 6.7.1) - restriction: || (&& (>= net45) (< netstandard2.0)) (&& (< net45) (>= netstandard2.0)) (>= net461)
      System.Security.Cryptography.Cng (>= 4.5) - restriction: && (< net45) (>= netstandard2.0)
    Microsoft.IO.RecyclableMemoryStream (1.3.4) - restriction: || (>= net461) (>= netstandard2.0)
      NETStandard.Library (>= 1.6.1) - restriction: && (< net40) (< netcoreapp2.1) (>= netstandard1.4) (< netstandard2.1)
    Microsoft.Net.Http.Headers (2.2.8) - restriction: || (&& (>= net461) (>= netstandard2.0)) (&& (< netcoreapp3.0) (>= netstandard2.0))
      Microsoft.Extensions.Primitives (>= 2.2) - restriction: >= netstandard2.0
      System.Buffers (>= 4.5) - restriction: >= netstandard2.0
    Microsoft.NETCore.Platforms (3.1.1) - restriction: || (&& (< monoandroid) (< monotouch) (< net452) (< netcoreapp5.0) (>= netstandard1.6) (< xamarinios) (< xamarinmac) (< xamarintvos) (< xamarinwatchos)) (&& (< monoandroid) (< monotouch) (< net452) (>= netstandard1.5) (< xamarinios) (< xamarinmac) (< xamarintvos) (< xamarinwatchos)) (&& (< monoandroid) (< net45) (< netstandard1.2) (>= netstandard1.6) (< win8)) (&& (< monoandroid) (< net45) (< netstandard1.3) (>= netstandard1.6) (< win8) (< wpa81)) (&& (< monoandroid) (< net45) (< netstandard1.4) (>= netstandard1.6) (< win8) (< wpa81)) (&& (>= net45) (< net452) (< netstandard1.3) (>= netstandard1.5)) (&& (< net45) (>= net46) (< netstandard1.4) (>= netstandard1.5)) (&& (< net45) (>= net46) (< netstandard1.4) (>= netstandard1.6)) (&& (< net45) (< netstandard1.2) (>= netstandard1.5) (< win8)) (&& (< net45) (< netstandard1.3) (>= netstandard1.5) (< win8) (< wpa81)) (&& (< net45) (< netstandard1.4) (>= netstandard1.5) (< win8) (< wpa81)) (&& (< net45) (>= netstandard1.5) (< netstandard1.6) (< win8) (< wpa81)) (&& (< net45) (>= netstandard1.6) (< netstandard2.0) (< win8) (< wpa81)) (&& (< net45) (>= netstandard2.0)) (&& (< net452) (>= net46) (< netstandard1.4) (>= netstandard1.5)) (&& (< net452) (>= net461) (>= netstandard1.5)) (&& (>= net461) (>= netcoreapp2.1)) (>= netcoreapp2.0) (&& (>= netcoreapp2.1) (< netcoreapp3.0)) (&& (>= netcoreapp5.0) (< netstandard1.2)) (&& (>= netcoreapp5.0) (< netstandard1.3)) (&& (>= netcoreapp5.0) (< netstandard1.4)) (&& (>= netcoreapp5.0) (< netstandard1.6)) (&& (>= netcoreapp5.0) (< netstandard2.0)) (&& (< netstandard1.0) (>= netstandard1.5) (< portable-net45+win8)) (&& (< netstandard1.0) (>= netstandard1.5) (>= win8)) (&& (< netstandard1.0) (>= netstandard1.5) (< win8)) (&& (< netstandard1.3) (>= netstandard1.5) (< win8) (>= wpa81)) (&& (>= netstandard1.5) (< portable-net45+win8+wpa81)) (&& (>= netstandard1.5) (>= uap10.1)) (&& (>= netstandard1.5) (>= wp8))
    Microsoft.NETCore.Targets (3.1) - restriction: || (&& (< monoandroid) (< monotouch) (< net45) (>= netstandard1.6) (< netstandard2.0) (< win8) (< wpa81) (< xamarintvos) (< xamarinwatchos)) (&& (< monoandroid) (< monotouch) (< net452) (< netcoreapp5.0) (>= netstandard1.5) (< xamarinios) (< xamarinmac) (< xamarintvos) (< xamarinwatchos)) (&& (< monoandroid) (< monotouch) (< net452) (< netcoreapp5.0) (>= netstandard1.6) (< xamarinios) (< xamarinmac) (< xamarintvos) (< xamarinwatchos)) (&& (< monoandroid) (< net45) (< netstandard1.2) (>= netstandard1.5) (< win8)) (&& (< monoandroid) (< net45) (< netstandard1.2) (>= netstandard1.6) (< win8)) (&& (< monoandroid) (< net45) (< netstandard1.3) (>= netstandard1.5) (< win8) (< wpa81)) (&& (< monoandroid) (< net45) (< netstandard1.3) (>= netstandard1.6) (< win8) (< wpa81)) (&& (< monoandroid) (< net45) (< netstandard1.4) (>= netstandard1.5) (< win8) (< wpa81)) (&& (< monoandroid) (< net45) (< netstandard1.4) (>= netstandard1.6) (< win8) (< wpa81)) (&& (< monoandroid) (< net45) (>= netstandard1.5) (< netstandard1.6) (< win8) (< wpa81)) (&& (< monoandroid) (< netstandard1.1) (>= netstandard1.5) (< win8)) (&& (< monoandroid) (< netstandard1.1) (>= netstandard1.6) (< win8)) (&& (< net45) (>= net46) (< netstandard1.4) (>= netstandard1.6)) (&& (>= netcoreapp5.0) (< netstandard1.2)) (&& (>= netcoreapp5.0) (< netstandard1.3)) (&& (>= netcoreapp5.0) (< netstandard1.4)) (&& (>= netcoreapp5.0) (< netstandard1.6)) (&& (>= netcoreapp5.0) (< netstandard2.0)) (&& (>= netcoreapp5.0) (< portable-net45+win8+wpa81)) (&& (>= netstandard1.5) (< portable-net45+win8+wpa81))
    Microsoft.Win32.Primitives (4.3) - restriction: || (&& (< monoandroid) (< monotouch) (< net45) (>= netstandard1.5) (< netstandard2.0) (< win8) (< wpa81) (< xamarintvos) (< xamarinwatchos)) (&& (< monoandroid) (< monotouch) (< net452) (< netcoreapp5.0) (>= netstandard1.5) (< xamarinios) (< xamarinmac) (< xamarintvos) (< xamarinwatchos)) (&& (< monoandroid) (< net45) (< netstandard1.2) (>= netstandard1.5) (< win8)) (&& (< monoandroid) (< net45) (< netstandard1.3) (>= netstandard1.5) (< win8) (< wpa81)) (&& (< net45) (>= net452) (>= netstandard1.3) (< netstandard2.0)) (&& (< net45) (>= net46) (< netstandard1.4) (>= netstandard1.5)) (&& (< net45) (< netstandard1.4) (>= netstandard1.5) (< win8) (< wpa81)) (&& (< net45) (>= netstandard1.5) (< netstandard1.6) (< win8) (< wpa81)) (&& (< net45) (>= netstandard1.6) (< netstandard2.0) (< win8) (< wpa81)) (&& (< net452) (>= net46) (< netstandard1.4) (>= netstandard1.5)) (&& (>= netcoreapp5.0) (< netstandard2.0))
      Microsoft.NETCore.Platforms (>= 1.1) - restriction: && (< monoandroid) (< monotouch) (< net46) (>= netstandard1.3) (< xamarinios) (< xamarinmac) (< xamarintvos) (< xamarinwatchos)
      Microsoft.NETCore.Targets (>= 1.1) - restriction: && (< monoandroid) (< monotouch) (< net46) (>= netstandard1.3) (< xamarinios) (< xamarinmac) (< xamarintvos) (< xamarinwatchos)
      System.Runtime (>= 4.3) - restriction: && (< monoandroid) (< monotouch) (< net46) (>= netstandard1.3) (< xamarinios) (< xamarinmac) (< xamarintvos) (< xamarinwatchos)
    Microsoft.Win32.Registry (4.7) - restriction: || (&& (< monoandroid) (< monotouch) (< net452) (< netcoreapp5.0) (>= netstandard1.5) (< xamarinios) (< xamarinmac) (< xamarintvos) (< xamarinwatchos)) (&& (>= net461) (>= netstandard2.0)) (&& (< netcoreapp3.0) (>= netstandard2.0))
      NETStandard.Library (>= 1.6.1) - restriction: && (< monoandroid) (< monotouch) (< net46) (>= netstandard1.3) (< netstandard2.0) (< uap10.1) (< xamarintvos) (< xamarinwatchos)
      System.Buffers (>= 4.5) - restriction: || (>= monoandroid) (>= monotouch) (&& (< net46) (< netcoreapp2.0) (>= netstandard2.0)) (>= xamarinios) (>= xamarinmac) (>= xamarintvos) (>= xamarinwatchos)
      System.Memory (>= 4.5.3) - restriction: || (&& (< monoandroid) (< net46) (< netcoreapp2.0) (>= netstandard2.0) (< xamarinios) (< xamarinmac)) (&& (>= netcoreapp2.0) (< netcoreapp2.1)) (>= uap10.1)
      System.Security.AccessControl (>= 4.7) - restriction: || (>= monoandroid) (>= monotouch) (&& (< net46) (>= netstandard2.0)) (>= net461) (>= netcoreapp2.0) (>= xamarinios) (>= xamarinmac) (>= xamarintvos) (>= xamarinwatchos)
      System.Security.Principal.Windows (>= 4.7) - restriction: || (>= monoandroid) (>= monotouch) (&& (< net46) (>= netstandard2.0)) (>= net461) (>= netcoreapp2.0) (>= xamarinios) (>= xamarinmac) (>= xamarintvos) (>= xamarinwatchos)
    MongoDB.Bson (2.10.4)
      NETStandard.Library (>= 1.6.1) - restriction: && (< net452) (>= netstandard1.5)
      System.Collections.NonGeneric (>= 4.0.1) - restriction: && (< net452) (>= netstandard1.5)
      System.Diagnostics.Process (>= 4.1) - restriction: && (< net452) (>= netstandard1.5)
      System.Dynamic.Runtime (>= 4.0.11) - restriction: && (< net452) (>= netstandard1.5)
      System.Reflection.Emit.Lightweight (>= 4.3) - restriction: && (< net452) (>= netstandard1.5)
      System.Runtime.Serialization.Formatters (>= 4.3) - restriction: && (< net452) (>= netstandard1.5)
    MongoDB.Driver (2.10.4)
      MongoDB.Bson (>= 2.10.4) - restriction: || (>= net452) (>= netstandard1.5)
      MongoDB.Driver.Core (>= 2.10.4) - restriction: || (>= net452) (>= netstandard1.5)
      MongoDB.Libmongocrypt (>= 1.0) - restriction: || (>= net452) (>= netstandard1.5)
      NETStandard.Library (>= 1.6.1) - restriction: && (< net452) (>= netstandard1.5)
      System.ComponentModel.TypeConverter (>= 4.1) - restriction: && (< net452) (>= netstandard1.5)
      System.Linq.Queryable (>= 4.0.1) - restriction: && (< net452) (>= netstandard1.5)
    MongoDB.Driver.Core (2.10.4) - restriction: || (>= net452) (>= netstandard1.5)
      DnsClient (>= 1.3.1) - restriction: || (>= net452) (>= netstandard1.5)
      MongoDB.Bson (>= 2.10.4) - restriction: || (>= net452) (>= netstandard1.5)
      MongoDB.Libmongocrypt (>= 1.0) - restriction: || (>= net452) (>= netstandard1.5)
      NETStandard.Library (>= 1.6.1) - restriction: && (< net452) (>= netstandard1.5)
      SharpCompress (>= 0.23) - restriction: || (>= net452) (>= netstandard1.5)
      Snappy.NET (>= 1.1.1.8) - restriction: >= net452
      System.Collections.Specialized (>= 4.0.1) - restriction: && (< net452) (>= netstandard1.5)
      System.Diagnostics.TextWriterTraceListener (>= 4.0) - restriction: && (< net452) (>= netstandard1.5)
      System.Diagnostics.TraceSource (>= 4.3) - restriction: && (< net452) (>= netstandard1.5)
      System.Net.NameResolution (>= 4.3) - restriction: && (< net452) (>= netstandard1.5)
      System.Net.Security (>= 4.3.2) - restriction: && (< net452) (>= netstandard1.5)
      System.Runtime.InteropServices.RuntimeInformation (>= 4.3) - restriction: >= net452
      System.Security.SecureString (>= 4.0) - restriction: && (< net452) (>= netstandard1.5)
      System.Threading.Thread (>= 4.3) - restriction: && (< net452) (>= netstandard1.5)
    MongoDB.Libmongocrypt (1.0) - restriction: || (>= net452) (>= netstandard1.5)
      NETStandard.Library (>= 1.6.1) - restriction: && (< net452) (>= netstandard1.5)
    NETStandard.Library (2.0.3) - restriction: || (&& (< net40) (>= net461)) (&& (< net40) (< netcoreapp2.1) (>= netstandard2.0) (< netstandard2.1)) (&& (< net45) (>= net452) (>= netstandard1.3) (< netstandard2.0)) (&& (< net45) (>= net461) (>= netstandard1.6)) (&& (< net45) (>= netstandard1.5) (< netstandard2.0)) (&& (< net45) (>= netstandard2.0)) (&& (< net452) (>= netstandard1.5)) (&& (>= netcoreapp3.1) (< netstandard1.3)) (&& (>= netcoreapp3.1) (< netstandard2.0)) (>= netcoreapp5.0)
      Microsoft.NETCore.Platforms (>= 1.1) - restriction: || (&& (>= net45) (< netstandard1.3)) (&& (< net45) (>= netstandard1.1) (< netstandard1.2) (< win8)) (&& (< net45) (>= netstandard1.2) (< netstandard1.3) (< win8) (< wpa81)) (&& (< net45) (>= netstandard1.3) (< netstandard1.4) (< win8) (< wpa81)) (&& (< net45) (>= netstandard1.4) (< netstandard1.5) (< win8) (< wpa81)) (&& (< net45) (>= netstandard1.5) (< netstandard1.6) (< win8) (< wpa81)) (&& (< net45) (>= netstandard1.6) (< netstandard2.0) (< win8) (< wpa81)) (&& (< net45) (>= netstandard2.0)) (&& (>= net46) (< netstandard1.4)) (>= net461) (>= netcoreapp2.0) (&& (>= netstandard1.0) (< portable-net45+win8+wpa81)) (&& (< netstandard1.0) (>= portable-net45+win8) (< win8)) (&& (< netstandard1.0) (< portable-net45+win8) (>= portable-net45+win8+wpa81)) (&& (< netstandard1.0) (>= portable-net45+win8+wp8+wpa81) (< portable-net45+win8+wpa81)) (&& (< netstandard1.0) (>= win8)) (&& (< netstandard1.3) (< win8) (>= wpa81)) (&& (< netstandard1.5) (>= uap10.0)) (>= uap10.1) (>= wp8)
      Microsoft.Win32.Primitives (>= 4.3) - restriction: || (&& (< net45) (>= netstandard1.3) (< netstandard1.4) (< win8) (< wpa81)) (&& (< net45) (>= netstandard1.4) (< netstandard1.5) (< win8) (< wpa81)) (&& (< net45) (>= netstandard1.5) (< netstandard1.6) (< win8) (< wpa81)) (&& (< net45) (>= netstandard1.6) (< netstandard2.0) (< win8) (< wpa81)) (&& (>= net46) (< netstandard1.4)) (&& (< netstandard1.5) (>= uap10.0) (< uap10.1))
      System.AppContext (>= 4.3) - restriction: || (&& (< net45) (>= netstandard1.3) (< netstandard1.4) (< win8) (< wpa81)) (&& (< net45) (>= netstandard1.4) (< netstandard1.5) (< win8) (< wpa81)) (&& (< net45) (>= netstandard1.5) (< netstandard1.6) (< win8) (< wpa81)) (&& (< net45) (>= netstandard1.6) (< netstandard2.0) (< win8) (< wpa81)) (&& (>= net46) (< netstandard1.4)) (&& (< netstandard1.5) (>= uap10.0) (< uap10.1))
      System.Collections (>= 4.3) - restriction: || (&& (< net45) (>= netstandard1.1) (< netstandard1.2) (< win8)) (&& (< net45) (>= netstandard1.2) (< netstandard1.3) (< win8) (< wpa81)) (&& (< net45) (>= netstandard1.3) (< netstandard1.4) (< win8) (< wpa81)) (&& (< net45) (>= netstandard1.4) (< netstandard1.5) (< win8) (< wpa81)) (&& (< net45) (>= netstandard1.5) (< netstandard1.6) (< win8) (< wpa81)) (&& (< net45) (>= netstandard1.6) (< netstandard2.0) (< win8) (< wpa81)) (&& (>= netstandard1.0) (< portable-net45+win8+wpa81) (< wp8)) (&& (< netstandard1.5) (>= uap10.0) (< uap10.1))
      System.Collections.Concurrent (>= 4.3) - restriction: || (&& (< net45) (>= netstandard1.1) (< netstandard1.2) (< win8)) (&& (< net45) (>= netstandard1.2) (< netstandard1.3) (< win8) (< wpa81)) (&& (< net45) (>= netstandard1.3) (< netstandard1.4) (< win8) (< wpa81)) (&& (< net45) (>= netstandard1.4) (< netstandard1.5) (< win8) (< wpa81)) (&& (< net45) (>= netstandard1.5) (< netstandard1.6) (< win8) (< wpa81)) (&& (< net45) (>= netstandard1.6) (< netstandard2.0) (< win8) (< wpa81)) (&& (< netstandard1.5) (>= uap10.0) (< uap10.1))
      System.Console (>= 4.3) - restriction: || (&& (< net45) (>= netstandard1.3) (< netstandard1.4) (< win8) (< wpa81)) (&& (< net45) (>= netstandard1.4) (< netstandard1.5) (< win8) (< wpa81)) (&& (< net45) (>= netstandard1.5) (< netstandard1.6) (< win8) (< wpa81)) (&& (< net45) (>= netstandard1.6) (< netstandard2.0) (< win8) (< wpa81)) (&& (>= net46) (< netstandard1.4)) (&& (< netstandard1.5) (>= uap10.0) (< uap10.1))
      System.Diagnostics.Debug (>= 4.3) - restriction: || (&& (< net45) (>= netstandard1.1) (< netstandard1.2) (< win8)) (&& (< net45) (>= netstandard1.2) (< netstandard1.3) (< win8) (< wpa81)) (&& (< net45) (>= netstandard1.3) (< netstandard1.4) (< win8) (< wpa81)) (&& (< net45) (>= netstandard1.4) (< netstandard1.5) (< win8) (< wpa81)) (&& (< net45) (>= netstandard1.5) (< netstandard1.6) (< win8) (< wpa81)) (&& (< net45) (>= netstandard1.6) (< netstandard2.0) (< win8) (< wpa81)) (&& (>= netstandard1.0) (< portable-net45+win8+wpa81) (< wp8)) (&& (< netstandard1.5) (>= uap10.0) (< uap10.1))
      System.Diagnostics.Tools (>= 4.3) - restriction: || (&& (< net45) (>= netstandard1.1) (< netstandard1.2) (< win8)) (&& (< net45) (>= netstandard1.2) (< netstandard1.3) (< win8) (< wpa81)) (&& (< net45) (>= netstandard1.3) (< netstandard1.4) (< win8) (< wpa81)) (&& (< net45) (>= netstandard1.4) (< netstandard1.5) (< win8) (< wpa81)) (&& (< net45) (>= netstandard1.5) (< netstandard1.6) (< win8) (< wpa81)) (&& (< net45) (>= netstandard1.6) (< netstandard2.0) (< win8) (< wpa81)) (&& (>= netstandard1.0) (< portable-net45+win8+wpa81) (< wp8)) (&& (< netstandard1.5) (>= uap10.0) (< uap10.1))
      System.Diagnostics.Tracing (>= 4.3) - restriction: || (&& (< net45) (>= netstandard1.1) (< netstandard1.2) (< win8)) (&& (< net45) (>= netstandard1.2) (< netstandard1.3) (< win8) (< wpa81)) (&& (< net45) (>= netstandard1.3) (< netstandard1.4) (< win8) (< wpa81)) (&& (< net45) (>= netstandard1.4) (< netstandard1.5) (< win8) (< wpa81)) (&& (< net45) (>= netstandard1.5) (< netstandard1.6) (< win8) (< wpa81)) (&& (< net45) (>= netstandard1.6) (< netstandard2.0) (< win8) (< wpa81)) (&& (< netstandard1.5) (>= uap10.0) (< uap10.1))
      System.Globalization (>= 4.3) - restriction: || (&& (< net45) (>= netstandard1.1) (< netstandard1.2) (< win8)) (&& (< net45) (>= netstandard1.2) (< netstandard1.3) (< win8) (< wpa81)) (&& (< net45) (>= netstandard1.3) (< netstandard1.4) (< win8) (< wpa81)) (&& (< net45) (>= netstandard1.4) (< netstandard1.5) (< win8) (< wpa81)) (&& (< net45) (>= netstandard1.5) (< netstandard1.6) (< win8) (< wpa81)) (&& (< net45) (>= netstandard1.6) (< netstandard2.0) (< win8) (< wpa81)) (&& (>= netstandard1.0) (< portable-net45+win8+wpa81) (< wp8)) (&& (< netstandard1.5) (>= uap10.0) (< uap10.1))
      System.Globalization.Calendars (>= 4.3) - restriction: || (&& (< net45) (>= netstandard1.3) (< netstandard1.4) (< win8) (< wpa81)) (&& (< net45) (>= netstandard1.4) (< netstandard1.5) (< win8) (< wpa81)) (&& (< net45) (>= netstandard1.5) (< netstandard1.6) (< win8) (< wpa81)) (&& (< net45) (>= netstandard1.6) (< netstandard2.0) (< win8) (< wpa81)) (&& (>= net46) (< netstandard1.4)) (&& (< netstandard1.5) (>= uap10.0) (< uap10.1))
      System.IO (>= 4.3) - restriction: || (&& (< net45) (>= netstandard1.1) (< netstandard1.2) (< win8)) (&& (< net45) (>= netstandard1.2) (< netstandard1.3) (< win8) (< wpa81)) (&& (< net45) (>= netstandard1.3) (< netstandard1.4) (< win8) (< wpa81)) (&& (< net45) (>= netstandard1.4) (< netstandard1.5) (< win8) (< wpa81)) (&& (< net45) (>= netstandard1.5) (< netstandard1.6) (< win8) (< wpa81)) (&& (< net45) (>= netstandard1.6) (< netstandard2.0) (< win8) (< wpa81)) (&& (>= netstandard1.0) (< portable-net45+win8+wpa81) (< wp8)) (&& (< netstandard1.5) (>= uap10.0) (< uap10.1))
      System.IO.Compression (>= 4.3) - restriction: || (&& (< net45) (>= netstandard1.1) (< netstandard1.2) (< win8)) (&& (< net45) (>= netstandard1.2) (< netstandard1.3) (< win8) (< wpa81)) (&& (< net45) (>= netstandard1.3) (< netstandard1.4) (< win8) (< wpa81)) (&& (< net45) (>= netstandard1.4) (< netstandard1.5) (< win8) (< wpa81)) (&& (< net45) (>= netstandard1.5) (< netstandard1.6) (< win8) (< wpa81)) (&& (< net45) (>= netstandard1.6) (< netstandard2.0) (< win8) (< wpa81)) (&& (>= net46) (< netstandard1.4)) (&& (< netstandard1.5) (>= uap10.0) (< uap10.1))
      System.IO.Compression.ZipFile (>= 4.3) - restriction: || (&& (< net45) (>= netstandard1.3) (< netstandard1.4) (< win8) (< wpa81)) (&& (< net45) (>= netstandard1.4) (< netstandard1.5) (< win8) (< wpa81)) (&& (< net45) (>= netstandard1.5) (< netstandard1.6) (< win8) (< wpa81)) (&& (< net45) (>= netstandard1.6) (< netstandard2.0) (< win8) (< wpa81)) (&& (>= net46) (< netstandard1.4)) (&& (< netstandard1.5) (>= uap10.0) (< uap10.1))
      System.IO.FileSystem (>= 4.3) - restriction: || (&& (< net45) (>= netstandard1.3) (< netstandard1.4) (< win8) (< wpa81)) (&& (< net45) (>= netstandard1.4) (< netstandard1.5) (< win8) (< wpa81)) (&& (< net45) (>= netstandard1.5) (< netstandard1.6) (< win8) (< wpa81)) (&& (< net45) (>= netstandard1.6) (< netstandard2.0) (< win8) (< wpa81)) (&& (>= net46) (< netstandard1.4)) (&& (< netstandard1.5) (>= uap10.0) (< uap10.1))
      System.IO.FileSystem.Primitives (>= 4.3) - restriction: || (&& (< net45) (>= netstandard1.3) (< netstandard1.4) (< win8) (< wpa81)) (&& (< net45) (>= netstandard1.4) (< netstandard1.5) (< win8) (< wpa81)) (&& (< net45) (>= netstandard1.5) (< netstandard1.6) (< win8) (< wpa81)) (&& (< net45) (>= netstandard1.6) (< netstandard2.0) (< win8) (< wpa81)) (&& (>= net46) (< netstandard1.4)) (&& (< netstandard1.5) (>= uap10.0) (< uap10.1))
      System.Linq (>= 4.3) - restriction: || (&& (< net45) (>= netstandard1.1) (< netstandard1.2) (< win8)) (&& (< net45) (>= netstandard1.2) (< netstandard1.3) (< win8) (< wpa81)) (&& (< net45) (>= netstandard1.3) (< netstandard1.4) (< win8) (< wpa81)) (&& (< net45) (>= netstandard1.4) (< netstandard1.5) (< win8) (< wpa81)) (&& (< net45) (>= netstandard1.5) (< netstandard1.6) (< win8) (< wpa81)) (&& (< net45) (>= netstandard1.6) (< netstandard2.0) (< win8) (< wpa81)) (&& (>= netstandard1.0) (< portable-net45+win8+wpa81) (< wp8)) (&& (< netstandard1.5) (>= uap10.0) (< uap10.1))
      System.Linq.Expressions (>= 4.3) - restriction: || (&& (< net45) (>= netstandard1.1) (< netstandard1.2) (< win8)) (&& (< net45) (>= netstandard1.2) (< netstandard1.3) (< win8) (< wpa81)) (&& (< net45) (>= netstandard1.3) (< netstandard1.4) (< win8) (< wpa81)) (&& (< net45) (>= netstandard1.4) (< netstandard1.5) (< win8) (< wpa81)) (&& (< net45) (>= netstandard1.5) (< netstandard1.6) (< win8) (< wpa81)) (&& (< net45) (>= netstandard1.6) (< netstandard2.0) (< win8) (< wpa81)) (&& (>= netstandard1.0) (< portable-net45+win8+wpa81) (< wp8)) (&& (< netstandard1.5) (>= uap10.0) (< uap10.1))
      System.Net.Http (>= 4.3.2) - restriction: || (&& (< net45) (>= netstandard1.1) (< netstandard1.2) (< win8)) (&& (< net45) (>= netstandard1.2) (< netstandard1.3) (< win8) (< wpa81)) (&& (< net45) (>= netstandard1.3) (< netstandard1.4) (< win8) (< wpa81)) (&& (< net45) (>= netstandard1.4) (< netstandard1.5) (< win8) (< wpa81)) (&& (< net45) (>= netstandard1.5) (< netstandard1.6) (< win8) (< wpa81)) (&& (< net45) (>= netstandard1.6) (< netstandard2.0) (< win8) (< wpa81)) (&& (>= net46) (< netstandard1.4)) (&& (< netstandard1.5) (>= uap10.0) (< uap10.1))
      System.Net.Primitives (>= 4.3) - restriction: || (&& (< net45) (>= netstandard1.1) (< netstandard1.2) (< win8)) (&& (< net45) (>= netstandard1.2) (< netstandard1.3) (< win8) (< wpa81)) (&& (< net45) (>= netstandard1.3) (< netstandard1.4) (< win8) (< wpa81)) (&& (< net45) (>= netstandard1.4) (< netstandard1.5) (< win8) (< wpa81)) (&& (< net45) (>= netstandard1.5) (< netstandard1.6) (< win8) (< wpa81)) (&& (< net45) (>= netstandard1.6) (< netstandard2.0) (< win8) (< wpa81)) (&& (>= netstandard1.0) (< portable-net45+win8+wpa81) (< wp8)) (&& (< netstandard1.5) (>= uap10.0) (< uap10.1))
      System.Net.Sockets (>= 4.3) - restriction: || (&& (< net45) (>= netstandard1.3) (< netstandard1.4) (< win8) (< wpa81)) (&& (< net45) (>= netstandard1.4) (< netstandard1.5) (< win8) (< wpa81)) (&& (< net45) (>= netstandard1.5) (< netstandard1.6) (< win8) (< wpa81)) (&& (< net45) (>= netstandard1.6) (< netstandard2.0) (< win8) (< wpa81)) (&& (>= net46) (< netstandard1.4)) (&& (< netstandard1.5) (>= uap10.0) (< uap10.1))
      System.ObjectModel (>= 4.3) - restriction: || (&& (< net45) (>= netstandard1.1) (< netstandard1.2) (< win8)) (&& (< net45) (>= netstandard1.2) (< netstandard1.3) (< win8) (< wpa81)) (&& (< net45) (>= netstandard1.3) (< netstandard1.4) (< win8) (< wpa81)) (&& (< net45) (>= netstandard1.4) (< netstandard1.5) (< win8) (< wpa81)) (&& (< net45) (>= netstandard1.5) (< netstandard1.6) (< win8) (< wpa81)) (&& (< net45) (>= netstandard1.6) (< netstandard2.0) (< win8) (< wpa81)) (&& (>= netstandard1.0) (< portable-net45+win8+wpa81) (< wp8)) (&& (< netstandard1.5) (>= uap10.0) (< uap10.1))
      System.Reflection (>= 4.3) - restriction: || (&& (< net45) (>= netstandard1.1) (< netstandard1.2) (< win8)) (&& (< net45) (>= netstandard1.2) (< netstandard1.3) (< win8) (< wpa81)) (&& (< net45) (>= netstandard1.3) (< netstandard1.4) (< win8) (< wpa81)) (&& (< net45) (>= netstandard1.4) (< netstandard1.5) (< win8) (< wpa81)) (&& (< net45) (>= netstandard1.5) (< netstandard1.6) (< win8) (< wpa81)) (&& (< net45) (>= netstandard1.6) (< netstandard2.0) (< win8) (< wpa81)) (&& (>= netstandard1.0) (< portable-net45+win8+wpa81) (< wp8)) (&& (< netstandard1.5) (>= uap10.0) (< uap10.1))
      System.Reflection.Extensions (>= 4.3) - restriction: || (&& (< net45) (>= netstandard1.1) (< netstandard1.2) (< win8)) (&& (< net45) (>= netstandard1.2) (< netstandard1.3) (< win8) (< wpa81)) (&& (< net45) (>= netstandard1.3) (< netstandard1.4) (< win8) (< wpa81)) (&& (< net45) (>= netstandard1.4) (< netstandard1.5) (< win8) (< wpa81)) (&& (< net45) (>= netstandard1.5) (< netstandard1.6) (< win8) (< wpa81)) (&& (< net45) (>= netstandard1.6) (< netstandard2.0) (< win8) (< wpa81)) (&& (>= netstandard1.0) (< portable-net45+win8+wpa81) (< wp8)) (&& (< netstandard1.5) (>= uap10.0) (< uap10.1))
      System.Reflection.Primitives (>= 4.3) - restriction: || (&& (< net45) (>= netstandard1.1) (< netstandard1.2) (< win8)) (&& (< net45) (>= netstandard1.2) (< netstandard1.3) (< win8) (< wpa81)) (&& (< net45) (>= netstandard1.3) (< netstandard1.4) (< win8) (< wpa81)) (&& (< net45) (>= netstandard1.4) (< netstandard1.5) (< win8) (< wpa81)) (&& (< net45) (>= netstandard1.5) (< netstandard1.6) (< win8) (< wpa81)) (&& (< net45) (>= netstandard1.6) (< netstandard2.0) (< win8) (< wpa81)) (&& (>= netstandard1.0) (< portable-net45+win8+wpa81) (< wp8)) (&& (< netstandard1.5) (>= uap10.0) (< uap10.1))
      System.Resources.ResourceManager (>= 4.3) - restriction: || (&& (< net45) (>= netstandard1.1) (< netstandard1.2) (< win8)) (&& (< net45) (>= netstandard1.2) (< netstandard1.3) (< win8) (< wpa81)) (&& (< net45) (>= netstandard1.3) (< netstandard1.4) (< win8) (< wpa81)) (&& (< net45) (>= netstandard1.4) (< netstandard1.5) (< win8) (< wpa81)) (&& (< net45) (>= netstandard1.5) (< netstandard1.6) (< win8) (< wpa81)) (&& (< net45) (>= netstandard1.6) (< netstandard2.0) (< win8) (< wpa81)) (&& (>= netstandard1.0) (< portable-net45+win8+wpa81) (< wp8)) (&& (< netstandard1.5) (>= uap10.0) (< uap10.1))
      System.Runtime (>= 4.3) - restriction: || (&& (< net45) (>= netstandard1.1) (< netstandard1.2) (< win8)) (&& (< net45) (>= netstandard1.2) (< netstandard1.3) (< win8) (< wpa81)) (&& (< net45) (>= netstandard1.3) (< netstandard1.4) (< win8) (< wpa81)) (&& (< net45) (>= netstandard1.4) (< netstandard1.5) (< win8) (< wpa81)) (&& (< net45) (>= netstandard1.5) (< netstandard1.6) (< win8) (< wpa81)) (&& (< net45) (>= netstandard1.6) (< netstandard2.0) (< win8) (< wpa81)) (&& (>= netstandard1.0) (< portable-net45+win8+wpa81) (< wp8)) (&& (< netstandard1.5) (>= uap10.0) (< uap10.1))
      System.Runtime.Extensions (>= 4.3) - restriction: || (&& (< net45) (>= netstandard1.1) (< netstandard1.2) (< win8)) (&& (< net45) (>= netstandard1.2) (< netstandard1.3) (< win8) (< wpa81)) (&& (< net45) (>= netstandard1.3) (< netstandard1.4) (< win8) (< wpa81)) (&& (< net45) (>= netstandard1.4) (< netstandard1.5) (< win8) (< wpa81)) (&& (< net45) (>= netstandard1.5) (< netstandard1.6) (< win8) (< wpa81)) (&& (< net45) (>= netstandard1.6) (< netstandard2.0) (< win8) (< wpa81)) (&& (>= netstandard1.0) (< portable-net45+win8+wpa81) (< wp8)) (&& (< netstandard1.5) (>= uap10.0) (< uap10.1))
      System.Runtime.Handles (>= 4.3) - restriction: || (&& (< net45) (>= netstandard1.3) (< netstandard1.4) (< win8) (< wpa81)) (&& (< net45) (>= netstandard1.4) (< netstandard1.5) (< win8) (< wpa81)) (&& (< net45) (>= netstandard1.5) (< netstandard1.6) (< win8) (< wpa81)) (&& (< net45) (>= netstandard1.6) (< netstandard2.0) (< win8) (< wpa81)) (&& (< netstandard1.5) (>= uap10.0) (< uap10.1))
      System.Runtime.InteropServices (>= 4.3) - restriction: || (&& (< net45) (>= netstandard1.1) (< netstandard1.2) (< win8)) (&& (< net45) (>= netstandard1.2) (< netstandard1.3) (< win8) (< wpa81)) (&& (< net45) (>= netstandard1.3) (< netstandard1.4) (< win8) (< wpa81)) (&& (< net45) (>= netstandard1.4) (< netstandard1.5) (< win8) (< wpa81)) (&& (< net45) (>= netstandard1.5) (< netstandard1.6) (< win8) (< wpa81)) (&& (< net45) (>= netstandard1.6) (< netstandard2.0) (< win8) (< wpa81)) (&& (< netstandard1.5) (>= uap10.0) (< uap10.1))
      System.Runtime.InteropServices.RuntimeInformation (>= 4.3) - restriction: || (&& (>= net45) (< netstandard1.3)) (&& (< net45) (>= netstandard1.1) (< netstandard1.2) (< win8)) (&& (< net45) (>= netstandard1.2) (< netstandard1.3) (< win8) (< wpa81)) (&& (< net45) (>= netstandard1.3) (< netstandard1.4) (< win8) (< wpa81)) (&& (< net45) (>= netstandard1.4) (< netstandard1.5) (< win8) (< wpa81)) (&& (< net45) (>= netstandard1.5) (< netstandard1.6) (< win8) (< wpa81)) (&& (< net45) (>= netstandard1.6) (< netstandard2.0) (< win8) (< wpa81)) (&& (>= net46) (< netstandard1.4)) (&& (< netstandard1.0) (>= portable-net45+win8) (< win8)) (&& (< netstandard1.0) (< portable-net45+win8) (>= portable-net45+win8+wpa81)) (&& (< netstandard1.0) (>= win8)) (&& (< netstandard1.3) (< win8) (>= wpa81)) (&& (< netstandard1.5) (>= uap10.0) (< uap10.1))
      System.Runtime.Numerics (>= 4.3) - restriction: || (&& (< net45) (>= netstandard1.1) (< netstandard1.2) (< win8)) (&& (< net45) (>= netstandard1.2) (< netstandard1.3) (< win8) (< wpa81)) (&& (< net45) (>= netstandard1.3) (< netstandard1.4) (< win8) (< wpa81)) (&& (< net45) (>= netstandard1.4) (< netstandard1.5) (< win8) (< wpa81)) (&& (< net45) (>= netstandard1.5) (< netstandard1.6) (< win8) (< wpa81)) (&& (< net45) (>= netstandard1.6) (< netstandard2.0) (< win8) (< wpa81)) (&& (< netstandard1.5) (>= uap10.0) (< uap10.1))
      System.Security.Cryptography.Algorithms (>= 4.3) - restriction: || (&& (< net45) (>= netstandard1.3) (< netstandard1.4) (< win8) (< wpa81)) (&& (< net45) (>= netstandard1.4) (< netstandard1.5) (< win8) (< wpa81)) (&& (< net45) (>= netstandard1.5) (< netstandard1.6) (< win8) (< wpa81)) (&& (< net45) (>= netstandard1.6) (< netstandard2.0) (< win8) (< wpa81)) (&& (>= net46) (< netstandard1.4)) (&& (< netstandard1.5) (>= uap10.0) (< uap10.1))
      System.Security.Cryptography.Encoding (>= 4.3) - restriction: || (&& (< net45) (>= netstandard1.3) (< netstandard1.4) (< win8) (< wpa81)) (&& (< net45) (>= netstandard1.4) (< netstandard1.5) (< win8) (< wpa81)) (&& (< net45) (>= netstandard1.5) (< netstandard1.6) (< win8) (< wpa81)) (&& (< net45) (>= netstandard1.6) (< netstandard2.0) (< win8) (< wpa81)) (&& (>= net46) (< netstandard1.4)) (&& (< netstandard1.5) (>= uap10.0) (< uap10.1))
      System.Security.Cryptography.Primitives (>= 4.3) - restriction: || (&& (< net45) (>= netstandard1.3) (< netstandard1.4) (< win8) (< wpa81)) (&& (< net45) (>= netstandard1.4) (< netstandard1.5) (< win8) (< wpa81)) (&& (< net45) (>= netstandard1.5) (< netstandard1.6) (< win8) (< wpa81)) (&& (< net45) (>= netstandard1.6) (< netstandard2.0) (< win8) (< wpa81)) (&& (>= net46) (< netstandard1.4)) (&& (< netstandard1.5) (>= uap10.0) (< uap10.1))
      System.Security.Cryptography.X509Certificates (>= 4.3) - restriction: || (&& (< net45) (>= netstandard1.3) (< netstandard1.4) (< win8) (< wpa81)) (&& (< net45) (>= netstandard1.4) (< netstandard1.5) (< win8) (< wpa81)) (&& (< net45) (>= netstandard1.5) (< netstandard1.6) (< win8) (< wpa81)) (&& (< net45) (>= netstandard1.6) (< netstandard2.0) (< win8) (< wpa81)) (&& (>= net46) (< netstandard1.4)) (&& (< netstandard1.5) (>= uap10.0) (< uap10.1))
      System.Text.Encoding (>= 4.3) - restriction: || (&& (< net45) (>= netstandard1.1) (< netstandard1.2) (< win8)) (&& (< net45) (>= netstandard1.2) (< netstandard1.3) (< win8) (< wpa81)) (&& (< net45) (>= netstandard1.3) (< netstandard1.4) (< win8) (< wpa81)) (&& (< net45) (>= netstandard1.4) (< netstandard1.5) (< win8) (< wpa81)) (&& (< net45) (>= netstandard1.5) (< netstandard1.6) (< win8) (< wpa81)) (&& (< net45) (>= netstandard1.6) (< netstandard2.0) (< win8) (< wpa81)) (&& (>= netstandard1.0) (< portable-net45+win8+wpa81) (< wp8)) (&& (< netstandard1.5) (>= uap10.0) (< uap10.1))
      System.Text.Encoding.Extensions (>= 4.3) - restriction: || (&& (< net45) (>= netstandard1.1) (< netstandard1.2) (< win8)) (&& (< net45) (>= netstandard1.2) (< netstandard1.3) (< win8) (< wpa81)) (&& (< net45) (>= netstandard1.3) (< netstandard1.4) (< win8) (< wpa81)) (&& (< net45) (>= netstandard1.4) (< netstandard1.5) (< win8) (< wpa81)) (&& (< net45) (>= netstandard1.5) (< netstandard1.6) (< win8) (< wpa81)) (&& (< net45) (>= netstandard1.6) (< netstandard2.0) (< win8) (< wpa81)) (&& (>= netstandard1.0) (< portable-net45+win8+wpa81) (< wp8)) (&& (< netstandard1.5) (>= uap10.0) (< uap10.1))
      System.Text.RegularExpressions (>= 4.3) - restriction: || (&& (< net45) (>= netstandard1.1) (< netstandard1.2) (< win8)) (&& (< net45) (>= netstandard1.2) (< netstandard1.3) (< win8) (< wpa81)) (&& (< net45) (>= netstandard1.3) (< netstandard1.4) (< win8) (< wpa81)) (&& (< net45) (>= netstandard1.4) (< netstandard1.5) (< win8) (< wpa81)) (&& (< net45) (>= netstandard1.5) (< netstandard1.6) (< win8) (< wpa81)) (&& (< net45) (>= netstandard1.6) (< netstandard2.0) (< win8) (< wpa81)) (&& (>= netstandard1.0) (< portable-net45+win8+wpa81) (< wp8)) (&& (< netstandard1.5) (>= uap10.0) (< uap10.1))
      System.Threading (>= 4.3) - restriction: || (&& (< net45) (>= netstandard1.1) (< netstandard1.2) (< win8)) (&& (< net45) (>= netstandard1.2) (< netstandard1.3) (< win8) (< wpa81)) (&& (< net45) (>= netstandard1.3) (< netstandard1.4) (< win8) (< wpa81)) (&& (< net45) (>= netstandard1.4) (< netstandard1.5) (< win8) (< wpa81)) (&& (< net45) (>= netstandard1.5) (< netstandard1.6) (< win8) (< wpa81)) (&& (< net45) (>= netstandard1.6) (< netstandard2.0) (< win8) (< wpa81)) (&& (>= netstandard1.0) (< portable-net45+win8+wpa81) (< wp8)) (&& (< netstandard1.5) (>= uap10.0) (< uap10.1))
      System.Threading.Tasks (>= 4.3) - restriction: || (&& (< net45) (>= netstandard1.1) (< netstandard1.2) (< win8)) (&& (< net45) (>= netstandard1.2) (< netstandard1.3) (< win8) (< wpa81)) (&& (< net45) (>= netstandard1.3) (< netstandard1.4) (< win8) (< wpa81)) (&& (< net45) (>= netstandard1.4) (< netstandard1.5) (< win8) (< wpa81)) (&& (< net45) (>= netstandard1.5) (< netstandard1.6) (< win8) (< wpa81)) (&& (< net45) (>= netstandard1.6) (< netstandard2.0) (< win8) (< wpa81)) (&& (>= netstandard1.0) (< portable-net45+win8+wpa81) (< wp8)) (&& (< netstandard1.5) (>= uap10.0) (< uap10.1))
      System.Threading.Timer (>= 4.3) - restriction: || (&& (< net45) (>= netstandard1.2) (< netstandard1.3) (< win8) (< wpa81)) (&& (< net45) (>= netstandard1.3) (< netstandard1.4) (< win8) (< wpa81)) (&& (< net45) (>= netstandard1.4) (< netstandard1.5) (< win8) (< wpa81)) (&& (< net45) (>= netstandard1.5) (< netstandard1.6) (< win8) (< wpa81)) (&& (< net45) (>= netstandard1.6) (< netstandard2.0) (< win8) (< wpa81)) (&& (< netstandard1.5) (>= uap10.0) (< uap10.1))
      System.Xml.ReaderWriter (>= 4.3) - restriction: || (&& (< net45) (>= netstandard1.1) (< netstandard1.2) (< win8)) (&& (< net45) (>= netstandard1.2) (< netstandard1.3) (< win8) (< wpa81)) (&& (< net45) (>= netstandard1.3) (< netstandard1.4) (< win8) (< wpa81)) (&& (< net45) (>= netstandard1.4) (< netstandard1.5) (< win8) (< wpa81)) (&& (< net45) (>= netstandard1.5) (< netstandard1.6) (< win8) (< wpa81)) (&& (< net45) (>= netstandard1.6) (< netstandard2.0) (< win8) (< wpa81)) (&& (>= net46) (< netstandard1.4)) (&& (>= netstandard1.0) (< portable-net45+win8+wpa81) (< wp8)) (&& (< netstandard1.5) (>= uap10.0) (< uap10.1))
      System.Xml.XDocument (>= 4.3) - restriction: || (&& (< net45) (>= netstandard1.1) (< netstandard1.2) (< win8)) (&& (< net45) (>= netstandard1.2) (< netstandard1.3) (< win8) (< wpa81)) (&& (< net45) (>= netstandard1.3) (< netstandard1.4) (< win8) (< wpa81)) (&& (< net45) (>= netstandard1.4) (< netstandard1.5) (< win8) (< wpa81)) (&& (< net45) (>= netstandard1.5) (< netstandard1.6) (< win8) (< wpa81)) (&& (< net45) (>= netstandard1.6) (< netstandard2.0) (< win8) (< wpa81)) (&& (>= netstandard1.0) (< portable-net45+win8+wpa81) (< wp8)) (&& (< netstandard1.5) (>= uap10.0) (< uap10.1))
    Newtonsoft.Json (12.0.3) - restriction: || (>= net461) (>= netstandard2.0)
    Ply (0.3.1)
      FSharp.Core (>= 4.6.2) - restriction: >= netstandard2.0
      System.Threading.Tasks.Extensions (>= 4.5.4) - restriction: >= netstandard2.0
    runtime.debian.8-x64.runtime.native.System.Security.Cryptography.OpenSsl (4.3.3) - restriction: || (&& (< monoandroid) (< monotouch) (< net45) (>= netstandard1.6) (< netstandard2.0) (< win8) (< wpa81) (< xamarintvos) (< xamarinwatchos)) (&& (< monoandroid) (< net45) (< netstandard1.2) (>= netstandard1.6) (< win8)) (&& (< monoandroid) (< net45) (< netstandard1.3) (>= netstandard1.6) (< win8) (< wpa81)) (&& (< monoandroid) (< net45) (< netstandard1.4) (>= netstandard1.6) (< win8) (< wpa81)) (&& (< net45) (>= net46) (< netstandard1.4) (>= netstandard1.6))
    runtime.debian.9-x64.runtime.native.System.Security.Cryptography.OpenSsl (4.3.3) - restriction: || (&& (< monoandroid) (< monotouch) (< net45) (>= netstandard1.6) (< netstandard2.0) (< win8) (< wpa81) (< xamarintvos) (< xamarinwatchos)) (&& (< monoandroid) (< net45) (< netstandard1.2) (>= netstandard1.6) (< win8)) (&& (< monoandroid) (< net45) (< netstandard1.3) (>= netstandard1.6) (< win8) (< wpa81)) (&& (< monoandroid) (< net45) (< netstandard1.4) (>= netstandard1.6) (< win8) (< wpa81)) (&& (< net45) (>= net46) (< netstandard1.4) (>= netstandard1.6))
    runtime.fedora.23-x64.runtime.native.System.Security.Cryptography.OpenSsl (4.3.3) - restriction: || (&& (< monoandroid) (< monotouch) (< net45) (>= netstandard1.6) (< netstandard2.0) (< win8) (< wpa81) (< xamarintvos) (< xamarinwatchos)) (&& (< monoandroid) (< net45) (< netstandard1.2) (>= netstandard1.6) (< win8)) (&& (< monoandroid) (< net45) (< netstandard1.3) (>= netstandard1.6) (< win8) (< wpa81)) (&& (< monoandroid) (< net45) (< netstandard1.4) (>= netstandard1.6) (< win8) (< wpa81)) (&& (< net45) (>= net46) (< netstandard1.4) (>= netstandard1.6))
    runtime.fedora.24-x64.runtime.native.System.Security.Cryptography.OpenSsl (4.3.3) - restriction: || (&& (< monoandroid) (< monotouch) (< net45) (>= netstandard1.6) (< netstandard2.0) (< win8) (< wpa81) (< xamarintvos) (< xamarinwatchos)) (&& (< monoandroid) (< net45) (< netstandard1.2) (>= netstandard1.6) (< win8)) (&& (< monoandroid) (< net45) (< netstandard1.3) (>= netstandard1.6) (< win8) (< wpa81)) (&& (< monoandroid) (< net45) (< netstandard1.4) (>= netstandard1.6) (< win8) (< wpa81)) (&& (< net45) (>= net46) (< netstandard1.4) (>= netstandard1.6))
    runtime.fedora.27-x64.runtime.native.System.Security.Cryptography.OpenSsl (4.3.3) - restriction: || (&& (< monoandroid) (< monotouch) (< net45) (>= netstandard1.6) (< netstandard2.0) (< win8) (< wpa81) (< xamarintvos) (< xamarinwatchos)) (&& (< monoandroid) (< net45) (< netstandard1.2) (>= netstandard1.6) (< win8)) (&& (< monoandroid) (< net45) (< netstandard1.3) (>= netstandard1.6) (< win8) (< wpa81)) (&& (< monoandroid) (< net45) (< netstandard1.4) (>= netstandard1.6) (< win8) (< wpa81)) (&& (< net45) (>= net46) (< netstandard1.4) (>= netstandard1.6))
    runtime.fedora.28-x64.runtime.native.System.Security.Cryptography.OpenSsl (4.3.3) - restriction: || (&& (< monoandroid) (< monotouch) (< net45) (>= netstandard1.6) (< netstandard2.0) (< win8) (< wpa81) (< xamarintvos) (< xamarinwatchos)) (&& (< monoandroid) (< net45) (< netstandard1.2) (>= netstandard1.6) (< win8)) (&& (< monoandroid) (< net45) (< netstandard1.3) (>= netstandard1.6) (< win8) (< wpa81)) (&& (< monoandroid) (< net45) (< netstandard1.4) (>= netstandard1.6) (< win8) (< wpa81)) (&& (< net45) (>= net46) (< netstandard1.4) (>= netstandard1.6))
    runtime.native.System (4.3.1) - restriction: || (&& (< monoandroid) (< monotouch) (< net45) (>= netstandard1.6) (< netstandard2.0) (< win8) (< wpa81) (< xamarintvos) (< xamarinwatchos)) (&& (< monoandroid) (< monotouch) (< net452) (< netcoreapp5.0) (>= netstandard1.6) (< xamarinios) (< xamarinmac) (< xamarintvos) (< xamarinwatchos)) (&& (< monoandroid) (< monotouch) (< net452) (>= netstandard1.5) (< xamarinios) (< xamarinmac) (< xamarintvos) (< xamarinwatchos)) (&& (< monoandroid) (< net45) (< netstandard1.2) (>= netstandard1.5) (< win8)) (&& (< monoandroid) (< net45) (< netstandard1.2) (>= netstandard1.6) (< win8)) (&& (< monoandroid) (< net45) (< netstandard1.3) (>= netstandard1.5) (< win8) (< wpa81)) (&& (< monoandroid) (< net45) (< netstandard1.3) (>= netstandard1.6) (< win8) (< wpa81)) (&& (< monoandroid) (< net45) (< netstandard1.4) (>= netstandard1.5) (< win8) (< wpa81)) (&& (< monoandroid) (< net45) (< netstandard1.4) (>= netstandard1.6) (< win8) (< wpa81)) (&& (< monoandroid) (< net45) (>= netstandard1.5) (< netstandard1.6) (< win8) (< wpa81)) (&& (< net45) (>= net46) (< netstandard1.4) (>= netstandard1.5)) (&& (< net45) (>= net46) (< netstandard1.4) (>= netstandard1.6))
      Microsoft.NETCore.Platforms (>= 1.1.1)
      Microsoft.NETCore.Targets (>= 1.1.3)
    runtime.native.System.IO.Compression (4.3.2) - restriction: || (&& (< monoandroid) (< monotouch) (< net45) (>= netstandard1.6) (< netstandard2.0) (< win8) (< wpa81) (< xamarintvos) (< xamarinwatchos)) (&& (< monoandroid) (< net45) (< netstandard1.2) (>= netstandard1.5) (< win8)) (&& (< monoandroid) (< net45) (< netstandard1.3) (>= netstandard1.5) (< win8) (< wpa81)) (&& (< monoandroid) (< net45) (< netstandard1.4) (>= netstandard1.5) (< win8) (< wpa81)) (&& (< monoandroid) (< net45) (>= netstandard1.5) (< netstandard1.6) (< win8) (< wpa81)) (&& (< net45) (>= net46) (< netstandard1.4) (>= netstandard1.5)) (&& (>= netcoreapp5.0) (< netstandard1.2)) (&& (>= netcoreapp5.0) (< netstandard1.3)) (&& (>= netcoreapp5.0) (< netstandard1.4)) (&& (>= netcoreapp5.0) (< netstandard1.6)) (&& (>= netcoreapp5.0) (< netstandard2.0))
      Microsoft.NETCore.Platforms (>= 1.1.1)
      Microsoft.NETCore.Targets (>= 1.1.3)
    runtime.native.System.Net.Http (4.3.1) - restriction: || (&& (< monoandroid) (< monotouch) (< net45) (>= netstandard1.6) (< netstandard2.0) (< win8) (< wpa81) (< xamarintvos) (< xamarinwatchos)) (&& (< monoandroid) (< net45) (< netstandard1.2) (>= netstandard1.6) (< win8)) (&& (< monoandroid) (< net45) (< netstandard1.3) (>= netstandard1.6) (< win8) (< wpa81)) (&& (< monoandroid) (< net45) (< netstandard1.4) (>= netstandard1.6) (< win8) (< wpa81)) (&& (< net45) (>= net46) (< netstandard1.4) (>= netstandard1.6))
      Microsoft.NETCore.Platforms (>= 1.1.1)
      Microsoft.NETCore.Targets (>= 1.1.3)
    runtime.native.System.Net.Security (4.3.1) - restriction: && (< monoandroid) (< monotouch) (< net452) (< netcoreapp5.0) (>= netstandard1.6) (< xamarinios) (< xamarinmac) (< xamarintvos) (< xamarinwatchos)
      Microsoft.NETCore.Platforms (>= 1.1.1)
      Microsoft.NETCore.Targets (>= 1.1.3)
    runtime.native.System.Security.Cryptography.Apple (4.3.1) - restriction: || (&& (< monoandroid) (< monotouch) (< net45) (>= netstandard1.6) (< netstandard2.0) (< win8) (< wpa81) (< xamarintvos) (< xamarinwatchos)) (&& (< monoandroid) (< net45) (< netstandard1.4) (>= netstandard1.6) (< win8) (< wpa81)) (&& (< net452) (>= net46) (< netstandard1.4) (>= netstandard1.6))
      runtime.osx.10.10-x64.runtime.native.System.Security.Cryptography.Apple (>= 4.3.1)
    runtime.native.System.Security.Cryptography.OpenSsl (4.3.3) - restriction: || (&& (< monoandroid) (< monotouch) (< net45) (>= netstandard1.6) (< netstandard2.0) (< win8) (< wpa81) (< xamarintvos) (< xamarinwatchos)) (&& (< monoandroid) (< monotouch) (< net452) (< netcoreapp5.0) (>= netstandard1.6) (< xamarinios) (< xamarinmac) (< xamarintvos) (< xamarinwatchos)) (&& (< monoandroid) (< net45) (< netstandard1.2) (>= netstandard1.6) (< win8)) (&& (< monoandroid) (< net45) (< netstandard1.3) (>= netstandard1.6) (< win8) (< wpa81)) (&& (< monoandroid) (< net45) (< netstandard1.4) (>= netstandard1.5) (< win8) (< wpa81)) (&& (< monoandroid) (< net45) (< netstandard1.4) (>= netstandard1.6) (< win8) (< wpa81)) (&& (< monoandroid) (< net45) (>= netstandard1.5) (< netstandard1.6) (< win8) (< wpa81)) (&& (< net45) (>= net46) (< netstandard1.4) (>= netstandard1.6)) (&& (< net452) (>= net46) (< netstandard1.4) (>= netstandard1.5))
      runtime.debian.8-x64.runtime.native.System.Security.Cryptography.OpenSsl (>= 4.3.3)
      runtime.debian.9-x64.runtime.native.System.Security.Cryptography.OpenSsl (>= 4.3.3)
      runtime.fedora.23-x64.runtime.native.System.Security.Cryptography.OpenSsl (>= 4.3.3)
      runtime.fedora.24-x64.runtime.native.System.Security.Cryptography.OpenSsl (>= 4.3.3)
      runtime.fedora.27-x64.runtime.native.System.Security.Cryptography.OpenSsl (>= 4.3.3)
      runtime.fedora.28-x64.runtime.native.System.Security.Cryptography.OpenSsl (>= 4.3.3)
      runtime.opensuse.13.2-x64.runtime.native.System.Security.Cryptography.OpenSsl (>= 4.3.3)
      runtime.opensuse.42.1-x64.runtime.native.System.Security.Cryptography.OpenSsl (>= 4.3.3)
      runtime.opensuse.42.3-x64.runtime.native.System.Security.Cryptography.OpenSsl (>= 4.3.3)
      runtime.osx.10.10-x64.runtime.native.System.Security.Cryptography.OpenSsl (>= 4.3.3)
      runtime.rhel.7-x64.runtime.native.System.Security.Cryptography.OpenSsl (>= 4.3.3)
      runtime.ubuntu.14.04-x64.runtime.native.System.Security.Cryptography.OpenSsl (>= 4.3.3)
      runtime.ubuntu.16.04-x64.runtime.native.System.Security.Cryptography.OpenSsl (>= 4.3.3)
      runtime.ubuntu.16.10-x64.runtime.native.System.Security.Cryptography.OpenSsl (>= 4.3.3)
      runtime.ubuntu.18.04-x64.runtime.native.System.Security.Cryptography.OpenSsl (>= 4.3.3)
    runtime.opensuse.13.2-x64.runtime.native.System.Security.Cryptography.OpenSsl (4.3.3) - restriction: || (&& (< monoandroid) (< monotouch) (< net45) (>= netstandard1.6) (< netstandard2.0) (< win8) (< wpa81) (< xamarintvos) (< xamarinwatchos)) (&& (< monoandroid) (< net45) (< netstandard1.2) (>= netstandard1.6) (< win8)) (&& (< monoandroid) (< net45) (< netstandard1.3) (>= netstandard1.6) (< win8) (< wpa81)) (&& (< monoandroid) (< net45) (< netstandard1.4) (>= netstandard1.6) (< win8) (< wpa81)) (&& (< net45) (>= net46) (< netstandard1.4) (>= netstandard1.6))
    runtime.opensuse.42.1-x64.runtime.native.System.Security.Cryptography.OpenSsl (4.3.3) - restriction: || (&& (< monoandroid) (< monotouch) (< net45) (>= netstandard1.6) (< netstandard2.0) (< win8) (< wpa81) (< xamarintvos) (< xamarinwatchos)) (&& (< monoandroid) (< net45) (< netstandard1.2) (>= netstandard1.6) (< win8)) (&& (< monoandroid) (< net45) (< netstandard1.3) (>= netstandard1.6) (< win8) (< wpa81)) (&& (< monoandroid) (< net45) (< netstandard1.4) (>= netstandard1.6) (< win8) (< wpa81)) (&& (< net45) (>= net46) (< netstandard1.4) (>= netstandard1.6))
    runtime.opensuse.42.3-x64.runtime.native.System.Security.Cryptography.OpenSsl (4.3.3) - restriction: || (&& (< monoandroid) (< monotouch) (< net45) (>= netstandard1.6) (< netstandard2.0) (< win8) (< wpa81) (< xamarintvos) (< xamarinwatchos)) (&& (< monoandroid) (< net45) (< netstandard1.2) (>= netstandard1.6) (< win8)) (&& (< monoandroid) (< net45) (< netstandard1.3) (>= netstandard1.6) (< win8) (< wpa81)) (&& (< monoandroid) (< net45) (< netstandard1.4) (>= netstandard1.6) (< win8) (< wpa81)) (&& (< net45) (>= net46) (< netstandard1.4) (>= netstandard1.6))
    runtime.osx.10.10-x64.runtime.native.System.Security.Cryptography.Apple (4.3.1) - restriction: || (&& (< monoandroid) (< monotouch) (< net45) (>= netstandard1.6) (< netstandard2.0) (< win8) (< wpa81) (< xamarintvos) (< xamarinwatchos)) (&& (< monoandroid) (< net45) (< netstandard1.4) (>= netstandard1.6) (< win8) (< wpa81)) (&& (< net452) (>= net46) (< netstandard1.4) (>= netstandard1.6))
    runtime.osx.10.10-x64.runtime.native.System.Security.Cryptography.OpenSsl (4.3.3) - restriction: || (&& (< monoandroid) (< monotouch) (< net45) (>= netstandard1.6) (< netstandard2.0) (< win8) (< wpa81) (< xamarintvos) (< xamarinwatchos)) (&& (< monoandroid) (< net45) (< netstandard1.2) (>= netstandard1.6) (< win8)) (&& (< monoandroid) (< net45) (< netstandard1.3) (>= netstandard1.6) (< win8) (< wpa81)) (&& (< monoandroid) (< net45) (< netstandard1.4) (>= netstandard1.6) (< win8) (< wpa81)) (&& (< net45) (>= net46) (< netstandard1.4) (>= netstandard1.6))
    runtime.rhel.7-x64.runtime.native.System.Security.Cryptography.OpenSsl (4.3.3) - restriction: || (&& (< monoandroid) (< monotouch) (< net45) (>= netstandard1.6) (< netstandard2.0) (< win8) (< wpa81) (< xamarintvos) (< xamarinwatchos)) (&& (< monoandroid) (< net45) (< netstandard1.2) (>= netstandard1.6) (< win8)) (&& (< monoandroid) (< net45) (< netstandard1.3) (>= netstandard1.6) (< win8) (< wpa81)) (&& (< monoandroid) (< net45) (< netstandard1.4) (>= netstandard1.6) (< win8) (< wpa81)) (&& (< net45) (>= net46) (< netstandard1.4) (>= netstandard1.6))
    runtime.ubuntu.14.04-x64.runtime.native.System.Security.Cryptography.OpenSsl (4.3.3) - restriction: || (&& (< monoandroid) (< monotouch) (< net45) (>= netstandard1.6) (< netstandard2.0) (< win8) (< wpa81) (< xamarintvos) (< xamarinwatchos)) (&& (< monoandroid) (< net45) (< netstandard1.2) (>= netstandard1.6) (< win8)) (&& (< monoandroid) (< net45) (< netstandard1.3) (>= netstandard1.6) (< win8) (< wpa81)) (&& (< monoandroid) (< net45) (< netstandard1.4) (>= netstandard1.6) (< win8) (< wpa81)) (&& (< net45) (>= net46) (< netstandard1.4) (>= netstandard1.6))
    runtime.ubuntu.16.04-x64.runtime.native.System.Security.Cryptography.OpenSsl (4.3.3) - restriction: || (&& (< monoandroid) (< monotouch) (< net45) (>= netstandard1.6) (< netstandard2.0) (< win8) (< wpa81) (< xamarintvos) (< xamarinwatchos)) (&& (< monoandroid) (< net45) (< netstandard1.2) (>= netstandard1.6) (< win8)) (&& (< monoandroid) (< net45) (< netstandard1.3) (>= netstandard1.6) (< win8) (< wpa81)) (&& (< monoandroid) (< net45) (< netstandard1.4) (>= netstandard1.6) (< win8) (< wpa81)) (&& (< net45) (>= net46) (< netstandard1.4) (>= netstandard1.6))
    runtime.ubuntu.16.10-x64.runtime.native.System.Security.Cryptography.OpenSsl (4.3.3) - restriction: || (&& (< monoandroid) (< monotouch) (< net45) (>= netstandard1.6) (< netstandard2.0) (< win8) (< wpa81) (< xamarintvos) (< xamarinwatchos)) (&& (< monoandroid) (< net45) (< netstandard1.2) (>= netstandard1.6) (< win8)) (&& (< monoandroid) (< net45) (< netstandard1.3) (>= netstandard1.6) (< win8) (< wpa81)) (&& (< monoandroid) (< net45) (< netstandard1.4) (>= netstandard1.6) (< win8) (< wpa81)) (&& (< net45) (>= net46) (< netstandard1.4) (>= netstandard1.6))
    runtime.ubuntu.18.04-x64.runtime.native.System.Security.Cryptography.OpenSsl (4.3.3) - restriction: || (&& (< monoandroid) (< monotouch) (< net45) (>= netstandard1.6) (< netstandard2.0) (< win8) (< wpa81) (< xamarintvos) (< xamarinwatchos)) (&& (< monoandroid) (< net45) (< netstandard1.2) (>= netstandard1.6) (< win8)) (&& (< monoandroid) (< net45) (< netstandard1.3) (>= netstandard1.6) (< win8) (< wpa81)) (&& (< monoandroid) (< net45) (< netstandard1.4) (>= netstandard1.6) (< win8) (< wpa81)) (&& (< net45) (>= net46) (< netstandard1.4) (>= netstandard1.6))
    SharpCompress (0.25.1) - restriction: || (>= net452) (>= netstandard1.5)
      NETStandard.Library (>= 1.6.1) - restriction: && (< net46) (>= netstandard1.3) (< netstandard2.0)
      System.Memory (>= 4.5.4) - restriction: || (>= net46) (&& (>= netstandard1.3) (< netstandard2.0)) (&& (>= netstandard2.0) (< netstandard2.1))
      System.Text.Encoding.CodePages (>= 4.7.1) - restriction: || (&& (< net46) (>= netstandard1.3) (< netstandard2.0)) (&& (< net46) (>= netstandard2.0)) (>= netstandard2.1)
    Snappy.NET (1.1.1.8) - restriction: >= net452
      Crc32C.NET (>= 1.0.5)
    System.AppContext (4.3) - restriction: || (&& (< net45) (< netstandard1.4) (>= netstandard1.5) (< win8) (< wpa81)) (&& (< net45) (>= netstandard1.5) (< netstandard1.6) (< win8) (< wpa81)) (&& (< net45) (>= netstandard1.6) (< netstandard2.0) (< win8) (< wpa81)) (&& (< net452) (>= net46) (< netstandard1.4) (>= netstandard1.5))
      System.Runtime (>= 4.3) - restriction: || (&& (< monoandroid) (< monotouch) (< net46) (>= netstandard1.6) (< xamarinios) (< xamarinmac) (< xamarintvos) (< xamarinwatchos)) (&& (< monoandroid) (< net46) (>= netstandard1.3) (< netstandard1.6)) (>= netcoreapp5.0)
    System.Buffers (4.5.1) - restriction: || (&& (>= monoandroid) (>= netstandard2.0)) (&& (< monoandroid) (< monotouch) (< net45) (>= netstandard1.6) (< netstandard2.0) (< win8) (< wpa81) (< xamarintvos) (< xamarinwatchos)) (&& (< monoandroid) (< net45) (< netstandard1.2) (>= netstandard1.5) (< win8)) (&& (< monoandroid) (< net45) (< netstandard1.3) (>= netstandard1.5) (< win8) (< wpa81)) (&& (< monoandroid) (< net45) (< netstandard1.4) (>= netstandard1.5) (< win8) (< wpa81)) (&& (< monoandroid) (< net45) (>= netstandard1.5) (< netstandard1.6) (< win8) (< wpa81)) (&& (< monoandroid) (< net452) (< netcoreapp2.0) (>= netstandard2.0)) (&& (>= monotouch) (>= net452)) (&& (>= monotouch) (>= netstandard2.0)) (&& (< net20) (< netcoreapp2.0) (>= netstandard2.0) (< netstandard2.1)) (&& (< net20) (< netstandard1.1) (>= netstandard2.0) (< win8)) (&& (>= net45) (>= netstandard1.5) (< netstandard2.0)) (&& (< net45) (>= net452) (>= netstandard2.0)) (&& (< net45) (>= net46) (< netstandard1.4) (>= netstandard1.5)) (&& (< net45) (>= netstandard1.5) (< netstandard2.0)) (&& (< net45) (>= netstandard2.0) (< netstandard2.1)) (&& (>= net452) (< netstandard1.1)) (&& (>= net452) (< netstandard2.0)) (&& (>= net452) (>= xamarintvos)) (&& (>= net452) (>= xamarinwatchos)) (&& (< net46) (< netcoreapp2.0) (>= netstandard2.0)) (&& (>= net461) (>= netstandard2.0)) (&& (>= net461) (< netstandard2.0)) (>= net462) (&& (< netcoreapp3.0) (>= netstandard2.0)) (&& (>= netcoreapp5.0) (< netstandard1.2)) (&& (>= netcoreapp5.0) (< netstandard1.3)) (&& (>= netcoreapp5.0) (< netstandard1.4)) (&& (>= netcoreapp5.0) (< netstandard1.6)) (&& (>= netcoreapp5.0) (< netstandard2.0)) (&& (< netstandard1.1) (>= netstandard2.0) (>= win8)) (&& (>= netstandard2.0) (>= xamarintvos)) (&& (>= netstandard2.0) (>= xamarinwatchos)) (>= xamarinios) (>= xamarinmac)
    System.Collections (4.3) - restriction: || (&& (< monoandroid) (< monotouch) (< net45) (>= netstandard1.5) (< win8) (< wpa81) (< xamarinios) (< xamarinmac) (< xamarintvos) (< xamarinwatchos)) (&& (< monoandroid) (< monotouch) (< net452) (>= netstandard1.5) (< xamarinios) (< xamarinmac) (< xamarintvos) (< xamarinwatchos)) (&& (< monoandroid) (< net45) (< netstandard1.2) (>= netstandard1.6) (< win8)) (&& (< monoandroid) (< net45) (< netstandard1.3) (>= netstandard1.6) (< win8) (< wpa81)) (&& (< monoandroid) (< net45) (< netstandard1.4) (>= netstandard1.6) (< win8) (< wpa81)) (&& (< net45) (>= net46) (< netstandard1.4) (>= netstandard1.5)) (&& (< net45) (>= net46) (< netstandard1.4) (>= netstandard1.6)) (&& (< net45) (< netstandard1.2) (>= netstandard1.5) (< win8)) (&& (< net45) (< netstandard1.3) (>= netstandard1.5) (< win8) (< wpa81)) (&& (< net45) (< netstandard1.4) (>= netstandard1.5) (< win8) (< wpa81)) (&& (< net45) (>= netstandard1.5) (< netstandard1.6) (< win8) (< wpa81)) (&& (< net45) (>= netstandard1.6) (< netstandard2.0) (< win8) (< wpa81)) (&& (>= netcoreapp5.0) (< netstandard1.2)) (&& (>= netcoreapp5.0) (< netstandard1.3)) (&& (>= netcoreapp5.0) (< netstandard1.4)) (&& (>= netcoreapp5.0) (< netstandard1.6)) (&& (>= netcoreapp5.0) (< netstandard2.0)) (&& (>= netcoreapp5.0) (< portable-net45+win8+wpa81)) (&& (>= netstandard1.5) (< portable-net45+win8+wpa81)) (&& (>= netstandard1.6) (< portable-net45+win8+wpa81))
      Microsoft.NETCore.Platforms (>= 1.1) - restriction: || (&& (< monoandroid) (< monotouch) (< net45) (>= netstandard1.3) (< win8) (< wpa81) (< xamarinios) (< xamarinmac) (< xamarintvos) (< xamarinwatchos)) (&& (< monoandroid) (< net45) (>= netstandard1.0) (< netstandard1.3) (< win8) (< wp8) (< wpa81)) (>= netcoreapp5.0)
      Microsoft.NETCore.Targets (>= 1.1) - restriction: || (&& (< monoandroid) (< monotouch) (< net45) (>= netstandard1.3) (< win8) (< wpa81) (< xamarinios) (< xamarinmac) (< xamarintvos) (< xamarinwatchos)) (&& (< monoandroid) (< net45) (>= netstandard1.0) (< netstandard1.3) (< win8) (< wp8) (< wpa81)) (>= netcoreapp5.0)
      System.Runtime (>= 4.3) - restriction: || (&& (< monoandroid) (< monotouch) (< net45) (>= netstandard1.3) (< win8) (< wpa81) (< xamarinios) (< xamarinmac) (< xamarintvos) (< xamarinwatchos)) (&& (< monoandroid) (< net45) (>= netstandard1.0) (< netstandard1.3) (< win8) (< wp8) (< wpa81)) (>= netcoreapp5.0)
    System.Collections.Concurrent (4.3) - restriction: || (&& (< monoandroid) (< monotouch) (< net452) (< netcoreapp5.0) (>= netstandard1.6) (< xamarinios) (< xamarinmac) (< xamarintvos) (< xamarinwatchos)) (&& (< monoandroid) (< net452) (>= netstandard1.5) (< netstandard1.6)) (&& (< net45) (< netstandard1.2) (>= netstandard1.5) (< win8)) (&& (< net45) (< netstandard1.3) (>= netstandard1.5) (< win8) (< wpa81)) (&& (< net45) (< netstandard1.4) (>= netstandard1.5) (< win8) (< wpa81)) (&& (< net45) (>= netstandard1.5) (< netstandard1.6) (< win8) (< wpa81)) (&& (< net45) (>= netstandard1.6) (< netstandard2.0) (< win8) (< wpa81)) (&& (< net452) (>= net46) (< netstandard1.4) (>= netstandard1.5))
      System.Collections (>= 4.3) - restriction: || (&& (< monoandroid) (< monotouch) (< net45) (>= netstandard1.3) (< win8) (< wpa81) (< xamarinios) (< xamarinmac) (< xamarintvos) (< xamarinwatchos)) (>= netcoreapp5.0)
      System.Diagnostics.Debug (>= 4.3) - restriction: || (&& (< monoandroid) (< monotouch) (< net45) (>= netstandard1.3) (< win8) (< wpa81) (< xamarinios) (< xamarinmac) (< xamarintvos) (< xamarinwatchos)) (>= netcoreapp5.0)
      System.Diagnostics.Tracing (>= 4.3) - restriction: || (&& (< monoandroid) (< monotouch) (< net45) (>= netstandard1.3) (< win8) (< wpa81) (< xamarinios) (< xamarinmac) (< xamarintvos) (< xamarinwatchos)) (>= netcoreapp5.0)
      System.Globalization (>= 4.3) - restriction: || (&& (< monoandroid) (< monotouch) (< net45) (>= netstandard1.3) (< win8) (< wpa81) (< xamarinios) (< xamarinmac) (< xamarintvos) (< xamarinwatchos)) (>= netcoreapp5.0)
      System.Reflection (>= 4.3) - restriction: && (< monoandroid) (< monotouch) (< net45) (< netcoreapp5.0) (>= netstandard1.3) (< win8) (< wpa81) (< xamarinios) (< xamarinmac) (< xamarintvos) (< xamarinwatchos)
      System.Resources.ResourceManager (>= 4.3) - restriction: || (&& (< monoandroid) (< monotouch) (< net45) (>= netstandard1.3) (< win8) (< wpa81) (< xamarinios) (< xamarinmac) (< xamarintvos) (< xamarinwatchos)) (>= netcoreapp5.0)
      System.Runtime (>= 4.3) - restriction: || (&& (< monoandroid) (< monotouch) (< net45) (>= netstandard1.3) (< win8) (< wpa81) (< xamarinios) (< xamarinmac) (< xamarintvos) (< xamarinwatchos)) (&& (< monoandroid) (< net45) (>= netstandard1.1) (< netstandard1.3) (< win8) (< wpa81)) (>= netcoreapp5.0)
      System.Runtime.Extensions (>= 4.3) - restriction: || (&& (< monoandroid) (< monotouch) (< net45) (>= netstandard1.3) (< win8) (< wpa81) (< xamarinios) (< xamarinmac) (< xamarintvos) (< xamarinwatchos)) (>= netcoreapp5.0)
      System.Threading (>= 4.3) - restriction: || (&& (< monoandroid) (< monotouch) (< net45) (>= netstandard1.3) (< win8) (< wpa81) (< xamarinios) (< xamarinmac) (< xamarintvos) (< xamarinwatchos)) (>= netcoreapp5.0)
      System.Threading.Tasks (>= 4.3) - restriction: || (&& (< monoandroid) (< monotouch) (< net45) (>= netstandard1.3) (< win8) (< wpa81) (< xamarinios) (< xamarinmac) (< xamarintvos) (< xamarinwatchos)) (&& (< monoandroid) (< net45) (>= netstandard1.1) (< netstandard1.3) (< win8) (< wpa81)) (>= netcoreapp5.0)
    System.Collections.Immutable (1.7.1) - restriction: || (&& (< net45) (< netcoreapp3.0) (>= netstandard2.0)) (&& (>= net461) (>= netstandard2.0)) (&& (< netstandard1.1) (>= netstandard2.0) (>= win8)) (&& (< netstandard1.1) (>= netstandard2.0) (< win8))
      System.Memory (>= 4.5.4) - restriction: || (&& (< monoandroid) (< monotouch) (< net45) (>= netstandard1.3) (< netstandard2.0) (< win8) (< wpa81) (< xamarintvos) (< xamarinwatchos)) (&& (< monoandroid) (< net45) (< netcoreapp2.1) (>= netstandard2.0) (< xamarinios) (< xamarinmac)) (&& (>= net46) (< netstandard2.0)) (>= net461) (>= uap10.1)
    System.Collections.NonGeneric (4.3) - restriction: || (&& (< monoandroid) (< monotouch) (< net45) (>= netstandard1.5) (< win8) (< wpa81) (< xamarinios) (< xamarinmac) (< xamarintvos) (< xamarinwatchos)) (&& (< net452) (>= net462)) (&& (< net452) (>= netstandard1.5))
      System.Diagnostics.Debug (>= 4.3) - restriction: && (< monoandroid) (< monotouch) (< net46) (>= netstandard1.3) (< xamarinios) (< xamarinmac) (< xamarintvos) (< xamarinwatchos)
      System.Globalization (>= 4.3) - restriction: && (< monoandroid) (< monotouch) (< net46) (>= netstandard1.3) (< xamarinios) (< xamarinmac) (< xamarintvos) (< xamarinwatchos)
      System.Resources.ResourceManager (>= 4.3) - restriction: && (< monoandroid) (< monotouch) (< net46) (>= netstandard1.3) (< xamarinios) (< xamarinmac) (< xamarintvos) (< xamarinwatchos)
      System.Runtime (>= 4.3) - restriction: && (< monoandroid) (< monotouch) (< net46) (>= netstandard1.3) (< xamarinios) (< xamarinmac) (< xamarintvos) (< xamarinwatchos)
      System.Runtime.Extensions (>= 4.3) - restriction: && (< monoandroid) (< monotouch) (< net46) (>= netstandard1.3) (< xamarinios) (< xamarinmac) (< xamarintvos) (< xamarinwatchos)
      System.Threading (>= 4.3) - restriction: && (< monoandroid) (< monotouch) (< net46) (>= netstandard1.3) (< xamarinios) (< xamarinmac) (< xamarintvos) (< xamarinwatchos)
    System.Collections.Specialized (4.3) - restriction: || (&& (< monoandroid) (< monotouch) (< net45) (>= netstandard1.5) (< win8) (< wpa81) (< xamarinios) (< xamarinmac) (< xamarintvos) (< xamarinwatchos)) (&& (< net452) (>= netstandard1.5))
      System.Collections.NonGeneric (>= 4.3) - restriction: && (< monoandroid) (< monotouch) (< net46) (>= netstandard1.3) (< xamarinios) (< xamarinmac) (< xamarintvos) (< xamarinwatchos)
      System.Globalization (>= 4.3) - restriction: && (< monoandroid) (< monotouch) (< net46) (>= netstandard1.3) (< xamarinios) (< xamarinmac) (< xamarintvos) (< xamarinwatchos)
      System.Globalization.Extensions (>= 4.3) - restriction: && (< monoandroid) (< monotouch) (< net46) (>= netstandard1.3) (< xamarinios) (< xamarinmac) (< xamarintvos) (< xamarinwatchos)
      System.Resources.ResourceManager (>= 4.3) - restriction: && (< monoandroid) (< monotouch) (< net46) (>= netstandard1.3) (< xamarinios) (< xamarinmac) (< xamarintvos) (< xamarinwatchos)
      System.Runtime (>= 4.3) - restriction: && (< monoandroid) (< monotouch) (< net46) (>= netstandard1.3) (< xamarinios) (< xamarinmac) (< xamarintvos) (< xamarinwatchos)
      System.Runtime.Extensions (>= 4.3) - restriction: && (< monoandroid) (< monotouch) (< net46) (>= netstandard1.3) (< xamarinios) (< xamarinmac) (< xamarintvos) (< xamarinwatchos)
      System.Threading (>= 4.3) - restriction: && (< monoandroid) (< monotouch) (< net46) (>= netstandard1.3) (< xamarinios) (< xamarinmac) (< xamarintvos) (< xamarinwatchos)
    System.ComponentModel (4.3) - restriction: && (< monoandroid) (< monotouch) (< net45) (>= netstandard1.5) (< win8) (< wpa81) (< xamarinios) (< xamarinmac) (< xamarintvos) (< xamarinwatchos)
      System.Runtime (>= 4.3) - restriction: || (&& (< monoandroid) (< monotouch) (< net45) (>= netstandard1.3) (< win8) (< wpa81) (< xamarinios) (< xamarinmac) (< xamarintvos) (< xamarinwatchos)) (&& (< monoandroid) (< net45) (>= netstandard1.0) (< netstandard1.3) (< win8) (< wp8) (< wpa81)) (>= netcoreapp5.0)
    System.ComponentModel.Annotations (4.7) - restriction: || (&& (>= net461) (>= netstandard2.0)) (&& (< netcoreapp3.0) (>= netstandard2.0))
    System.ComponentModel.Primitives (4.3) - restriction: || (&& (< monoandroid) (< monotouch) (< net45) (>= netstandard1.5) (< win8) (< xamarinios) (< xamarinmac) (< xamarintvos) (< xamarinwatchos)) (&& (< net452) (>= net462)) (&& (< netstandard1.0) (>= netstandard1.5) (>= win8)) (&& (>= netstandard1.5) (>= wp8)) (&& (>= netstandard1.5) (>= wpa81))
      System.ComponentModel (>= 4.3) - restriction: && (< monoandroid) (< monotouch) (< net45) (>= netstandard1.0) (< win8) (< wp8) (< wpa81) (< xamarinios) (< xamarinmac) (< xamarintvos) (< xamarinwatchos)
      System.Resources.ResourceManager (>= 4.3) - restriction: && (< monoandroid) (< monotouch) (< net45) (>= netstandard1.0) (< win8) (< wp8) (< wpa81) (< xamarinios) (< xamarinmac) (< xamarintvos) (< xamarinwatchos)
      System.Runtime (>= 4.3) - restriction: && (< monoandroid) (< monotouch) (< net45) (>= netstandard1.0) (< win8) (< wp8) (< wpa81) (< xamarinios) (< xamarinmac) (< xamarintvos) (< xamarinwatchos)
    System.ComponentModel.TypeConverter (4.3) - restriction: && (< net452) (>= netstandard1.5)
      System.Collections (>= 4.3) - restriction: || (&& (< monoandroid) (< monotouch) (< net45) (>= netstandard1.5) (< win8) (< wpa81) (< xamarinios) (< xamarinmac) (< xamarintvos) (< xamarinwatchos)) (&& (< monoandroid) (< net45) (>= netstandard1.0) (< netstandard1.5) (< win8) (< wp8) (< wpa81))
      System.Collections.NonGeneric (>= 4.3) - restriction: || (&& (< monoandroid) (< monotouch) (< net45) (>= netstandard1.5) (< win8) (< wpa81) (< xamarinios) (< xamarinmac) (< xamarintvos) (< xamarinwatchos)) (>= net462)
      System.Collections.Specialized (>= 4.3) - restriction: && (< monoandroid) (< monotouch) (< net45) (>= netstandard1.5) (< win8) (< wpa81) (< xamarinios) (< xamarinmac) (< xamarintvos) (< xamarinwatchos)
      System.ComponentModel (>= 4.3) - restriction: || (&& (< monoandroid) (< monotouch) (< net45) (>= netstandard1.5) (< win8) (< wpa81) (< xamarinios) (< xamarinmac) (< xamarintvos) (< xamarinwatchos)) (&& (< monoandroid) (< net45) (>= netstandard1.0) (< netstandard1.5) (< win8) (< wp8) (< wpa81))
      System.ComponentModel.Primitives (>= 4.3) - restriction: || (&& (< monoandroid) (< monotouch) (< net45) (>= netstandard1.5) (< win8) (< xamarinios) (< xamarinmac) (< xamarintvos) (< xamarinwatchos)) (&& (< monoandroid) (< net45) (>= netstandard1.0) (< netstandard1.5) (< win8)) (&& (>= net45) (< netstandard1.5)) (>= net462) (&& (< netstandard1.0) (>= win8)) (>= wp8) (>= wpa81)
      System.Globalization (>= 4.3) - restriction: || (&& (< monoandroid) (< monotouch) (< net45) (>= netstandard1.5) (< win8) (< wpa81) (< xamarinios) (< xamarinmac) (< xamarintvos) (< xamarinwatchos)) (&& (< monoandroid) (< net45) (>= netstandard1.0) (< netstandard1.5) (< win8) (< wp8) (< wpa81))
      System.Linq (>= 4.3) - restriction: && (< monoandroid) (< monotouch) (< net45) (>= netstandard1.5) (< win8) (< wpa81) (< xamarinios) (< xamarinmac) (< xamarintvos) (< xamarinwatchos)
      System.Reflection (>= 4.3) - restriction: || (&& (< monoandroid) (< monotouch) (< net45) (>= netstandard1.5) (< win8) (< wpa81) (< xamarinios) (< xamarinmac) (< xamarintvos) (< xamarinwatchos)) (&& (< monoandroid) (< net45) (>= netstandard1.0) (< netstandard1.5) (< win8) (< wp8) (< wpa81))
      System.Reflection.Extensions (>= 4.3) - restriction: || (&& (< monoandroid) (< monotouch) (< net45) (>= netstandard1.5) (< win8) (< wpa81) (< xamarinios) (< xamarinmac) (< xamarintvos) (< xamarinwatchos)) (&& (< monoandroid) (< net45) (>= netstandard1.0) (< netstandard1.5) (< win8) (< wp8) (< wpa81))
      System.Reflection.Primitives (>= 4.3) - restriction: || (&& (< monoandroid) (< monotouch) (< net45) (>= netstandard1.5) (< win8) (< wpa81) (< xamarinios) (< xamarinmac) (< xamarintvos) (< xamarinwatchos)) (&& (< monoandroid) (< net45) (>= netstandard1.0) (< netstandard1.5) (< win8) (< wp8) (< wpa81))
      System.Reflection.TypeExtensions (>= 4.3) - restriction: && (< monoandroid) (< monotouch) (< net45) (>= netstandard1.5) (< win8) (< wpa81) (< xamarinios) (< xamarinmac) (< xamarintvos) (< xamarinwatchos)
      System.Resources.ResourceManager (>= 4.3) - restriction: || (&& (< monoandroid) (< monotouch) (< net45) (>= netstandard1.5) (< win8) (< wpa81) (< xamarinios) (< xamarinmac) (< xamarintvos) (< xamarinwatchos)) (&& (< monoandroid) (< net45) (>= netstandard1.0) (< netstandard1.5) (< win8) (< wp8) (< wpa81))
      System.Runtime (>= 4.3) - restriction: || (&& (< monoandroid) (< monotouch) (< net45) (>= netstandard1.5) (< win8) (< wpa81) (< xamarinios) (< xamarinmac) (< xamarintvos) (< xamarinwatchos)) (&& (< monoandroid) (< net45) (>= netstandard1.0) (< netstandard1.5) (< win8) (< wp8) (< wpa81))
      System.Runtime.Extensions (>= 4.3) - restriction: || (&& (< monoandroid) (< monotouch) (< net45) (>= netstandard1.5) (< win8) (< wpa81) (< xamarinios) (< xamarinmac) (< xamarintvos) (< xamarinwatchos)) (&& (< monoandroid) (< net45) (>= netstandard1.0) (< netstandard1.5) (< win8) (< wp8) (< wpa81))
      System.Threading (>= 4.3) - restriction: || (&& (< monoandroid) (< monotouch) (< net45) (>= netstandard1.5) (< win8) (< wpa81) (< xamarinios) (< xamarinmac) (< xamarintvos) (< xamarinwatchos)) (&& (< monoandroid) (< net45) (>= netstandard1.0) (< netstandard1.5) (< win8) (< wp8) (< wpa81))
    System.Console (4.3.1) - restriction: || (&& (< net45) (< netstandard1.4) (>= netstandard1.5) (< win8) (< wpa81)) (&& (< net45) (>= netstandard1.5) (< netstandard1.6) (< win8) (< wpa81)) (&& (< net45) (>= netstandard1.6) (< netstandard2.0) (< win8) (< wpa81)) (&& (< net452) (>= net46) (< netstandard1.4) (>= netstandard1.5))
      Microsoft.NETCore.Platforms (>= 1.1) - restriction: && (< monoandroid) (< monotouch) (< net46) (>= netstandard1.3) (< xamarinios) (< xamarinmac) (< xamarintvos) (< xamarinwatchos)
      Microsoft.NETCore.Targets (>= 1.1.2) - restriction: && (< monoandroid) (< monotouch) (< net46) (>= netstandard1.3) (< xamarinios) (< xamarinmac) (< xamarintvos) (< xamarinwatchos)
      System.IO (>= 4.3) - restriction: && (< monoandroid) (< monotouch) (< net46) (>= netstandard1.3) (< xamarinios) (< xamarinmac) (< xamarintvos) (< xamarinwatchos)
      System.Runtime (>= 4.3) - restriction: && (< monoandroid) (< monotouch) (< net46) (>= netstandard1.3) (< xamarinios) (< xamarinmac) (< xamarintvos) (< xamarinwatchos)
      System.Text.Encoding (>= 4.3) - restriction: && (< monoandroid) (< monotouch) (< net46) (>= netstandard1.3) (< xamarinios) (< xamarinmac) (< xamarintvos) (< xamarinwatchos)
    System.Diagnostics.Contracts (4.3) - restriction: >= netcoreapp5.0
      System.Runtime (>= 4.3) - restriction: || (&& (< monoandroid) (< monotouch) (< net45) (>= netstandard1.0) (< win8) (< wp8) (< wpa81) (< xamarinios) (< xamarinmac) (< xamarintvos) (< xamarinwatchos)) (>= netcoreapp5.0)
    System.Diagnostics.Debug (4.3) - restriction: || (&& (< monoandroid) (< monotouch) (< net45) (>= netstandard1.5) (< win8) (< wpa81) (< xamarinios) (< xamarinmac) (< xamarintvos) (< xamarinwatchos)) (&& (< monoandroid) (< monotouch) (< net452) (>= netstandard1.5) (< xamarinios) (< xamarinmac) (< xamarintvos) (< xamarinwatchos)) (&& (< monoandroid) (< net45) (< netstandard1.2) (>= netstandard1.6) (< win8)) (&& (< monoandroid) (< net45) (< netstandard1.3) (>= netstandard1.6) (< win8) (< wpa81)) (&& (< monoandroid) (< net45) (< netstandard1.4) (>= netstandard1.6) (< win8) (< wpa81)) (&& (< net45) (>= net46) (< netstandard1.4) (>= netstandard1.5)) (&& (< net45) (>= net46) (< netstandard1.4) (>= netstandard1.6)) (&& (< net45) (< netstandard1.2) (>= netstandard1.5) (< win8)) (&& (< net45) (< netstandard1.3) (>= netstandard1.5) (< win8) (< wpa81)) (&& (< net45) (< netstandard1.4) (>= netstandard1.5) (< win8) (< wpa81)) (&& (< net45) (>= netstandard1.5) (< netstandard1.6) (< win8) (< wpa81)) (&& (< net45) (>= netstandard1.6) (< netstandard2.0) (< win8) (< wpa81)) (>= netcoreapp5.0) (&& (>= netstandard1.5) (< portable-net45+win8+wpa81)) (&& (>= netstandard1.6) (< portable-net45+win8+wpa81))
      Microsoft.NETCore.Platforms (>= 1.1) - restriction: || (&& (< monoandroid) (< monotouch) (< net45) (>= netstandard1.3) (< win8) (< wpa81) (< xamarinios) (< xamarinmac) (< xamarintvos) (< xamarinwatchos)) (&& (< monoandroid) (< net45) (>= netstandard1.0) (< netstandard1.3) (< win8) (< wp8) (< wpa81)) (>= netcoreapp5.0)
      Microsoft.NETCore.Targets (>= 1.1) - restriction: || (&& (< monoandroid) (< monotouch) (< net45) (>= netstandard1.3) (< win8) (< wpa81) (< xamarinios) (< xamarinmac) (< xamarintvos) (< xamarinwatchos)) (&& (< monoandroid) (< net45) (>= netstandard1.0) (< netstandard1.3) (< win8) (< wp8) (< wpa81)) (>= netcoreapp5.0)
      System.Runtime (>= 4.3) - restriction: || (&& (< monoandroid) (< monotouch) (< net45) (>= netstandard1.3) (< win8) (< wpa81) (< xamarinios) (< xamarinmac) (< xamarintvos) (< xamarinwatchos)) (&& (< monoandroid) (< net45) (>= netstandard1.0) (< netstandard1.3) (< win8) (< wp8) (< wpa81)) (>= netcoreapp5.0)
    System.Diagnostics.DiagnosticSource (4.7.1) - restriction: || (&& (< monoandroid) (< monotouch) (< net45) (>= netstandard1.6) (< netstandard2.0) (< win8) (< wpa81) (< xamarintvos) (< xamarinwatchos)) (&& (< monoandroid) (< net45) (< netstandard1.2) (>= netstandard1.5) (< win8)) (&& (< monoandroid) (< net45) (< netstandard1.2) (>= netstandard1.6) (< win8)) (&& (< monoandroid) (< net45) (< netstandard1.3) (>= netstandard1.5) (< win8) (< wpa81)) (&& (< monoandroid) (< net45) (< netstandard1.3) (>= netstandard1.6) (< win8) (< wpa81)) (&& (< monoandroid) (< net45) (< netstandard1.4) (>= netstandard1.5) (< win8) (< wpa81)) (&& (< monoandroid) (< net45) (< netstandard1.4) (>= netstandard1.6) (< win8) (< wpa81)) (&& (< monoandroid) (< net45) (>= netstandard1.5) (< netstandard1.6) (< win8) (< wpa81)) (&& (< net45) (>= net46) (< netstandard1.4) (>= netstandard1.5)) (&& (< net45) (>= net46) (< netstandard1.4) (>= netstandard1.6)) (&& (>= net461) (>= netstandard2.0)) (&& (< netcoreapp3.0) (>= netstandard2.0)) (&& (>= netcoreapp5.0) (< netstandard1.2)) (&& (>= netcoreapp5.0) (< netstandard1.3)) (&& (>= netcoreapp5.0) (< netstandard1.4)) (&& (>= netcoreapp5.0) (< netstandard1.6)) (&& (>= netcoreapp5.0) (< netstandard2.0))
      System.Memory (>= 4.5.4) - restriction: || (&& (< monoandroid) (< monotouch) (< net45) (>= netstandard1.3) (< netstandard2.0) (< win8) (< wpa81) (< xamarintvos) (< xamarinwatchos)) (&& (< monoandroid) (< net45) (< netcoreapp2.1) (>= netstandard2.0) (< xamarinios) (< xamarinmac)) (&& (>= net45) (< netstandard1.3)) (>= net46) (>= uap10.1)
    System.Diagnostics.Process (4.3) - restriction: && (< net452) (>= netstandard1.5)
      Microsoft.NETCore.Platforms (>= 1.1) - restriction: && (< monoandroid) (< monotouch) (< net46) (< netcoreapp5.0) (>= netstandard1.4) (< xamarinios) (< xamarinmac) (< xamarintvos) (< xamarinwatchos)
      Microsoft.Win32.Primitives (>= 4.3) - restriction: && (< monoandroid) (< monotouch) (< net46) (< netcoreapp5.0) (>= netstandard1.4) (< xamarinios) (< xamarinmac) (< xamarintvos) (< xamarinwatchos)
      Microsoft.Win32.Registry (>= 4.3) - restriction: && (< monoandroid) (< monotouch) (< net46) (< netcoreapp5.0) (>= netstandard1.4) (< xamarinios) (< xamarinmac) (< xamarintvos) (< xamarinwatchos)
      runtime.native.System (>= 4.3) - restriction: && (< monoandroid) (< monotouch) (< net46) (< netcoreapp5.0) (>= netstandard1.4) (< xamarinios) (< xamarinmac) (< xamarintvos) (< xamarinwatchos)
      System.Collections (>= 4.3) - restriction: && (< monoandroid) (< monotouch) (< net46) (< netcoreapp5.0) (>= netstandard1.4) (< xamarinios) (< xamarinmac) (< xamarintvos) (< xamarinwatchos)
      System.Diagnostics.Debug (>= 4.3) - restriction: && (< monoandroid) (< monotouch) (< net46) (< netcoreapp5.0) (>= netstandard1.4) (< xamarinios) (< xamarinmac) (< xamarintvos) (< xamarinwatchos)
      System.Globalization (>= 4.3) - restriction: && (< monoandroid) (< monotouch) (< net46) (< netcoreapp5.0) (>= netstandard1.4) (< xamarinios) (< xamarinmac) (< xamarintvos) (< xamarinwatchos)
      System.IO (>= 4.3) - restriction: || (&& (< monoandroid) (< monotouch) (< net46) (< netcoreapp5.0) (>= netstandard1.4) (< xamarinios) (< xamarinmac) (< xamarintvos) (< xamarinwatchos)) (&& (< monoandroid) (< net46) (>= netstandard1.3) (< netstandard1.4))
      System.IO.FileSystem (>= 4.3) - restriction: && (< monoandroid) (< monotouch) (< net46) (< netcoreapp5.0) (>= netstandard1.4) (< xamarinios) (< xamarinmac) (< xamarintvos) (< xamarinwatchos)
      System.IO.FileSystem.Primitives (>= 4.3) - restriction: && (< monoandroid) (< monotouch) (< net46) (< netcoreapp5.0) (>= netstandard1.4) (< xamarinios) (< xamarinmac) (< xamarintvos) (< xamarinwatchos)
      System.Resources.ResourceManager (>= 4.3) - restriction: && (< monoandroid) (< monotouch) (< net46) (< netcoreapp5.0) (>= netstandard1.4) (< xamarinios) (< xamarinmac) (< xamarintvos) (< xamarinwatchos)
      System.Runtime (>= 4.3) - restriction: || (&& (< monoandroid) (< monotouch) (< net46) (< netcoreapp5.0) (>= netstandard1.4) (< xamarinios) (< xamarinmac) (< xamarintvos) (< xamarinwatchos)) (&& (< monoandroid) (< net46) (>= netstandard1.3) (< netstandard1.4))
      System.Runtime.Extensions (>= 4.3) - restriction: && (< monoandroid) (< monotouch) (< net46) (< netcoreapp5.0) (>= netstandard1.4) (< xamarinios) (< xamarinmac) (< xamarintvos) (< xamarinwatchos)
      System.Runtime.Handles (>= 4.3) - restriction: || (&& (< monoandroid) (< monotouch) (< net46) (< netcoreapp5.0) (>= netstandard1.4) (< xamarinios) (< xamarinmac) (< xamarintvos) (< xamarinwatchos)) (&& (< monoandroid) (< net46) (>= netstandard1.3) (< netstandard1.4))
      System.Runtime.InteropServices (>= 4.3) - restriction: && (< monoandroid) (< monotouch) (< net46) (< netcoreapp5.0) (>= netstandard1.4) (< xamarinios) (< xamarinmac) (< xamarintvos) (< xamarinwatchos)
      System.Text.Encoding (>= 4.3) - restriction: || (&& (< monoandroid) (< monotouch) (< net46) (< netcoreapp5.0) (>= netstandard1.4) (< xamarinios) (< xamarinmac) (< xamarintvos) (< xamarinwatchos)) (&& (< monoandroid) (< net46) (>= netstandard1.3) (< netstandard1.4))
      System.Text.Encoding.Extensions (>= 4.3) - restriction: && (< monoandroid) (< monotouch) (< net46) (< netcoreapp5.0) (>= netstandard1.4) (< xamarinios) (< xamarinmac) (< xamarintvos) (< xamarinwatchos)
      System.Threading (>= 4.3) - restriction: && (< monoandroid) (< monotouch) (< net46) (< netcoreapp5.0) (>= netstandard1.4) (< xamarinios) (< xamarinmac) (< xamarintvos) (< xamarinwatchos)
      System.Threading.Tasks (>= 4.3) - restriction: && (< monoandroid) (< monotouch) (< net46) (< netcoreapp5.0) (>= netstandard1.4) (< xamarinios) (< xamarinmac) (< xamarintvos) (< xamarinwatchos)
      System.Threading.Thread (>= 4.3) - restriction: && (< monoandroid) (< monotouch) (< net46) (< netcoreapp5.0) (>= netstandard1.4) (< xamarinios) (< xamarinmac) (< xamarintvos) (< xamarinwatchos)
      System.Threading.ThreadPool (>= 4.3) - restriction: && (< monoandroid) (< monotouch) (< net46) (< netcoreapp5.0) (>= netstandard1.4) (< xamarinios) (< xamarinmac) (< xamarintvos) (< xamarinwatchos)
    System.Diagnostics.TextWriterTraceListener (4.3) - restriction: && (< net452) (>= netstandard1.5)
      System.Diagnostics.TraceSource (>= 4.3) - restriction: || (&& (< monoandroid) (< monotouch) (>= netstandard1.3) (< xamarinios) (< xamarinmac) (< xamarintvos) (< xamarinwatchos)) (>= net46)
      System.Globalization (>= 4.3) - restriction: && (< monoandroid) (< monotouch) (< net46) (>= netstandard1.3) (< xamarinios) (< xamarinmac) (< xamarintvos) (< xamarinwatchos)
      System.IO (>= 4.3) - restriction: && (< monoandroid) (< monotouch) (< net46) (>= netstandard1.3) (< xamarinios) (< xamarinmac) (< xamarintvos) (< xamarinwatchos)
      System.Resources.ResourceManager (>= 4.3) - restriction: && (< monoandroid) (< monotouch) (< net46) (>= netstandard1.3) (< xamarinios) (< xamarinmac) (< xamarintvos) (< xamarinwatchos)
      System.Runtime (>= 4.3) - restriction: && (< monoandroid) (< monotouch) (< net46) (>= netstandard1.3) (< xamarinios) (< xamarinmac) (< xamarintvos) (< xamarinwatchos)
      System.Threading (>= 4.3) - restriction: && (< monoandroid) (< monotouch) (< net46) (>= netstandard1.3) (< xamarinios) (< xamarinmac) (< xamarintvos) (< xamarinwatchos)
    System.Diagnostics.Tools (4.3) - restriction: || (&& (< net45) (< netstandard1.2) (>= netstandard1.5) (< win8)) (&& (< net45) (< netstandard1.3) (>= netstandard1.5) (< win8) (< wpa81)) (&& (< net45) (< netstandard1.4) (>= netstandard1.5) (< win8) (< wpa81)) (&& (< net45) (>= netstandard1.5) (< netstandard1.6) (< win8) (< wpa81)) (&& (< net45) (>= netstandard1.6) (< netstandard2.0) (< win8) (< wpa81)) (&& (>= netcoreapp5.0) (< netstandard1.2)) (&& (>= netcoreapp5.0) (< netstandard1.3)) (&& (>= netcoreapp5.0) (< netstandard1.4)) (&& (>= netcoreapp5.0) (< netstandard1.6)) (&& (>= netcoreapp5.0) (< netstandard2.0)) (&& (>= netcoreapp5.0) (< portable-net45+win8+wpa81)) (&& (>= netstandard1.5) (< portable-net45+win8+wpa81))
      Microsoft.NETCore.Platforms (>= 1.1) - restriction: || (&& (< monoandroid) (< monotouch) (< net45) (>= netstandard1.0) (< win8) (< wp8) (< wpa81) (< xamarinios) (< xamarinmac) (< xamarintvos) (< xamarinwatchos)) (>= netcoreapp5.0)
      Microsoft.NETCore.Targets (>= 1.1) - restriction: || (&& (< monoandroid) (< monotouch) (< net45) (>= netstandard1.0) (< win8) (< wp8) (< wpa81) (< xamarinios) (< xamarinmac) (< xamarintvos) (< xamarinwatchos)) (>= netcoreapp5.0)
      System.Runtime (>= 4.3) - restriction: || (&& (< monoandroid) (< monotouch) (< net45) (>= netstandard1.0) (< win8) (< wp8) (< wpa81) (< xamarinios) (< xamarinmac) (< xamarintvos) (< xamarinwatchos)) (>= netcoreapp5.0)
    System.Diagnostics.TraceSource (4.3) - restriction: || (&& (< net45) (>= net452) (>= netstandard1.3) (< netstandard2.0)) (&& (< net45) (>= netstandard1.5) (< netstandard2.0)) (&& (< net452) (>= netstandard1.5))
      Microsoft.NETCore.Platforms (>= 1.1) - restriction: && (< monoandroid) (< monotouch) (< net46) (>= netstandard1.3) (< xamarinios) (< xamarinmac) (< xamarintvos) (< xamarinwatchos)
      runtime.native.System (>= 4.3) - restriction: && (< monoandroid) (< monotouch) (< net46) (>= netstandard1.3) (< xamarinios) (< xamarinmac) (< xamarintvos) (< xamarinwatchos)
      System.Collections (>= 4.3) - restriction: && (< monoandroid) (< monotouch) (< net46) (>= netstandard1.3) (< xamarinios) (< xamarinmac) (< xamarintvos) (< xamarinwatchos)
      System.Diagnostics.Debug (>= 4.3) - restriction: && (< monoandroid) (< monotouch) (< net46) (>= netstandard1.3) (< xamarinios) (< xamarinmac) (< xamarintvos) (< xamarinwatchos)
      System.Globalization (>= 4.3) - restriction: && (< monoandroid) (< monotouch) (< net46) (>= netstandard1.3) (< xamarinios) (< xamarinmac) (< xamarintvos) (< xamarinwatchos)
      System.Resources.ResourceManager (>= 4.3) - restriction: && (< monoandroid) (< monotouch) (< net46) (>= netstandard1.3) (< xamarinios) (< xamarinmac) (< xamarintvos) (< xamarinwatchos)
      System.Runtime (>= 4.3) - restriction: && (< monoandroid) (< monotouch) (< net46) (>= netstandard1.3) (< xamarinios) (< xamarinmac) (< xamarintvos) (< xamarinwatchos)
      System.Runtime.Extensions (>= 4.3) - restriction: && (< monoandroid) (< monotouch) (< net46) (>= netstandard1.3) (< xamarinios) (< xamarinmac) (< xamarintvos) (< xamarinwatchos)
      System.Threading (>= 4.3) - restriction: && (< monoandroid) (< monotouch) (< net46) (>= netstandard1.3) (< xamarinios) (< xamarinmac) (< xamarintvos) (< xamarinwatchos)
    System.Diagnostics.Tracing (4.3) - restriction: || (&& (< monoandroid) (< monotouch) (< net452) (>= netstandard1.5) (< xamarinios) (< xamarinmac) (< xamarintvos) (< xamarinwatchos)) (&& (< monoandroid) (< monotouch) (< net452) (>= netstandard1.6) (< xamarinios) (< xamarinmac) (< xamarintvos) (< xamarinwatchos)) (&& (< monoandroid) (< net45) (< netstandard1.2) (>= netstandard1.6) (< win8)) (&& (< monoandroid) (< net45) (< netstandard1.3) (>= netstandard1.6) (< win8) (< wpa81)) (&& (< monoandroid) (< net45) (< netstandard1.4) (>= netstandard1.6) (< win8) (< wpa81)) (&& (< monoandroid) (< net452) (>= netstandard1.5) (< netstandard1.6)) (&& (< net45) (>= net46) (< netstandard1.4) (>= netstandard1.5)) (&& (< net45) (>= net46) (< netstandard1.4) (>= netstandard1.6)) (&& (< net45) (< netstandard1.2) (>= netstandard1.5) (< win8)) (&& (< net45) (< netstandard1.3) (>= netstandard1.5) (< win8) (< wpa81)) (&& (< net45) (< netstandard1.4) (>= netstandard1.5) (< win8) (< wpa81)) (&& (< net45) (>= netstandard1.5) (< netstandard1.6) (< win8) (< wpa81)) (&& (< net45) (>= netstandard1.6) (< netstandard2.0) (< win8) (< wpa81)) (>= netcoreapp5.0)
      Microsoft.NETCore.Platforms (>= 1.1) - restriction: || (&& (< monoandroid) (< monotouch) (< net45) (>= netstandard1.5) (< win8) (< wpa81) (< xamarinios) (< xamarinmac) (< xamarintvos) (< xamarinwatchos)) (&& (< monoandroid) (< net45) (>= netstandard1.1) (< netstandard1.2) (< win8)) (&& (< monoandroid) (< net45) (>= netstandard1.2) (< netstandard1.3) (< win8) (< wpa81)) (&& (< monoandroid) (< net45) (>= netstandard1.3) (< netstandard1.5) (< win8) (< wpa81)) (>= netcoreapp5.0)
      Microsoft.NETCore.Targets (>= 1.1) - restriction: || (&& (< monoandroid) (< monotouch) (< net45) (>= netstandard1.5) (< win8) (< wpa81) (< xamarinios) (< xamarinmac) (< xamarintvos) (< xamarinwatchos)) (&& (< monoandroid) (< net45) (>= netstandard1.1) (< netstandard1.2) (< win8)) (&& (< monoandroid) (< net45) (>= netstandard1.2) (< netstandard1.3) (< win8) (< wpa81)) (&& (< monoandroid) (< net45) (>= netstandard1.3) (< netstandard1.5) (< win8) (< wpa81)) (>= netcoreapp5.0)
      System.Runtime (>= 4.3) - restriction: || (&& (< monoandroid) (< monotouch) (< net45) (>= netstandard1.5) (< win8) (< wpa81) (< xamarinios) (< xamarinmac) (< xamarintvos) (< xamarinwatchos)) (&& (< monoandroid) (< net45) (>= netstandard1.1) (< netstandard1.2) (< win8)) (&& (< monoandroid) (< net45) (>= netstandard1.2) (< netstandard1.3) (< win8) (< wpa81)) (&& (< monoandroid) (< net45) (>= netstandard1.3) (< netstandard1.5) (< win8) (< wpa81)) (>= netcoreapp5.0)
    System.Dynamic.Runtime (4.3) - restriction: || (&& (< net452) (>= netstandard1.5)) (&& (>= netcoreapp3.1) (< netstandard1.3)) (&& (>= netcoreapp3.1) (< netstandard2.0)) (>= netcoreapp5.0)
      System.Collections (>= 4.3) - restriction: || (&& (< monoandroid) (< monotouch) (< net45) (>= netstandard1.3) (< win8) (< wpa81) (< xamarinios) (< xamarinmac) (< xamarintvos) (< xamarinwatchos)) (>= netcoreapp5.0)
      System.Diagnostics.Debug (>= 4.3) - restriction: || (&& (< monoandroid) (< monotouch) (< net45) (>= netstandard1.3) (< win8) (< wpa81) (< xamarinios) (< xamarinmac) (< xamarintvos) (< xamarinwatchos)) (>= netcoreapp5.0)
      System.Globalization (>= 4.3) - restriction: >= netcoreapp5.0
      System.Linq (>= 4.3) - restriction: || (&& (< monoandroid) (< monotouch) (< net45) (>= netstandard1.3) (< win8) (< wpa81) (< xamarinios) (< xamarinmac) (< xamarintvos) (< xamarinwatchos)) (>= netcoreapp5.0)
      System.Linq.Expressions (>= 4.3) - restriction: || (&& (< monoandroid) (< monotouch) (< net45) (>= netstandard1.3) (< win8) (< wpa81) (< xamarinios) (< xamarinmac) (< xamarintvos) (< xamarinwatchos)) (&& (< monoandroid) (< net45) (>= netstandard1.0) (< netstandard1.3) (< win8) (< wp8) (< wpa81)) (>= netcoreapp5.0)
      System.ObjectModel (>= 4.3) - restriction: || (&& (< monoandroid) (< monotouch) (< net45) (>= netstandard1.3) (< win8) (< wpa81) (< xamarinios) (< xamarinmac) (< xamarintvos) (< xamarinwatchos)) (&& (< monoandroid) (< net45) (>= netstandard1.0) (< netstandard1.3) (< win8) (< wp8) (< wpa81)) (>= netcoreapp5.0)
      System.Reflection (>= 4.3) - restriction: || (&& (< monoandroid) (< monotouch) (< net45) (>= netstandard1.3) (< win8) (< wpa81) (< xamarinios) (< xamarinmac) (< xamarintvos) (< xamarinwatchos)) (&& (< monoandroid) (< net45) (>= netstandard1.0) (< netstandard1.3) (< win8) (< wp8) (< wpa81)) (>= netcoreapp5.0)
      System.Reflection.Emit (>= 4.3) - restriction: && (< monoandroid) (< monotouch) (< net45) (< netcoreapp5.0) (>= netstandard1.3) (< win8) (< wpa81) (< xamarinios) (< xamarinmac) (< xamarintvos) (< xamarinwatchos)
      System.Reflection.Emit.ILGeneration (>= 4.3) - restriction: && (< monoandroid) (< monotouch) (< net45) (< netcoreapp5.0) (>= netstandard1.3) (< win8) (< wpa81) (< xamarinios) (< xamarinmac) (< xamarintvos) (< xamarinwatchos)
      System.Reflection.Primitives (>= 4.3) - restriction: && (< monoandroid) (< monotouch) (< net45) (< netcoreapp5.0) (>= netstandard1.3) (< win8) (< wpa81) (< xamarinios) (< xamarinmac) (< xamarintvos) (< xamarinwatchos)
      System.Reflection.TypeExtensions (>= 4.3) - restriction: || (&& (< monoandroid) (< monotouch) (< net45) (>= netstandard1.3) (< win8) (< wpa81) (< xamarinios) (< xamarinmac) (< xamarintvos) (< xamarinwatchos)) (>= netcoreapp5.0)
      System.Resources.ResourceManager (>= 4.3) - restriction: || (&& (< monoandroid) (< monotouch) (< net45) (>= netstandard1.3) (< win8) (< wpa81) (< xamarinios) (< xamarinmac) (< xamarintvos) (< xamarinwatchos)) (>= netcoreapp5.0)
      System.Runtime (>= 4.3) - restriction: || (&& (< monoandroid) (< monotouch) (< net45) (>= netstandard1.3) (< win8) (< wpa81) (< xamarinios) (< xamarinmac) (< xamarintvos) (< xamarinwatchos)) (&& (< monoandroid) (< net45) (>= netstandard1.0) (< netstandard1.3) (< win8) (< wp8) (< wpa81)) (>= netcoreapp5.0)
      System.Runtime.Extensions (>= 4.3) - restriction: || (&& (< monoandroid) (< monotouch) (< net45) (>= netstandard1.3) (< win8) (< wpa81) (< xamarinios) (< xamarinmac) (< xamarintvos) (< xamarinwatchos)) (>= netcoreapp5.0)
      System.Threading (>= 4.3) - restriction: || (&& (< monoandroid) (< monotouch) (< net45) (>= netstandard1.3) (< win8) (< wpa81) (< xamarinios) (< xamarinmac) (< xamarintvos) (< xamarinwatchos)) (>= netcoreapp5.0)
    System.Globalization (4.3) - restriction: || (&& (< monoandroid) (< monotouch) (< net45) (>= netstandard1.5) (< win8) (< wpa81) (< xamarinios) (< xamarinmac) (< xamarintvos) (< xamarinwatchos)) (&& (< monoandroid) (< monotouch) (< net452) (>= netstandard1.5) (< xamarinios) (< xamarinmac) (< xamarintvos) (< xamarinwatchos)) (&& (< monoandroid) (< net45) (< netstandard1.2) (>= netstandard1.6) (< win8)) (&& (< monoandroid) (< net45) (< netstandard1.3) (>= netstandard1.6) (< win8) (< wpa81)) (&& (< monoandroid) (< net45) (< netstandard1.4) (>= netstandard1.6) (< win8) (< wpa81)) (&& (< net45) (>= net46) (< netstandard1.4) (>= netstandard1.5)) (&& (< net45) (>= net46) (< netstandard1.4) (>= netstandard1.6)) (&& (< net45) (< netstandard1.2) (>= netstandard1.5) (< win8)) (&& (< net45) (< netstandard1.3) (>= netstandard1.5) (< win8) (< wpa81)) (&& (< net45) (< netstandard1.4) (>= netstandard1.5) (< win8) (< wpa81)) (&& (< net45) (>= netstandard1.5) (< netstandard1.6) (< win8) (< wpa81)) (&& (< net45) (>= netstandard1.6) (< netstandard2.0) (< win8) (< wpa81)) (>= netcoreapp5.0) (&& (>= netstandard1.5) (< portable-net45+win8+wpa81)) (&& (>= netstandard1.6) (< portable-net45+win8+wpa81))
      Microsoft.NETCore.Platforms (>= 1.1) - restriction: || (&& (< monoandroid) (< monotouch) (< net45) (>= netstandard1.3) (< win8) (< wpa81) (< xamarinios) (< xamarinmac) (< xamarintvos) (< xamarinwatchos)) (&& (< monoandroid) (< net45) (>= netstandard1.0) (< netstandard1.3) (< win8) (< wp8) (< wpa81)) (>= netcoreapp5.0)
      Microsoft.NETCore.Targets (>= 1.1) - restriction: || (&& (< monoandroid) (< monotouch) (< net45) (>= netstandard1.3) (< win8) (< wpa81) (< xamarinios) (< xamarinmac) (< xamarintvos) (< xamarinwatchos)) (&& (< monoandroid) (< net45) (>= netstandard1.0) (< netstandard1.3) (< win8) (< wp8) (< wpa81)) (>= netcoreapp5.0)
      System.Runtime (>= 4.3) - restriction: || (&& (< monoandroid) (< monotouch) (< net45) (>= netstandard1.3) (< win8) (< wpa81) (< xamarinios) (< xamarinmac) (< xamarintvos) (< xamarinwatchos)) (&& (< monoandroid) (< net45) (>= netstandard1.0) (< netstandard1.3) (< win8) (< wp8) (< wpa81)) (>= netcoreapp5.0)
    System.Globalization.Calendars (4.3) - restriction: || (&& (< monoandroid) (< net45) (< netstandard1.4) (>= netstandard1.6) (< win8) (< wpa81)) (&& (< net45) (< netstandard1.4) (>= netstandard1.5) (< win8) (< wpa81)) (&& (< net45) (>= netstandard1.5) (< netstandard1.6) (< win8) (< wpa81)) (&& (< net45) (>= netstandard1.6) (< netstandard2.0) (< win8) (< wpa81)) (&& (< net452) (>= net46) (< netstandard1.4) (>= netstandard1.5)) (&& (< net452) (>= net46) (< netstandard1.4) (>= netstandard1.6)) (&& (>= netcoreapp5.0) (< netstandard1.4)) (&& (>= netcoreapp5.0) (< netstandard1.6)) (&& (>= netcoreapp5.0) (< netstandard2.0))
      Microsoft.NETCore.Platforms (>= 1.1) - restriction: && (< monoandroid) (< monotouch) (< net46) (>= netstandard1.3) (< xamarinios) (< xamarinmac) (< xamarintvos) (< xamarinwatchos)
      Microsoft.NETCore.Targets (>= 1.1) - restriction: && (< monoandroid) (< monotouch) (< net46) (>= netstandard1.3) (< xamarinios) (< xamarinmac) (< xamarintvos) (< xamarinwatchos)
      System.Globalization (>= 4.3) - restriction: && (< monoandroid) (< monotouch) (< net46) (>= netstandard1.3) (< xamarinios) (< xamarinmac) (< xamarintvos) (< xamarinwatchos)
      System.Runtime (>= 4.3) - restriction: && (< monoandroid) (< monotouch) (< net46) (>= netstandard1.3) (< xamarinios) (< xamarinmac) (< xamarintvos) (< xamarinwatchos)
    System.Globalization.Extensions (4.3) - restriction: || (&& (< monoandroid) (< monotouch) (< net45) (>= netstandard1.5) (< win8) (< wpa81) (< xamarinios) (< xamarinmac) (< xamarintvos) (< xamarinwatchos)) (&& (< monoandroid) (< monotouch) (< net45) (>= netstandard1.6) (< netstandard2.0) (< win8) (< wpa81) (< xamarintvos) (< xamarinwatchos)) (&& (< monoandroid) (< monotouch) (< net452) (< netcoreapp5.0) (>= netstandard1.6) (< xamarinios) (< xamarinmac) (< xamarintvos) (< xamarinwatchos)) (&& (< monoandroid) (< net45) (< netstandard1.2) (>= netstandard1.6) (< win8)) (&& (< monoandroid) (< net45) (< netstandard1.3) (>= netstandard1.6) (< win8) (< wpa81)) (&& (< monoandroid) (< net45) (< netstandard1.4) (>= netstandard1.6) (< win8) (< wpa81)) (&& (< net45) (>= net452) (>= netstandard1.3) (< netstandard2.0)) (&& (< net45) (>= net46) (< netstandard1.4) (>= netstandard1.6)) (&& (< net45) (>= netstandard1.5) (< netstandard2.0))
      Microsoft.NETCore.Platforms (>= 1.1) - restriction: && (< monoandroid) (< monotouch) (< net46) (>= netstandard1.3) (< xamarinios) (< xamarinmac) (< xamarintvos) (< xamarinwatchos)
      System.Globalization (>= 4.3) - restriction: && (< monoandroid) (< monotouch) (< net46) (>= netstandard1.3) (< xamarinios) (< xamarinmac) (< xamarintvos) (< xamarinwatchos)
      System.Resources.ResourceManager (>= 4.3) - restriction: && (< monoandroid) (< monotouch) (< net46) (>= netstandard1.3) (< xamarinios) (< xamarinmac) (< xamarintvos) (< xamarinwatchos)
      System.Runtime (>= 4.3) - restriction: && (< monoandroid) (< monotouch) (< net46) (>= netstandard1.3) (< xamarinios) (< xamarinmac) (< xamarintvos) (< xamarinwatchos)
      System.Runtime.Extensions (>= 4.3) - restriction: && (< monoandroid) (< monotouch) (< net46) (>= netstandard1.3) (< xamarinios) (< xamarinmac) (< xamarintvos) (< xamarinwatchos)
      System.Runtime.InteropServices (>= 4.3) - restriction: && (< monoandroid) (< monotouch) (< net46) (>= netstandard1.3) (< xamarinios) (< xamarinmac) (< xamarintvos) (< xamarinwatchos)
    System.IdentityModel.Tokens.Jwt (6.7.1) - restriction: >= netcoreapp3.1
      Microsoft.IdentityModel.JsonWebTokens (>= 6.7.1) - restriction: || (&& (>= net45) (< netstandard2.0)) (&& (< net45) (>= netstandard2.0)) (>= net461)
      Microsoft.IdentityModel.Tokens (>= 6.7.1) - restriction: || (&& (>= net45) (< netstandard2.0)) (&& (< net45) (>= netstandard2.0)) (>= net461)
    System.IO (4.3) - restriction: || (&& (< monoandroid) (< monotouch) (< net452) (>= netstandard1.5) (< xamarinios) (< xamarinmac) (< xamarintvos) (< xamarinwatchos)) (&& (< monoandroid) (< net45) (< netstandard1.2) (>= netstandard1.6) (< win8)) (&& (< monoandroid) (< net45) (< netstandard1.3) (>= netstandard1.6) (< win8) (< wpa81)) (&& (< monoandroid) (< net45) (< netstandard1.4) (>= netstandard1.6) (< win8) (< wpa81)) (&& (< monoandroid) (< net452) (< netstandard1.4) (>= netstandard1.5)) (&& (< net45) (>= net46) (< netstandard1.3) (>= netstandard1.5)) (&& (< net45) (>= net46) (< netstandard1.4) (>= netstandard1.5)) (&& (< net45) (>= net46) (< netstandard1.4) (>= netstandard1.6)) (&& (< net45) (< netstandard1.2) (>= netstandard1.5) (< win8)) (&& (< net45) (< netstandard1.3) (>= netstandard1.5) (< win8) (< wpa81)) (&& (< net45) (< netstandard1.4) (>= netstandard1.5) (< win8) (< wpa81)) (&& (< net45) (>= netstandard1.5) (< netstandard1.6) (< win8) (< wpa81)) (&& (< net45) (>= netstandard1.6) (< netstandard2.0) (< win8) (< wpa81)) (&& (>= netcoreapp5.0) (< netstandard1.2)) (&& (>= netcoreapp5.0) (< netstandard1.3)) (&& (>= netcoreapp5.0) (< netstandard1.4)) (&& (>= netcoreapp5.0) (< netstandard1.6)) (&& (>= netcoreapp5.0) (< netstandard2.0)) (&& (>= netcoreapp5.0) (< portable-net45+win8+wpa81)) (&& (>= netstandard1.5) (< portable-net45+win8+wpa81)) (&& (>= netstandard1.6) (< portable-net45+win8+wpa81))
      Microsoft.NETCore.Platforms (>= 1.1) - restriction: || (&& (< monoandroid) (< monotouch) (< net45) (>= netstandard1.5) (< win8) (< wpa81) (< xamarinios) (< xamarinmac) (< xamarintvos) (< xamarinwatchos)) (&& (< monoandroid) (< net45) (>= netstandard1.0) (< netstandard1.3) (< win8) (< wp8) (< wpa81)) (&& (< monoandroid) (< net45) (>= netstandard1.3) (< netstandard1.5) (< win8) (< wpa81)) (>= netcoreapp5.0)
      Microsoft.NETCore.Targets (>= 1.1) - restriction: || (&& (< monoandroid) (< monotouch) (< net45) (>= netstandard1.5) (< win8) (< wpa81) (< xamarinios) (< xamarinmac) (< xamarintvos) (< xamarinwatchos)) (&& (< monoandroid) (< net45) (>= netstandard1.0) (< netstandard1.3) (< win8) (< wp8) (< wpa81)) (&& (< monoandroid) (< net45) (>= netstandard1.3) (< netstandard1.5) (< win8) (< wpa81)) (>= netcoreapp5.0)
      System.Runtime (>= 4.3) - restriction: || (&& (< monoandroid) (< monotouch) (< net45) (>= netstandard1.5) (< win8) (< wpa81) (< xamarinios) (< xamarinmac) (< xamarintvos) (< xamarinwatchos)) (&& (< monoandroid) (< net45) (>= netstandard1.0) (< netstandard1.3) (< win8) (< wp8) (< wpa81)) (&& (< monoandroid) (< net45) (>= netstandard1.3) (< netstandard1.5) (< win8) (< wpa81)) (>= netcoreapp5.0)
      System.Text.Encoding (>= 4.3) - restriction: || (&& (< monoandroid) (< monotouch) (< net45) (>= netstandard1.5) (< win8) (< wpa81) (< xamarinios) (< xamarinmac) (< xamarintvos) (< xamarinwatchos)) (&& (< monoandroid) (< net45) (>= netstandard1.0) (< netstandard1.3) (< win8) (< wp8) (< wpa81)) (&& (< monoandroid) (< net45) (>= netstandard1.3) (< netstandard1.5) (< win8) (< wpa81)) (>= netcoreapp5.0)
      System.Threading.Tasks (>= 4.3) - restriction: || (&& (< monoandroid) (< monotouch) (< net45) (>= netstandard1.5) (< win8) (< wpa81) (< xamarinios) (< xamarinmac) (< xamarintvos) (< xamarinwatchos)) (&& (< monoandroid) (< net45) (>= netstandard1.0) (< netstandard1.3) (< win8) (< wp8) (< wpa81)) (&& (< monoandroid) (< net45) (>= netstandard1.3) (< netstandard1.5) (< win8) (< wpa81)) (>= netcoreapp5.0)
    System.IO.Compression (4.3) - restriction: || (&& (< net45) (>= net46) (< netstandard1.4) (>= netstandard1.5)) (&& (< net45) (< netstandard1.2) (>= netstandard1.5) (< win8)) (&& (< net45) (< netstandard1.3) (>= netstandard1.5) (< win8) (< wpa81)) (&& (< net45) (< netstandard1.4) (>= netstandard1.5) (< win8) (< wpa81)) (&& (< net45) (>= netstandard1.5) (< netstandard1.6) (< win8) (< wpa81)) (&& (< net45) (>= netstandard1.6) (< netstandard2.0) (< win8) (< wpa81)) (&& (< net452) (>= net46) (< netstandard1.4) (>= netstandard1.5))
      Microsoft.NETCore.Platforms (>= 1.1) - restriction: && (< monoandroid) (< monotouch) (< net45) (< netcoreapp5.0) (>= netstandard1.3) (< win8) (< wpa81) (< xamarinios) (< xamarinmac) (< xamarintvos) (< xamarinwatchos)
      runtime.native.System (>= 4.3) - restriction: && (< monoandroid) (< monotouch) (< net45) (< netcoreapp5.0) (>= netstandard1.3) (< win8) (< wpa81) (< xamarinios) (< xamarinmac) (< xamarintvos) (< xamarinwatchos)
      runtime.native.System.IO.Compression (>= 4.3) - restriction: || (&& (< monoandroid) (< monotouch) (< net45) (>= netstandard1.3) (< win8) (< wpa81) (< xamarinios) (< xamarinmac) (< xamarintvos) (< xamarinwatchos)) (>= netcoreapp5.0)
      System.Buffers (>= 4.3) - restriction: || (&& (< monoandroid) (< monotouch) (< net45) (>= netstandard1.3) (< win8) (< wpa81) (< xamarinios) (< xamarinmac) (< xamarintvos) (< xamarinwatchos)) (>= netcoreapp5.0)
      System.Collections (>= 4.3) - restriction: || (&& (< monoandroid) (< monotouch) (< net45) (>= netstandard1.3) (< win8) (< wpa81) (< xamarinios) (< xamarinmac) (< xamarintvos) (< xamarinwatchos)) (>= netcoreapp5.0)
      System.Diagnostics.Debug (>= 4.3) - restriction: || (&& (< monoandroid) (< monotouch) (< net45) (>= netstandard1.3) (< win8) (< wpa81) (< xamarinios) (< xamarinmac) (< xamarintvos) (< xamarinwatchos)) (>= netcoreapp5.0)
      System.IO (>= 4.3) - restriction: || (&& (< monoandroid) (< monotouch) (< net45) (>= netstandard1.3) (< win8) (< wpa81) (< xamarinios) (< xamarinmac) (< xamarintvos) (< xamarinwatchos)) (&& (< monoandroid) (< net45) (>= netstandard1.1) (< netstandard1.3) (< win8) (< wpa81)) (>= netcoreapp5.0)
      System.Resources.ResourceManager (>= 4.3) - restriction: || (&& (< monoandroid) (< monotouch) (< net45) (>= netstandard1.3) (< win8) (< wpa81) (< xamarinios) (< xamarinmac) (< xamarintvos) (< xamarinwatchos)) (>= netcoreapp5.0)
      System.Runtime (>= 4.3) - restriction: || (&& (< monoandroid) (< monotouch) (< net45) (>= netstandard1.3) (< win8) (< wpa81) (< xamarinios) (< xamarinmac) (< xamarintvos) (< xamarinwatchos)) (&& (< monoandroid) (< net45) (>= netstandard1.1) (< netstandard1.3) (< win8) (< wpa81)) (>= netcoreapp5.0)
      System.Runtime.Extensions (>= 4.3) - restriction: || (&& (< monoandroid) (< monotouch) (< net45) (>= netstandard1.3) (< win8) (< wpa81) (< xamarinios) (< xamarinmac) (< xamarintvos) (< xamarinwatchos)) (>= netcoreapp5.0)
      System.Runtime.Handles (>= 4.3) - restriction: || (&& (< monoandroid) (< monotouch) (< net45) (>= netstandard1.3) (< win8) (< wpa81) (< xamarinios) (< xamarinmac) (< xamarintvos) (< xamarinwatchos)) (>= netcoreapp5.0)
      System.Runtime.InteropServices (>= 4.3) - restriction: || (&& (< monoandroid) (< monotouch) (< net45) (>= netstandard1.3) (< win8) (< wpa81) (< xamarinios) (< xamarinmac) (< xamarintvos) (< xamarinwatchos)) (>= netcoreapp5.0)
      System.Text.Encoding (>= 4.3) - restriction: || (&& (< monoandroid) (< monotouch) (< net45) (>= netstandard1.3) (< win8) (< wpa81) (< xamarinios) (< xamarinmac) (< xamarintvos) (< xamarinwatchos)) (&& (< monoandroid) (< net45) (>= netstandard1.1) (< netstandard1.3) (< win8) (< wpa81)) (>= netcoreapp5.0)
      System.Threading (>= 4.3) - restriction: || (&& (< monoandroid) (< monotouch) (< net45) (>= netstandard1.3) (< win8) (< wpa81) (< xamarinios) (< xamarinmac) (< xamarintvos) (< xamarinwatchos)) (>= netcoreapp5.0)
      System.Threading.Tasks (>= 4.3) - restriction: || (&& (< monoandroid) (< monotouch) (< net45) (>= netstandard1.3) (< win8) (< wpa81) (< xamarinios) (< xamarinmac) (< xamarintvos) (< xamarinwatchos)) (>= netcoreapp5.0)
    System.IO.Compression.ZipFile (4.3) - restriction: || (&& (< net45) (< netstandard1.4) (>= netstandard1.5) (< win8) (< wpa81)) (&& (< net45) (>= netstandard1.5) (< netstandard1.6) (< win8) (< wpa81)) (&& (< net45) (>= netstandard1.6) (< netstandard2.0) (< win8) (< wpa81)) (&& (< net452) (>= net46) (< netstandard1.4) (>= netstandard1.5))
      System.Buffers (>= 4.3) - restriction: && (< monoandroid) (< monotouch) (< net46) (>= netstandard1.3) (< xamarinios) (< xamarinmac) (< xamarintvos) (< xamarinwatchos)
      System.IO (>= 4.3) - restriction: && (< monoandroid) (< monotouch) (< net46) (>= netstandard1.3) (< xamarinios) (< xamarinmac) (< xamarintvos) (< xamarinwatchos)
      System.IO.Compression (>= 4.3) - restriction: && (< monoandroid) (< monotouch) (< net46) (>= netstandard1.3) (< xamarinios) (< xamarinmac) (< xamarintvos) (< xamarinwatchos)
      System.IO.FileSystem (>= 4.3) - restriction: && (< monoandroid) (< monotouch) (< net46) (>= netstandard1.3) (< xamarinios) (< xamarinmac) (< xamarintvos) (< xamarinwatchos)
      System.IO.FileSystem.Primitives (>= 4.3) - restriction: && (< monoandroid) (< monotouch) (< net46) (>= netstandard1.3) (< xamarinios) (< xamarinmac) (< xamarintvos) (< xamarinwatchos)
      System.Resources.ResourceManager (>= 4.3) - restriction: && (< monoandroid) (< monotouch) (< net46) (>= netstandard1.3) (< xamarinios) (< xamarinmac) (< xamarintvos) (< xamarinwatchos)
      System.Runtime (>= 4.3) - restriction: && (< monoandroid) (< monotouch) (< net46) (>= netstandard1.3) (< xamarinios) (< xamarinmac) (< xamarintvos) (< xamarinwatchos)
      System.Runtime.Extensions (>= 4.3) - restriction: && (< monoandroid) (< monotouch) (< net46) (>= netstandard1.3) (< xamarinios) (< xamarinmac) (< xamarintvos) (< xamarinwatchos)
      System.Text.Encoding (>= 4.3) - restriction: && (< monoandroid) (< monotouch) (< net46) (>= netstandard1.3) (< xamarinios) (< xamarinmac) (< xamarintvos) (< xamarinwatchos)
    System.IO.FileSystem (4.3) - restriction: || (&& (< monoandroid) (< monotouch) (< net452) (< netcoreapp5.0) (>= netstandard1.5) (< xamarinios) (< xamarinmac) (< xamarintvos) (< xamarinwatchos)) (&& (< monoandroid) (< net45) (< netstandard1.2) (>= netstandard1.6) (< win8)) (&& (< monoandroid) (< net45) (< netstandard1.3) (>= netstandard1.6) (< win8) (< wpa81)) (&& (< monoandroid) (< net45) (< netstandard1.4) (>= netstandard1.6) (< win8) (< wpa81)) (&& (< net45) (>= net46) (< netstandard1.4) (>= netstandard1.6)) (&& (< net45) (< netstandard1.4) (>= netstandard1.5) (< win8) (< wpa81)) (&& (< net45) (>= netstandard1.5) (< netstandard1.6) (< win8) (< wpa81)) (&& (< net45) (>= netstandard1.6) (< netstandard2.0) (< win8) (< wpa81)) (&& (< net452) (>= net46) (< netstandard1.4) (>= netstandard1.5))
      Microsoft.NETCore.Platforms (>= 1.1) - restriction: && (< monoandroid) (< monotouch) (< net46) (>= netstandard1.3) (< xamarinios) (< xamarinmac) (< xamarintvos) (< xamarinwatchos)
      Microsoft.NETCore.Targets (>= 1.1) - restriction: && (< monoandroid) (< monotouch) (< net46) (>= netstandard1.3) (< xamarinios) (< xamarinmac) (< xamarintvos) (< xamarinwatchos)
      System.IO (>= 4.3) - restriction: && (< monoandroid) (< monotouch) (< net46) (>= netstandard1.3) (< xamarinios) (< xamarinmac) (< xamarintvos) (< xamarinwatchos)
      System.IO.FileSystem.Primitives (>= 4.3) - restriction: || (&& (< monoandroid) (< monotouch) (>= netstandard1.3) (< xamarinios) (< xamarinmac) (< xamarintvos) (< xamarinwatchos)) (>= net46)
      System.Runtime (>= 4.3) - restriction: && (< monoandroid) (< monotouch) (< net46) (>= netstandard1.3) (< xamarinios) (< xamarinmac) (< xamarintvos) (< xamarinwatchos)
      System.Runtime.Handles (>= 4.3) - restriction: && (< monoandroid) (< monotouch) (< net46) (>= netstandard1.3) (< xamarinios) (< xamarinmac) (< xamarintvos) (< xamarinwatchos)
      System.Text.Encoding (>= 4.3) - restriction: && (< monoandroid) (< monotouch) (< net46) (>= netstandard1.3) (< xamarinios) (< xamarinmac) (< xamarintvos) (< xamarinwatchos)
      System.Threading.Tasks (>= 4.3) - restriction: && (< monoandroid) (< monotouch) (< net46) (>= netstandard1.3) (< xamarinios) (< xamarinmac) (< xamarintvos) (< xamarinwatchos)
    System.IO.FileSystem.Primitives (4.3) - restriction: || (&& (< monoandroid) (< monotouch) (< net452) (< netcoreapp5.0) (>= netstandard1.5) (< xamarinios) (< xamarinmac) (< xamarintvos) (< xamarinwatchos)) (&& (< monoandroid) (< net45) (< netstandard1.4) (>= netstandard1.6) (< win8) (< wpa81)) (&& (< net45) (< netstandard1.4) (>= netstandard1.5) (< win8) (< wpa81)) (&& (< net45) (>= netstandard1.5) (< netstandard1.6) (< win8) (< wpa81)) (&& (< net45) (>= netstandard1.6) (< netstandard2.0) (< win8) (< wpa81)) (&& (< net452) (>= net46) (< netstandard1.4) (>= netstandard1.5)) (&& (< net452) (>= net46) (< netstandard1.4) (>= netstandard1.6))
      System.Runtime (>= 4.3) - restriction: && (< monoandroid) (< monotouch) (< net46) (>= netstandard1.3) (< xamarinios) (< xamarinmac) (< xamarintvos) (< xamarinwatchos)
    System.IO.Pipelines (4.7.3) - restriction: || (&& (>= net461) (>= netstandard2.0)) (&& (< netcoreapp3.0) (>= netstandard2.0))
      System.Buffers (>= 4.5.1) - restriction: || (>= monoandroid) (>= monotouch) (&& (>= net46) (< netstandard2.0)) (&& (< net46) (< netcoreapp2.0) (>= netstandard2.0)) (&& (< net46) (>= netstandard1.3) (< netstandard2.0) (< uap10.1)) (>= net461) (>= xamarinios) (>= xamarinmac) (>= xamarintvos) (>= xamarinwatchos)
      System.Memory (>= 4.5.4) - restriction: || (&& (< monoandroid) (< monotouch) (< net46) (>= netstandard1.3) (< netstandard2.0) (< xamarintvos) (< xamarinwatchos)) (&& (< monoandroid) (< net46) (< netcoreapp2.0) (>= netstandard2.0) (< xamarinios) (< xamarinmac)) (&& (>= net46) (< netstandard2.0)) (>= net461) (&& (>= netcoreapp2.0) (< netcoreapp2.1)) (>= uap10.1)
      System.Threading.Tasks.Extensions (>= 4.5.4) - restriction: || (&& (< monoandroid) (< monotouch) (< net46) (>= netstandard1.3) (< netstandard2.0) (< xamarintvos) (< xamarinwatchos)) (&& (< monoandroid) (< net46) (< netcoreapp2.0) (>= netstandard2.0) (< xamarinios) (< xamarinmac)) (&& (>= net46) (< netstandard2.0)) (>= net461) (&& (>= netcoreapp2.0) (< netcoreapp2.1)) (>= uap10.1)
    System.Linq (4.3) - restriction: || (&& (< monoandroid) (< monotouch) (< net45) (>= netstandard1.5) (< win8) (< wpa81) (< xamarinios) (< xamarinmac) (< xamarintvos) (< xamarinwatchos)) (&& (< monoandroid) (< net45) (< netstandard1.2) (>= netstandard1.6) (< win8)) (&& (< monoandroid) (< net45) (< netstandard1.3) (>= netstandard1.6) (< win8) (< wpa81)) (&& (< monoandroid) (< net45) (< netstandard1.4) (>= netstandard1.6) (< win8) (< wpa81)) (&& (< net45) (< netstandard1.2) (>= netstandard1.5) (< win8)) (&& (< net45) (< netstandard1.3) (>= netstandard1.5) (< win8) (< wpa81)) (&& (< net45) (< netstandard1.4) (>= netstandard1.5) (< win8) (< wpa81)) (&& (< net45) (>= netstandard1.5) (< netstandard1.6) (< win8) (< wpa81)) (&& (< net45) (>= netstandard1.6) (< netstandard2.0) (< win8) (< wpa81)) (&& (< net452) (>= net46) (< netstandard1.4) (>= netstandard1.5)) (>= netcoreapp5.0) (&& (>= netstandard1.5) (< portable-net45+win8+wpa81)) (&& (>= netstandard1.6) (< portable-net45+win8+wpa81))
      System.Collections (>= 4.3) - restriction: || (&& (< monoandroid) (< monotouch) (< net45) (>= netstandard1.6) (< xamarinios) (< xamarinmac) (< xamarintvos) (< xamarinwatchos)) (&& (< monoandroid) (< net45) (>= netstandard1.0) (< netstandard1.6) (< win8) (< wp8) (< wpa81)) (>= netcoreapp5.0)
      System.Diagnostics.Debug (>= 4.3) - restriction: || (&& (< monoandroid) (< monotouch) (< net45) (>= netstandard1.6) (< xamarinios) (< xamarinmac) (< xamarintvos) (< xamarinwatchos)) (>= netcoreapp5.0)
      System.Resources.ResourceManager (>= 4.3) - restriction: || (&& (< monoandroid) (< monotouch) (< net45) (>= netstandard1.6) (< xamarinios) (< xamarinmac) (< xamarintvos) (< xamarinwatchos)) (>= netcoreapp5.0)
      System.Runtime (>= 4.3) - restriction: || (&& (< monoandroid) (< monotouch) (< net45) (>= netstandard1.6) (< xamarinios) (< xamarinmac) (< xamarintvos) (< xamarinwatchos)) (&& (< monoandroid) (< net45) (>= netstandard1.0) (< netstandard1.6) (< win8) (< wp8) (< wpa81)) (>= netcoreapp5.0)
      System.Runtime.Extensions (>= 4.3) - restriction: || (&& (< monoandroid) (< monotouch) (< net45) (>= netstandard1.6) (< xamarinios) (< xamarinmac) (< xamarintvos) (< xamarinwatchos)) (>= netcoreapp5.0)
    System.Linq.Expressions (4.3) - restriction: || (&& (< monoandroid) (< monotouch) (< net45) (>= netstandard1.5) (< win8) (< wpa81) (< xamarinios) (< xamarinmac) (< xamarintvos) (< xamarinwatchos)) (&& (< net45) (< netstandard1.2) (>= netstandard1.5) (< win8)) (&& (< net45) (< netstandard1.3) (>= netstandard1.5) (< win8) (< wpa81)) (&& (< net45) (< netstandard1.4) (>= netstandard1.5) (< win8) (< wpa81)) (&& (< net45) (>= netstandard1.5) (< netstandard1.6) (< win8) (< wpa81)) (&& (< net45) (>= netstandard1.6) (< netstandard2.0) (< win8) (< wpa81)) (>= netcoreapp5.0) (&& (>= netstandard1.5) (< portable-net45+win8+wpa81))
      System.Collections (>= 4.3) - restriction: || (&& (< monoandroid) (< monotouch) (< net45) (>= netstandard1.6) (< xamarinios) (< xamarinmac) (< xamarintvos) (< xamarinwatchos)) (>= netcoreapp5.0)
      System.Diagnostics.Debug (>= 4.3) - restriction: || (&& (< monoandroid) (< monotouch) (< net45) (>= netstandard1.6) (< xamarinios) (< xamarinmac) (< xamarintvos) (< xamarinwatchos)) (>= netcoreapp5.0)
      System.Globalization (>= 4.3) - restriction: || (&& (< monoandroid) (< monotouch) (< net45) (>= netstandard1.6) (< xamarinios) (< xamarinmac) (< xamarintvos) (< xamarinwatchos)) (>= netcoreapp5.0)
      System.IO (>= 4.3) - restriction: || (&& (< monoandroid) (< monotouch) (< net45) (>= netstandard1.6) (< xamarinios) (< xamarinmac) (< xamarintvos) (< xamarinwatchos)) (>= netcoreapp5.0)
      System.Linq (>= 4.3) - restriction: || (&& (< monoandroid) (< monotouch) (< net45) (>= netstandard1.6) (< xamarinios) (< xamarinmac) (< xamarintvos) (< xamarinwatchos)) (>= netcoreapp5.0)
      System.ObjectModel (>= 4.3) - restriction: && (< monoandroid) (< monotouch) (< net45) (< netcoreapp5.0) (>= netstandard1.6) (< xamarinios) (< xamarinmac) (< xamarintvos) (< xamarinwatchos)
      System.Reflection (>= 4.3) - restriction: || (&& (< monoandroid) (< monotouch) (< net45) (>= netstandard1.6) (< xamarinios) (< xamarinmac) (< xamarintvos) (< xamarinwatchos)) (&& (< monoandroid) (< net45) (>= netstandard1.0) (< netstandard1.3) (< win8) (< wp8) (< wpa81)) (&& (< monoandroid) (< net45) (>= netstandard1.3) (< netstandard1.6) (< win8) (< wpa81)) (>= netcoreapp5.0)
      System.Reflection.Emit (>= 4.3) - restriction: && (< monoandroid) (< monotouch) (< net45) (< netcoreapp5.0) (>= netstandard1.6) (< xamarinios) (< xamarinmac) (< xamarintvos) (< xamarinwatchos)
      System.Reflection.Emit.ILGeneration (>= 4.3) - restriction: || (&& (< monoandroid) (< monotouch) (< net45) (>= netstandard1.6) (< xamarinios) (< xamarinmac) (< xamarintvos) (< xamarinwatchos)) (>= netcoreapp5.0)
      System.Reflection.Emit.Lightweight (>= 4.3) - restriction: || (&& (< monoandroid) (< monotouch) (< net45) (>= netstandard1.6) (< xamarinios) (< xamarinmac) (< xamarintvos) (< xamarinwatchos)) (>= netcoreapp5.0)
      System.Reflection.Extensions (>= 4.3) - restriction: || (&& (< monoandroid) (< monotouch) (< net45) (>= netstandard1.6) (< xamarinios) (< xamarinmac) (< xamarintvos) (< xamarinwatchos)) (>= netcoreapp5.0)
      System.Reflection.Primitives (>= 4.3) - restriction: || (&& (< monoandroid) (< monotouch) (< net45) (>= netstandard1.6) (< xamarinios) (< xamarinmac) (< xamarintvos) (< xamarinwatchos)) (>= netcoreapp5.0)
      System.Reflection.TypeExtensions (>= 4.3) - restriction: || (&& (< monoandroid) (< monotouch) (< net45) (>= netstandard1.6) (< xamarinios) (< xamarinmac) (< xamarintvos) (< xamarinwatchos)) (>= netcoreapp5.0)
      System.Resources.ResourceManager (>= 4.3) - restriction: || (&& (< monoandroid) (< monotouch) (< net45) (>= netstandard1.6) (< xamarinios) (< xamarinmac) (< xamarintvos) (< xamarinwatchos)) (>= netcoreapp5.0)
      System.Runtime (>= 4.3) - restriction: || (&& (< monoandroid) (< monotouch) (< net45) (>= netstandard1.6) (< xamarinios) (< xamarinmac) (< xamarintvos) (< xamarinwatchos)) (&& (< monoandroid) (< net45) (>= netstandard1.0) (< netstandard1.3) (< win8) (< wp8) (< wpa81)) (&& (< monoandroid) (< net45) (>= netstandard1.3) (< netstandard1.6) (< win8) (< wpa81)) (>= netcoreapp5.0)
      System.Runtime.Extensions (>= 4.3) - restriction: || (&& (< monoandroid) (< monotouch) (< net45) (>= netstandard1.6) (< xamarinios) (< xamarinmac) (< xamarintvos) (< xamarinwatchos)) (>= netcoreapp5.0)
      System.Threading (>= 4.3) - restriction: || (&& (< monoandroid) (< monotouch) (< net45) (>= netstandard1.6) (< xamarinios) (< xamarinmac) (< xamarintvos) (< xamarinwatchos)) (>= netcoreapp5.0)
    System.Linq.Queryable (4.3) - restriction: && (< net452) (>= netstandard1.5)
      System.Collections (>= 4.3) - restriction: || (&& (< monoandroid) (< monotouch) (< net45) (>= netstandard1.3) (< win8) (< wpa81) (< xamarinios) (< xamarinmac) (< xamarintvos) (< xamarinwatchos)) (>= netcoreapp5.0)
      System.Diagnostics.Debug (>= 4.3) - restriction: || (&& (< monoandroid) (< monotouch) (< net45) (>= netstandard1.3) (< win8) (< wpa81) (< xamarinios) (< xamarinmac) (< xamarintvos) (< xamarinwatchos)) (>= netcoreapp5.0)
      System.Linq (>= 4.3) - restriction: || (&& (< monoandroid) (< monotouch) (< net45) (>= netstandard1.3) (< win8) (< wpa81) (< xamarinios) (< xamarinmac) (< xamarintvos) (< xamarinwatchos)) (&& (< monoandroid) (< net45) (>= netstandard1.0) (< netstandard1.3) (< win8) (< wp8) (< wpa81)) (>= netcoreapp5.0)
      System.Linq.Expressions (>= 4.3) - restriction: || (&& (< monoandroid) (< monotouch) (< net45) (>= netstandard1.3) (< win8) (< wpa81) (< xamarinios) (< xamarinmac) (< xamarintvos) (< xamarinwatchos)) (&& (< monoandroid) (< net45) (>= netstandard1.0) (< netstandard1.3) (< win8) (< wp8) (< wpa81)) (>= netcoreapp5.0)
      System.Reflection (>= 4.3) - restriction: || (&& (< monoandroid) (< monotouch) (< net45) (>= netstandard1.3) (< win8) (< wpa81) (< xamarinios) (< xamarinmac) (< xamarintvos) (< xamarinwatchos)) (>= netcoreapp5.0)
      System.Reflection.Extensions (>= 4.3) - restriction: || (&& (< monoandroid) (< monotouch) (< net45) (>= netstandard1.3) (< win8) (< wpa81) (< xamarinios) (< xamarinmac) (< xamarintvos) (< xamarinwatchos)) (>= netcoreapp5.0)
      System.Resources.ResourceManager (>= 4.3) - restriction: || (&& (< monoandroid) (< monotouch) (< net45) (>= netstandard1.3) (< win8) (< wpa81) (< xamarinios) (< xamarinmac) (< xamarintvos) (< xamarinwatchos)) (>= netcoreapp5.0)
      System.Runtime (>= 4.3) - restriction: || (&& (< monoandroid) (< monotouch) (< net45) (>= netstandard1.3) (< win8) (< wpa81) (< xamarinios) (< xamarinmac) (< xamarintvos) (< xamarinwatchos)) (&& (< monoandroid) (< net45) (>= netstandard1.0) (< netstandard1.3) (< win8) (< wp8) (< wpa81)) (>= netcoreapp5.0)
    System.Memory (4.5.4) - restriction: || (&& (< monoandroid) (< net45) (< netcoreapp2.1) (>= netstandard2.0) (< xamarinios) (< xamarinmac)) (&& (< monoandroid) (< net452) (< netcoreapp2.0) (>= netstandard2.0) (< xamarinios) (< xamarinmac)) (&& (>= net45) (< netstandard1.3) (>= netstandard2.0)) (&& (>= net452) (>= netstandard2.0)) (&& (>= net452) (< netstandard2.0)) (>= net46) (&& (>= net461) (>= netstandard2.0)) (&& (>= netcoreapp2.0) (< netcoreapp2.1)) (&& (< netcoreapp3.0) (>= netstandard2.0)) (&& (>= netstandard1.5) (< netstandard2.0)) (&& (>= netstandard1.5) (>= uap10.1)) (&& (>= netstandard2.0) (< netstandard2.1)) (&& (>= netstandard2.0) (>= uap10.1))
      System.Buffers (>= 4.5.1) - restriction: || (>= monoandroid) (>= monotouch) (&& (>= net45) (< netstandard2.0)) (&& (< net45) (< netcoreapp2.0) (>= netstandard2.0)) (&& (< net45) (>= netstandard1.1) (< netstandard2.0) (< win8) (< wpa81)) (>= net461) (&& (< netstandard1.1) (>= portable-net45+win8+wpa81) (< win8)) (&& (< netstandard1.1) (>= win8)) (&& (< netstandard2.0) (< uap10.1) (>= wpa81)) (>= xamarinios) (>= xamarinmac) (>= xamarintvos) (>= xamarinwatchos)
      System.Numerics.Vectors (>= 4.4) - restriction: && (< monoandroid) (< net45) (< netcoreapp2.0) (>= netstandard2.0) (< xamarinios) (< xamarinmac)
      System.Numerics.Vectors (>= 4.5) - restriction: >= net461
      System.Runtime.CompilerServices.Unsafe (>= 4.5.3) - restriction: || (>= monoandroid) (>= monotouch) (&& (>= net45) (< netstandard2.0)) (&& (< net45) (< netcoreapp2.0) (>= netstandard2.0)) (&& (< net45) (>= netstandard1.1) (< netstandard2.0) (< win8) (< wpa81)) (>= net461) (&& (>= netcoreapp2.0) (< netcoreapp2.1)) (&& (< netstandard1.1) (>= portable-net45+win8+wpa81) (< win8)) (&& (< netstandard1.1) (>= win8)) (&& (< netstandard2.0) (>= wpa81)) (>= uap10.1) (>= xamarinios) (>= xamarinmac) (>= xamarintvos) (>= xamarinwatchos)
    System.Net.Http (4.3.4) - restriction: || (&& (< net45) (< netstandard1.2) (>= netstandard1.5) (< win8)) (&& (< net45) (< netstandard1.3) (>= netstandard1.5) (< win8) (< wpa81)) (&& (< net45) (< netstandard1.4) (>= netstandard1.5) (< win8) (< wpa81)) (&& (< net45) (>= netstandard1.5) (< netstandard1.6) (< win8) (< wpa81)) (&& (< net45) (>= netstandard1.6) (< netstandard2.0) (< win8) (< wpa81)) (&& (< net452) (>= net46) (< netstandard1.4) (>= netstandard1.5))
      Microsoft.NETCore.Platforms (>= 1.1.1) - restriction: || (&& (< monoandroid) (< monotouch) (< net45) (>= netstandard1.6) (< xamarinios) (< xamarinmac) (< xamarintvos) (< xamarinwatchos)) (&& (< monoandroid) (< net45) (>= netstandard1.3) (< netstandard1.6) (< win8) (< wpa81)) (>= netcoreapp5.0)
      Microsoft.Win32.Primitives (>= 4.3) - restriction: && (< monoandroid) (< net45) (>= netstandard1.3) (< netstandard1.6) (< win8) (< wpa81)
      runtime.native.System (>= 4.3) - restriction: && (< monoandroid) (< monotouch) (< net45) (< netcoreapp5.0) (>= netstandard1.6) (< xamarinios) (< xamarinmac) (< xamarintvos) (< xamarinwatchos)
      runtime.native.System.Net.Http (>= 4.3) - restriction: && (< monoandroid) (< monotouch) (< net45) (< netcoreapp5.0) (>= netstandard1.6) (< xamarinios) (< xamarinmac) (< xamarintvos) (< xamarinwatchos)
      runtime.native.System.Security.Cryptography.OpenSsl (>= 4.3.2) - restriction: && (< monoandroid) (< monotouch) (< net45) (< netcoreapp5.0) (>= netstandard1.6) (< xamarinios) (< xamarinmac) (< xamarintvos) (< xamarinwatchos)
      System.Collections (>= 4.3) - restriction: || (&& (< monoandroid) (< monotouch) (< net45) (>= netstandard1.6) (< xamarinios) (< xamarinmac) (< xamarintvos) (< xamarinwatchos)) (&& (< monoandroid) (< net45) (>= netstandard1.3) (< netstandard1.6) (< win8) (< wpa81)) (>= netcoreapp5.0)
      System.Diagnostics.Debug (>= 4.3) - restriction: || (&& (< monoandroid) (< monotouch) (< net45) (>= netstandard1.6) (< xamarinios) (< xamarinmac) (< xamarintvos) (< xamarinwatchos)) (&& (< monoandroid) (< net45) (>= netstandard1.3) (< netstandard1.6) (< win8) (< wpa81)) (>= netcoreapp5.0)
      System.Diagnostics.DiagnosticSource (>= 4.3) - restriction: || (&& (< monoandroid) (< monotouch) (< net45) (>= netstandard1.6) (< xamarinios) (< xamarinmac) (< xamarintvos) (< xamarinwatchos)) (&& (< monoandroid) (< net45) (>= netstandard1.3) (< netstandard1.6) (< win8) (< wpa81)) (>= netcoreapp5.0)
      System.Diagnostics.Tracing (>= 4.3) - restriction: || (&& (< monoandroid) (< monotouch) (< net45) (>= netstandard1.6) (< xamarinios) (< xamarinmac) (< xamarintvos) (< xamarinwatchos)) (&& (< monoandroid) (< net45) (>= netstandard1.3) (< netstandard1.6) (< win8) (< wpa81)) (>= netcoreapp5.0)
      System.Globalization (>= 4.3) - restriction: || (&& (< monoandroid) (< monotouch) (< net45) (>= netstandard1.6) (< xamarinios) (< xamarinmac) (< xamarintvos) (< xamarinwatchos)) (&& (< monoandroid) (< net45) (>= netstandard1.3) (< netstandard1.6) (< win8) (< wpa81)) (>= netcoreapp5.0)
      System.Globalization.Extensions (>= 4.3) - restriction: && (< monoandroid) (< monotouch) (< net45) (< netcoreapp5.0) (>= netstandard1.6) (< xamarinios) (< xamarinmac) (< xamarintvos) (< xamarinwatchos)
      System.IO (>= 4.3) - restriction: || (&& (< monoandroid) (< monotouch) (< net45) (>= netstandard1.6) (< xamarinios) (< xamarinmac) (< xamarintvos) (< xamarinwatchos)) (&& (< monoandroid) (< net45) (>= netstandard1.1) (< netstandard1.3) (< win8) (< wpa81)) (&& (< monoandroid) (< net45) (>= netstandard1.3) (< netstandard1.6) (< win8) (< wpa81)) (>= netcoreapp5.0)
      System.IO.Compression (>= 4.3) - restriction: && (< monoandroid) (< net45) (>= netstandard1.3) (< netstandard1.6) (< win8) (< wpa81)
      System.IO.FileSystem (>= 4.3) - restriction: && (< monoandroid) (< monotouch) (< net45) (< netcoreapp5.0) (>= netstandard1.6) (< xamarinios) (< xamarinmac) (< xamarintvos) (< xamarinwatchos)
      System.Net.Primitives (>= 4.3) - restriction: || (&& (< monoandroid) (< monotouch) (< net45) (>= netstandard1.6) (< xamarinios) (< xamarinmac) (< xamarintvos) (< xamarinwatchos)) (&& (< monoandroid) (< net45) (>= netstandard1.1) (< netstandard1.3) (< win8) (< wpa81)) (&& (< monoandroid) (< net45) (>= netstandard1.3) (< netstandard1.6) (< win8) (< wpa81)) (>= netcoreapp5.0)
      System.Resources.ResourceManager (>= 4.3) - restriction: || (&& (< monoandroid) (< monotouch) (< net45) (>= netstandard1.6) (< xamarinios) (< xamarinmac) (< xamarintvos) (< xamarinwatchos)) (&& (< monoandroid) (< net45) (>= netstandard1.3) (< netstandard1.6) (< win8) (< wpa81)) (>= netcoreapp5.0)
      System.Runtime (>= 4.3) - restriction: || (&& (< monoandroid) (< monotouch) (< net45) (>= netstandard1.6) (< xamarinios) (< xamarinmac) (< xamarintvos) (< xamarinwatchos)) (&& (< monoandroid) (< net45) (>= netstandard1.1) (< netstandard1.3) (< win8) (< wpa81)) (&& (< monoandroid) (< net45) (>= netstandard1.3) (< netstandard1.6) (< win8) (< wpa81)) (>= netcoreapp5.0)
      System.Runtime.Extensions (>= 4.3) - restriction: || (&& (< monoandroid) (< monotouch) (< net45) (>= netstandard1.6) (< xamarinios) (< xamarinmac) (< xamarintvos) (< xamarinwatchos)) (&& (< monoandroid) (< net45) (>= netstandard1.3) (< netstandard1.6) (< win8) (< wpa81)) (>= netcoreapp5.0)
      System.Runtime.Handles (>= 4.3) - restriction: || (&& (< monoandroid) (< monotouch) (< net45) (< netcoreapp5.0) (>= netstandard1.6) (< xamarinios) (< xamarinmac) (< xamarintvos) (< xamarinwatchos)) (&& (< monoandroid) (< net45) (>= netstandard1.3) (< netstandard1.6) (< win8) (< wpa81))
      System.Runtime.InteropServices (>= 4.3) - restriction: || (&& (< monoandroid) (< monotouch) (< net45) (>= netstandard1.6) (< xamarinios) (< xamarinmac) (< xamarintvos) (< xamarinwatchos)) (&& (< monoandroid) (< net45) (>= netstandard1.3) (< netstandard1.6) (< win8) (< wpa81)) (>= netcoreapp5.0)
      System.Security.Cryptography.Algorithms (>= 4.3) - restriction: && (< monoandroid) (< monotouch) (< net45) (< netcoreapp5.0) (>= netstandard1.6) (< xamarinios) (< xamarinmac) (< xamarintvos) (< xamarinwatchos)
      System.Security.Cryptography.Encoding (>= 4.3) - restriction: || (&& (< monoandroid) (< monotouch) (< net45) (< netcoreapp5.0) (>= netstandard1.6) (< xamarinios) (< xamarinmac) (< xamarintvos) (< xamarinwatchos)) (&& (< monoandroid) (< net45) (>= netstandard1.3) (< netstandard1.6) (< win8) (< wpa81))
      System.Security.Cryptography.OpenSsl (>= 4.3) - restriction: && (< monoandroid) (< monotouch) (< net45) (< netcoreapp5.0) (>= netstandard1.6) (< xamarinios) (< xamarinmac) (< xamarintvos) (< xamarinwatchos)
      System.Security.Cryptography.Primitives (>= 4.3) - restriction: && (< monoandroid) (< monotouch) (< net45) (< netcoreapp5.0) (>= netstandard1.6) (< xamarinios) (< xamarinmac) (< xamarintvos) (< xamarinwatchos)
      System.Security.Cryptography.X509Certificates (>= 4.3) - restriction: || (&& (< monoandroid) (< monotouch) (< net45) (>= netstandard1.6) (< xamarinios) (< xamarinmac) (< xamarintvos) (< xamarinwatchos)) (&& (< monoandroid) (< net45) (>= netstandard1.3) (< netstandard1.6) (< win8) (< wpa81)) (>= net46) (>= netcoreapp5.0)
      System.Text.Encoding (>= 4.3) - restriction: || (&& (< monoandroid) (< monotouch) (< net45) (>= netstandard1.6) (< xamarinios) (< xamarinmac) (< xamarintvos) (< xamarinwatchos)) (&& (< monoandroid) (< net45) (>= netstandard1.1) (< netstandard1.3) (< win8) (< wpa81)) (&& (< monoandroid) (< net45) (>= netstandard1.3) (< netstandard1.6) (< win8) (< wpa81)) (>= netcoreapp5.0)
      System.Threading (>= 4.3) - restriction: || (&& (< monoandroid) (< monotouch) (< net45) (>= netstandard1.6) (< xamarinios) (< xamarinmac) (< xamarintvos) (< xamarinwatchos)) (&& (< monoandroid) (< net45) (>= netstandard1.3) (< netstandard1.6) (< win8) (< wpa81)) (>= netcoreapp5.0)
      System.Threading.Tasks (>= 4.3) - restriction: || (&& (< monoandroid) (< monotouch) (< net45) (>= netstandard1.6) (< xamarinios) (< xamarinmac) (< xamarintvos) (< xamarinwatchos)) (&& (< monoandroid) (< net45) (>= netstandard1.1) (< netstandard1.3) (< win8) (< wpa81)) (&& (< monoandroid) (< net45) (>= netstandard1.3) (< netstandard1.6) (< win8) (< wpa81)) (>= netcoreapp5.0)
    System.Net.NameResolution (4.3) - restriction: || (&& (< net45) (>= net452) (>= netstandard1.3) (< netstandard2.0)) (&& (< net45) (>= netstandard1.5) (< netstandard2.0)) (&& (< net452) (>= netstandard1.5))
      Microsoft.NETCore.Platforms (>= 1.1) - restriction: || (&& (< monoandroid) (< monotouch) (< net46) (>= netstandard1.3) (< xamarinios) (< xamarinmac) (< xamarintvos) (< xamarinwatchos)) (>= netcoreapp5.0)
      runtime.native.System (>= 4.3) - restriction: && (< monoandroid) (< monotouch) (< net46) (< netcoreapp5.0) (>= netstandard1.3) (< xamarinios) (< xamarinmac) (< xamarintvos) (< xamarinwatchos)
      System.Collections (>= 4.3) - restriction: || (&& (< monoandroid) (< monotouch) (< net46) (>= netstandard1.3) (< xamarinios) (< xamarinmac) (< xamarintvos) (< xamarinwatchos)) (>= netcoreapp5.0)
      System.Diagnostics.Tracing (>= 4.3) - restriction: || (&& (< monoandroid) (< monotouch) (< net46) (>= netstandard1.3) (< xamarinios) (< xamarinmac) (< xamarintvos) (< xamarinwatchos)) (>= netcoreapp5.0)
      System.Globalization (>= 4.3) - restriction: || (&& (< monoandroid) (< monotouch) (< net46) (>= netstandard1.3) (< xamarinios) (< xamarinmac) (< xamarintvos) (< xamarinwatchos)) (>= netcoreapp5.0)
      System.Net.Primitives (>= 4.3) - restriction: || (&& (< monoandroid) (< monotouch) (< net46) (>= netstandard1.3) (< xamarinios) (< xamarinmac) (< xamarintvos) (< xamarinwatchos)) (>= netcoreapp5.0)
      System.Resources.ResourceManager (>= 4.3) - restriction: || (&& (< monoandroid) (< monotouch) (< net46) (>= netstandard1.3) (< xamarinios) (< xamarinmac) (< xamarintvos) (< xamarinwatchos)) (>= netcoreapp5.0)
      System.Runtime (>= 4.3) - restriction: || (&& (< monoandroid) (< monotouch) (< net46) (>= netstandard1.3) (< xamarinios) (< xamarinmac) (< xamarintvos) (< xamarinwatchos)) (>= netcoreapp5.0)
      System.Runtime.Extensions (>= 4.3) - restriction: || (&& (< monoandroid) (< monotouch) (< net46) (>= netstandard1.3) (< xamarinios) (< xamarinmac) (< xamarintvos) (< xamarinwatchos)) (>= netcoreapp5.0)
      System.Runtime.Handles (>= 4.3) - restriction: || (&& (< monoandroid) (< monotouch) (< net46) (>= netstandard1.3) (< xamarinios) (< xamarinmac) (< xamarintvos) (< xamarinwatchos)) (>= netcoreapp5.0)
      System.Runtime.InteropServices (>= 4.3) - restriction: || (&& (< monoandroid) (< monotouch) (< net46) (>= netstandard1.3) (< xamarinios) (< xamarinmac) (< xamarintvos) (< xamarinwatchos)) (>= netcoreapp5.0)
      System.Security.Principal.Windows (>= 4.3) - restriction: && (< monoandroid) (< monotouch) (< net46) (< netcoreapp5.0) (>= netstandard1.3) (< xamarinios) (< xamarinmac) (< xamarintvos) (< xamarinwatchos)
      System.Threading (>= 4.3) - restriction: || (&& (< monoandroid) (< monotouch) (< net46) (>= netstandard1.3) (< xamarinios) (< xamarinmac) (< xamarintvos) (< xamarinwatchos)) (>= netcoreapp5.0)
      System.Threading.Tasks (>= 4.3) - restriction: || (&& (< monoandroid) (< monotouch) (< net46) (>= netstandard1.3) (< xamarinios) (< xamarinmac) (< xamarintvos) (< xamarinwatchos)) (>= netcoreapp5.0)
    System.Net.NetworkInformation (4.3) - restriction: || (&& (< net45) (>= net452) (>= netstandard1.3) (< netstandard2.0)) (&& (< net45) (>= netstandard1.5) (< netstandard2.0))
      Microsoft.NETCore.Platforms (>= 1.1) - restriction: || (&& (< monoandroid) (< monotouch) (< net45) (>= netstandard1.3) (< win8) (< wpa81) (< xamarinios) (< xamarinmac) (< xamarintvos) (< xamarinwatchos)) (>= netcoreapp5.0)
      Microsoft.Win32.Primitives (>= 4.3) - restriction: || (&& (< monoandroid) (< monotouch) (< net45) (>= netstandard1.3) (< win8) (< wpa81) (< xamarinios) (< xamarinmac) (< xamarintvos) (< xamarinwatchos)) (>= netcoreapp5.0)
      runtime.native.System (>= 4.3) - restriction: && (< monoandroid) (< monotouch) (< net45) (< netcoreapp5.0) (>= netstandard1.3) (< win8) (< wpa81) (< xamarinios) (< xamarinmac) (< xamarintvos) (< xamarinwatchos)
      System.Collections (>= 4.3) - restriction: || (&& (< monoandroid) (< monotouch) (< net45) (>= netstandard1.3) (< win8) (< wpa81) (< xamarinios) (< xamarinmac) (< xamarintvos) (< xamarinwatchos)) (>= netcoreapp5.0)
      System.Diagnostics.Tracing (>= 4.3) - restriction: || (&& (< monoandroid) (< monotouch) (< net45) (>= netstandard1.3) (< win8) (< wpa81) (< xamarinios) (< xamarinmac) (< xamarintvos) (< xamarinwatchos)) (>= netcoreapp5.0)
      System.Globalization (>= 4.3) - restriction: || (&& (< monoandroid) (< monotouch) (< net45) (>= netstandard1.3) (< win8) (< wpa81) (< xamarinios) (< xamarinmac) (< xamarintvos) (< xamarinwatchos)) (>= netcoreapp5.0)
      System.IO (>= 4.3) - restriction: && (< monoandroid) (< monotouch) (< net45) (< netcoreapp5.0) (>= netstandard1.3) (< win8) (< wpa81) (< xamarinios) (< xamarinmac) (< xamarintvos) (< xamarinwatchos)
      System.IO.FileSystem (>= 4.3) - restriction: && (< monoandroid) (< monotouch) (< net45) (< netcoreapp5.0) (>= netstandard1.3) (< win8) (< wpa81) (< xamarinios) (< xamarinmac) (< xamarintvos) (< xamarinwatchos)
      System.IO.FileSystem.Primitives (>= 4.3) - restriction: && (< monoandroid) (< monotouch) (< net45) (< netcoreapp5.0) (>= netstandard1.3) (< win8) (< wpa81) (< xamarinios) (< xamarinmac) (< xamarintvos) (< xamarinwatchos)
      System.Linq (>= 4.3) - restriction: && (< monoandroid) (< monotouch) (< net45) (< netcoreapp5.0) (>= netstandard1.3) (< win8) (< wpa81) (< xamarinios) (< xamarinmac) (< xamarintvos) (< xamarinwatchos)
      System.Net.Primitives (>= 4.3) - restriction: || (&& (< monoandroid) (< monotouch) (< net45) (>= netstandard1.3) (< win8) (< wpa81) (< xamarinios) (< xamarinmac) (< xamarintvos) (< xamarinwatchos)) (>= netcoreapp5.0)
      System.Net.Sockets (>= 4.3) - restriction: && (< monoandroid) (< monotouch) (< net45) (< netcoreapp5.0) (>= netstandard1.3) (< win8) (< wpa81) (< xamarinios) (< xamarinmac) (< xamarintvos) (< xamarinwatchos)
      System.Resources.ResourceManager (>= 4.3) - restriction: || (&& (< monoandroid) (< monotouch) (< net45) (>= netstandard1.3) (< win8) (< wpa81) (< xamarinios) (< xamarinmac) (< xamarintvos) (< xamarinwatchos)) (>= netcoreapp5.0)
      System.Runtime (>= 4.3) - restriction: || (&& (< monoandroid) (< monotouch) (< net45) (>= netstandard1.3) (< win8) (< wpa81) (< xamarinios) (< xamarinmac) (< xamarintvos) (< xamarinwatchos)) (&& (< monoandroid) (< net45) (>= netstandard1.0) (< netstandard1.3) (< win8) (< wp8) (< wpa81)) (>= netcoreapp5.0)
      System.Runtime.Extensions (>= 4.3) - restriction: || (&& (< monoandroid) (< monotouch) (< net45) (>= netstandard1.3) (< win8) (< wpa81) (< xamarinios) (< xamarinmac) (< xamarintvos) (< xamarinwatchos)) (>= netcoreapp5.0)
      System.Runtime.Handles (>= 4.3) - restriction: && (< monoandroid) (< monotouch) (< net45) (< netcoreapp5.0) (>= netstandard1.3) (< win8) (< wpa81) (< xamarinios) (< xamarinmac) (< xamarintvos) (< xamarinwatchos)
      System.Runtime.InteropServices (>= 4.3) - restriction: || (&& (< monoandroid) (< monotouch) (< net45) (>= netstandard1.3) (< win8) (< wpa81) (< xamarinios) (< xamarinmac) (< xamarintvos) (< xamarinwatchos)) (>= netcoreapp5.0)
      System.Security.Principal.Windows (>= 4.3) - restriction: && (< monoandroid) (< monotouch) (< net45) (< netcoreapp5.0) (>= netstandard1.3) (< win8) (< wpa81) (< xamarinios) (< xamarinmac) (< xamarintvos) (< xamarinwatchos)
      System.Threading (>= 4.3) - restriction: || (&& (< monoandroid) (< monotouch) (< net45) (>= netstandard1.3) (< win8) (< wpa81) (< xamarinios) (< xamarinmac) (< xamarintvos) (< xamarinwatchos)) (>= netcoreapp5.0)
      System.Threading.Overlapped (>= 4.3) - restriction: && (< monoandroid) (< monotouch) (< net45) (< netcoreapp5.0) (>= netstandard1.3) (< win8) (< wpa81) (< xamarinios) (< xamarinmac) (< xamarintvos) (< xamarinwatchos)
      System.Threading.Tasks (>= 4.3) - restriction: || (&& (< monoandroid) (< monotouch) (< net45) (>= netstandard1.3) (< win8) (< wpa81) (< xamarinios) (< xamarinmac) (< xamarintvos) (< xamarinwatchos)) (>= netcoreapp5.0)
      System.Threading.Thread (>= 4.3) - restriction: && (< monoandroid) (< monotouch) (< net45) (< netcoreapp5.0) (>= netstandard1.3) (< win8) (< wpa81) (< xamarinios) (< xamarinmac) (< xamarintvos) (< xamarinwatchos)
      System.Threading.ThreadPool (>= 4.3) - restriction: && (< monoandroid) (< monotouch) (< net45) (< netcoreapp5.0) (>= netstandard1.3) (< win8) (< wpa81) (< xamarinios) (< xamarinmac) (< xamarintvos) (< xamarinwatchos)
    System.Net.Primitives (4.3.1) - restriction: || (&& (< monoandroid) (< monotouch) (< net452) (>= netstandard1.5) (< xamarinios) (< xamarinmac) (< xamarintvos) (< xamarinwatchos)) (&& (< monoandroid) (< monotouch) (< net452) (>= netstandard1.6) (< xamarinios) (< xamarinmac) (< xamarintvos) (< xamarinwatchos)) (&& (< monoandroid) (< net45) (< netstandard1.2) (>= netstandard1.6) (< win8)) (&& (< monoandroid) (< net45) (< netstandard1.3) (>= netstandard1.6) (< win8) (< wpa81)) (&& (< monoandroid) (< net45) (< netstandard1.4) (>= netstandard1.6) (< win8) (< wpa81)) (&& (< monoandroid) (< net452) (>= netstandard1.5) (< netstandard1.6)) (&& (< net45) (>= net46) (< netstandard1.3) (>= netstandard1.5)) (&& (< net45) (>= net46) (< netstandard1.4) (>= netstandard1.5)) (&& (< net45) (>= net46) (< netstandard1.4) (>= netstandard1.6)) (&& (< net45) (< netstandard1.2) (>= netstandard1.5) (< win8)) (&& (< net45) (< netstandard1.3) (>= netstandard1.5) (< win8) (< wpa81)) (&& (< net45) (< netstandard1.4) (>= netstandard1.5) (< win8) (< wpa81)) (&& (< net45) (>= netstandard1.5) (< netstandard1.6) (< win8) (< wpa81)) (&& (< net45) (>= netstandard1.6) (< netstandard2.0) (< win8) (< wpa81)) (>= netcoreapp5.0) (&& (>= netstandard1.5) (< portable-net45+win8+wpa81))
      Microsoft.NETCore.Platforms (>= 1.1.1) - restriction: || (&& (< monoandroid) (< monotouch) (< net45) (>= netstandard1.3) (< win8) (< wpa81) (< xamarinios) (< xamarinmac) (< xamarintvos) (< xamarinwatchos)) (&& (< monoandroid) (< net45) (>= netstandard1.1) (< netstandard1.3) (< win8) (< wpa81)) (&& (< monoandroid) (>= netstandard1.0) (< netstandard1.1) (< win8) (< wp8)) (>= netcoreapp5.0)
      Microsoft.NETCore.Targets (>= 1.1.3) - restriction: || (&& (< monoandroid) (< monotouch) (< net45) (>= netstandard1.3) (< win8) (< wpa81) (< xamarinios) (< xamarinmac) (< xamarintvos) (< xamarinwatchos)) (&& (< monoandroid) (< net45) (>= netstandard1.1) (< netstandard1.3) (< win8) (< wpa81)) (&& (< monoandroid) (>= netstandard1.0) (< netstandard1.1) (< win8) (< wp8)) (>= netcoreapp5.0)
      System.Runtime (>= 4.3.1) - restriction: || (&& (< monoandroid) (< monotouch) (< net45) (>= netstandard1.3) (< win8) (< wpa81) (< xamarinios) (< xamarinmac) (< xamarintvos) (< xamarinwatchos)) (&& (< monoandroid) (< net45) (>= netstandard1.1) (< netstandard1.3) (< win8) (< wpa81)) (&& (< monoandroid) (>= netstandard1.0) (< netstandard1.1) (< win8) (< wp8)) (>= netcoreapp5.0)
      System.Runtime.Handles (>= 4.3) - restriction: || (&& (< monoandroid) (< monotouch) (< net45) (>= netstandard1.3) (< win8) (< wpa81) (< xamarinios) (< xamarinmac) (< xamarintvos) (< xamarinwatchos)) (>= netcoreapp5.0)
    System.Net.Security (4.3.2) - restriction: && (< net452) (>= netstandard1.5)
      Microsoft.NETCore.Platforms (>= 1.1) - restriction: || (&& (< monoandroid) (< monotouch) (< net46) (< netcoreapp5.0) (>= netstandard1.6) (< xamarinios) (< xamarinmac) (< xamarintvos) (< xamarinwatchos)) (&& (< monoandroid) (< net46) (>= netstandard1.3) (< netstandard1.6))
      Microsoft.Win32.Primitives (>= 4.3) - restriction: || (&& (< monoandroid) (< monotouch) (< net46) (< netcoreapp5.0) (>= netstandard1.6) (< xamarinios) (< xamarinmac) (< xamarintvos) (< xamarinwatchos)) (&& (< monoandroid) (< net46) (>= netstandard1.3) (< netstandard1.6))
      runtime.native.System (>= 4.3) - restriction: && (< monoandroid) (< monotouch) (< net46) (< netcoreapp5.0) (>= netstandard1.6) (< xamarinios) (< xamarinmac) (< xamarintvos) (< xamarinwatchos)
      runtime.native.System.Net.Security (>= 4.3) - restriction: && (< monoandroid) (< monotouch) (< net46) (< netcoreapp5.0) (>= netstandard1.6) (< xamarinios) (< xamarinmac) (< xamarintvos) (< xamarinwatchos)
      runtime.native.System.Security.Cryptography.OpenSsl (>= 4.3.2) - restriction: && (< monoandroid) (< monotouch) (< net46) (< netcoreapp5.0) (>= netstandard1.6) (< xamarinios) (< xamarinmac) (< xamarintvos) (< xamarinwatchos)
      System.Collections (>= 4.3) - restriction: || (&& (< monoandroid) (< monotouch) (< net46) (< netcoreapp5.0) (>= netstandard1.6) (< xamarinios) (< xamarinmac) (< xamarintvos) (< xamarinwatchos)) (&& (< monoandroid) (< net46) (>= netstandard1.3) (< netstandard1.6))
      System.Collections.Concurrent (>= 4.3) - restriction: || (&& (< monoandroid) (< monotouch) (< net46) (< netcoreapp5.0) (>= netstandard1.6) (< xamarinios) (< xamarinmac) (< xamarintvos) (< xamarinwatchos)) (&& (< monoandroid) (< net46) (>= netstandard1.3) (< netstandard1.6))
      System.Diagnostics.Tracing (>= 4.3) - restriction: || (&& (< monoandroid) (< monotouch) (< net46) (< netcoreapp5.0) (>= netstandard1.6) (< xamarinios) (< xamarinmac) (< xamarintvos) (< xamarinwatchos)) (&& (< monoandroid) (< net46) (>= netstandard1.3) (< netstandard1.6))
      System.Globalization (>= 4.3) - restriction: || (&& (< monoandroid) (< monotouch) (< net46) (< netcoreapp5.0) (>= netstandard1.6) (< xamarinios) (< xamarinmac) (< xamarintvos) (< xamarinwatchos)) (&& (< monoandroid) (< net46) (>= netstandard1.3) (< netstandard1.6))
      System.Globalization.Extensions (>= 4.3) - restriction: && (< monoandroid) (< monotouch) (< net46) (< netcoreapp5.0) (>= netstandard1.6) (< xamarinios) (< xamarinmac) (< xamarintvos) (< xamarinwatchos)
      System.IO (>= 4.3) - restriction: || (&& (< monoandroid) (< monotouch) (< net46) (< netcoreapp5.0) (>= netstandard1.6) (< xamarinios) (< xamarinmac) (< xamarintvos) (< xamarinwatchos)) (&& (< monoandroid) (< net46) (>= netstandard1.3) (< netstandard1.6))
      System.Net.Primitives (>= 4.3) - restriction: || (&& (< monoandroid) (< monotouch) (< net46) (< netcoreapp5.0) (>= netstandard1.6) (< xamarinios) (< xamarinmac) (< xamarintvos) (< xamarinwatchos)) (&& (< monoandroid) (< net46) (>= netstandard1.3) (< netstandard1.6))
      System.Resources.ResourceManager (>= 4.3) - restriction: || (&& (< monoandroid) (< monotouch) (< net46) (< netcoreapp5.0) (>= netstandard1.6) (< xamarinios) (< xamarinmac) (< xamarintvos) (< xamarinwatchos)) (&& (< monoandroid) (< net46) (>= netstandard1.3) (< netstandard1.6))
      System.Runtime (>= 4.3) - restriction: || (&& (< monoandroid) (< monotouch) (< net46) (< netcoreapp5.0) (>= netstandard1.6) (< xamarinios) (< xamarinmac) (< xamarintvos) (< xamarinwatchos)) (&& (< monoandroid) (< net46) (>= netstandard1.3) (< netstandard1.6))
      System.Runtime.Extensions (>= 4.3) - restriction: || (&& (< monoandroid) (< monotouch) (< net46) (< netcoreapp5.0) (>= netstandard1.6) (< xamarinios) (< xamarinmac) (< xamarintvos) (< xamarinwatchos)) (&& (< monoandroid) (< net46) (>= netstandard1.3) (< netstandard1.6))
      System.Runtime.Handles (>= 4.3) - restriction: || (&& (< monoandroid) (< monotouch) (< net46) (< netcoreapp5.0) (>= netstandard1.6) (< xamarinios) (< xamarinmac) (< xamarintvos) (< xamarinwatchos)) (&& (< monoandroid) (< net46) (>= netstandard1.3) (< netstandard1.6))
      System.Runtime.InteropServices (>= 4.3) - restriction: || (&& (< monoandroid) (< monotouch) (< net46) (< netcoreapp5.0) (>= netstandard1.6) (< xamarinios) (< xamarinmac) (< xamarintvos) (< xamarinwatchos)) (&& (< monoandroid) (< net46) (>= netstandard1.3) (< netstandard1.6))
      System.Security.Claims (>= 4.3) - restriction: || (&& (< monoandroid) (< monotouch) (< net46) (< netcoreapp5.0) (>= netstandard1.6) (< xamarinios) (< xamarinmac) (< xamarintvos) (< xamarinwatchos)) (&& (< monoandroid) (< net46) (>= netstandard1.3) (< netstandard1.6))
      System.Security.Cryptography.Algorithms (>= 4.3) - restriction: && (< monoandroid) (< monotouch) (< net46) (< netcoreapp5.0) (>= netstandard1.6) (< xamarinios) (< xamarinmac) (< xamarintvos) (< xamarinwatchos)
      System.Security.Cryptography.Encoding (>= 4.3) - restriction: || (&& (< monoandroid) (< monotouch) (< net46) (< netcoreapp5.0) (>= netstandard1.6) (< xamarinios) (< xamarinmac) (< xamarintvos) (< xamarinwatchos)) (&& (< monoandroid) (< net46) (>= netstandard1.3) (< netstandard1.6))
      System.Security.Cryptography.OpenSsl (>= 4.3) - restriction: && (< monoandroid) (< monotouch) (< net46) (< netcoreapp5.0) (>= netstandard1.6) (< xamarinios) (< xamarinmac) (< xamarintvos) (< xamarinwatchos)
      System.Security.Cryptography.Primitives (>= 4.3) - restriction: || (&& (< monoandroid) (< monotouch) (< net46) (< netcoreapp5.0) (>= netstandard1.6) (< xamarinios) (< xamarinmac) (< xamarintvos) (< xamarinwatchos)) (&& (< monoandroid) (< net46) (>= netstandard1.3) (< netstandard1.6))
      System.Security.Cryptography.X509Certificates (>= 4.3) - restriction: || (&& (< monoandroid) (< monotouch) (< netcoreapp5.0) (>= netstandard1.6) (< xamarinios) (< xamarinmac) (< xamarintvos) (< xamarinwatchos)) (&& (< monoandroid) (>= netstandard1.3) (< netstandard1.6)) (>= net46)
      System.Security.Principal (>= 4.3) - restriction: || (&& (< monoandroid) (< monotouch) (< net46) (< netcoreapp5.0) (>= netstandard1.6) (< xamarinios) (< xamarinmac) (< xamarintvos) (< xamarinwatchos)) (&& (< monoandroid) (< net46) (>= netstandard1.3) (< netstandard1.6))
      System.Security.Principal.Windows (>= 4.3) - restriction: && (< monoandroid) (< net46) (>= netstandard1.3) (< netstandard1.6)
      System.Text.Encoding (>= 4.3) - restriction: && (< monoandroid) (< monotouch) (< net46) (< netcoreapp5.0) (>= netstandard1.6) (< xamarinios) (< xamarinmac) (< xamarintvos) (< xamarinwatchos)
      System.Threading (>= 4.3) - restriction: || (&& (< monoandroid) (< monotouch) (< net46) (< netcoreapp5.0) (>= netstandard1.6) (< xamarinios) (< xamarinmac) (< xamarintvos) (< xamarinwatchos)) (&& (< monoandroid) (< net46) (>= netstandard1.3) (< netstandard1.6))
      System.Threading.Tasks (>= 4.3) - restriction: || (&& (< monoandroid) (< monotouch) (< net46) (< netcoreapp5.0) (>= netstandard1.6) (< xamarinios) (< xamarinmac) (< xamarintvos) (< xamarinwatchos)) (&& (< monoandroid) (< net46) (>= netstandard1.3) (< netstandard1.6))
      System.Threading.ThreadPool (>= 4.3) - restriction: || (&& (< monoandroid) (< monotouch) (< net46) (< netcoreapp5.0) (>= netstandard1.6) (< xamarinios) (< xamarinmac) (< xamarintvos) (< xamarinwatchos)) (&& (< monoandroid) (< net46) (>= netstandard1.3) (< netstandard1.6))
    System.Net.Sockets (4.3) - restriction: || (&& (< monoandroid) (< monotouch) (< net45) (>= netstandard1.5) (< netstandard2.0) (< win8) (< wpa81) (< xamarintvos) (< xamarinwatchos)) (&& (< net45) (>= net452) (>= netstandard1.3) (< netstandard2.0)) (&& (< net45) (< netstandard1.4) (>= netstandard1.5) (< win8) (< wpa81)) (&& (< net45) (>= netstandard1.5) (< netstandard1.6) (< win8) (< wpa81)) (&& (< net45) (>= netstandard1.6) (< netstandard2.0) (< win8) (< wpa81)) (&& (< net452) (>= net46) (< netstandard1.4) (>= netstandard1.5))
      Microsoft.NETCore.Platforms (>= 1.1) - restriction: && (< monoandroid) (< monotouch) (< net46) (>= netstandard1.3) (< xamarinios) (< xamarinmac) (< xamarintvos) (< xamarinwatchos)
      Microsoft.NETCore.Targets (>= 1.1) - restriction: && (< monoandroid) (< monotouch) (< net46) (>= netstandard1.3) (< xamarinios) (< xamarinmac) (< xamarintvos) (< xamarinwatchos)
      System.IO (>= 4.3) - restriction: && (< monoandroid) (< monotouch) (< net46) (>= netstandard1.3) (< xamarinios) (< xamarinmac) (< xamarintvos) (< xamarinwatchos)
      System.Net.Primitives (>= 4.3) - restriction: && (< monoandroid) (< monotouch) (< net46) (>= netstandard1.3) (< xamarinios) (< xamarinmac) (< xamarintvos) (< xamarinwatchos)
      System.Runtime (>= 4.3) - restriction: && (< monoandroid) (< monotouch) (< net46) (>= netstandard1.3) (< xamarinios) (< xamarinmac) (< xamarintvos) (< xamarinwatchos)
      System.Threading.Tasks (>= 4.3) - restriction: && (< monoandroid) (< monotouch) (< net46) (>= netstandard1.3) (< xamarinios) (< xamarinmac) (< xamarintvos) (< xamarinwatchos)
    System.Numerics.Vectors (4.5) - restriction: || (&& (< monoandroid) (< net20) (< netcoreapp2.0) (>= netstandard2.0) (< netstandard2.1) (< xamarinios) (< xamarinmac)) (&& (< net20) (>= net461) (>= netstandard2.0)) (&& (>= net461) (< netstandard2.0)) (>= net462)
    System.ObjectModel (4.3) - restriction: || (&& (< monoandroid) (< monotouch) (< net45) (>= netstandard1.5) (< win8) (< wpa81) (< xamarinios) (< xamarinmac) (< xamarintvos) (< xamarinwatchos)) (&& (< monoandroid) (< net45) (< netstandard1.2) (>= netstandard1.6) (< win8)) (&& (< monoandroid) (< net45) (< netstandard1.3) (>= netstandard1.6) (< win8) (< wpa81)) (&& (< monoandroid) (< net45) (< netstandard1.4) (>= netstandard1.6) (< win8) (< wpa81)) (&& (< net45) (< netstandard1.2) (>= netstandard1.5) (< win8)) (&& (< net45) (< netstandard1.3) (>= netstandard1.5) (< win8) (< wpa81)) (&& (< net45) (< netstandard1.4) (>= netstandard1.5) (< win8) (< wpa81)) (&& (< net45) (>= netstandard1.5) (< netstandard1.6) (< win8) (< wpa81)) (&& (< net45) (>= netstandard1.6) (< netstandard2.0) (< win8) (< wpa81)) (>= netcoreapp5.0) (&& (>= netstandard1.5) (< portable-net45+win8+wpa81)) (&& (>= netstandard1.6) (< portable-net45+win8+wpa81))
      System.Collections (>= 4.3) - restriction: || (&& (< monoandroid) (< monotouch) (< net45) (>= netstandard1.3) (< win8) (< wpa81) (< xamarinios) (< xamarinmac) (< xamarintvos) (< xamarinwatchos)) (>= netcoreapp5.0)
      System.Diagnostics.Debug (>= 4.3) - restriction: || (&& (< monoandroid) (< monotouch) (< net45) (>= netstandard1.3) (< win8) (< wpa81) (< xamarinios) (< xamarinmac) (< xamarintvos) (< xamarinwatchos)) (>= netcoreapp5.0)
      System.Resources.ResourceManager (>= 4.3) - restriction: || (&& (< monoandroid) (< monotouch) (< net45) (>= netstandard1.3) (< win8) (< wpa81) (< xamarinios) (< xamarinmac) (< xamarintvos) (< xamarinwatchos)) (>= netcoreapp5.0)
      System.Runtime (>= 4.3) - restriction: || (&& (< monoandroid) (< monotouch) (< net45) (>= netstandard1.3) (< win8) (< wpa81) (< xamarinios) (< xamarinmac) (< xamarintvos) (< xamarinwatchos)) (&& (< monoandroid) (< net45) (>= netstandard1.0) (< netstandard1.3) (< win8) (< wp8) (< wpa81)) (>= netcoreapp5.0)
      System.Threading (>= 4.3) - restriction: || (&& (< monoandroid) (< monotouch) (< net45) (>= netstandard1.3) (< win8) (< wpa81) (< xamarinios) (< xamarinmac) (< xamarintvos) (< xamarinwatchos)) (>= netcoreapp5.0)
    System.Reflection (4.3) - restriction: || (&& (< monoandroid) (< monotouch) (< net45) (>= netstandard1.5) (< netstandard2.0) (< win8) (< wpa81) (< xamarintvos) (< xamarinwatchos)) (&& (< monoandroid) (< monotouch) (< net45) (>= netstandard1.5) (< win8) (< wpa81) (< xamarinios) (< xamarinmac) (< xamarintvos) (< xamarinwatchos)) (&& (< monoandroid) (< monotouch) (< net452) (>= netstandard1.5) (< xamarinios) (< xamarinmac) (< xamarintvos) (< xamarinwatchos)) (&& (< monoandroid) (< net45) (< netstandard1.4) (>= netstandard1.6) (< win8) (< wpa81)) (&& (< net45) (< netstandard1.2) (>= netstandard1.5) (< win8)) (&& (< net45) (< netstandard1.3) (>= netstandard1.5) (< win8) (< wpa81)) (&& (< net45) (< netstandard1.4) (>= netstandard1.5) (< win8) (< wpa81)) (&& (< net45) (>= netstandard1.5) (< netstandard1.6) (< win8) (< wpa81)) (&& (< net45) (>= netstandard1.6) (< netstandard2.0) (< win8) (< wpa81)) (&& (< net452) (>= net46) (< netstandard1.4) (>= netstandard1.6)) (>= netcoreapp5.0) (&& (>= netstandard1.5) (< portable-net45+win8+wpa81))
      Microsoft.NETCore.Platforms (>= 1.1) - restriction: || (&& (< monoandroid) (< monotouch) (< net45) (>= netstandard1.5) (< win8) (< wpa81) (< xamarinios) (< xamarinmac) (< xamarintvos) (< xamarinwatchos)) (&& (< monoandroid) (< net45) (>= netstandard1.0) (< netstandard1.3) (< win8) (< wp8) (< wpa81)) (&& (< monoandroid) (< net45) (>= netstandard1.3) (< netstandard1.5) (< win8) (< wpa81)) (>= netcoreapp5.0)
      Microsoft.NETCore.Targets (>= 1.1) - restriction: || (&& (< monoandroid) (< monotouch) (< net45) (>= netstandard1.5) (< win8) (< wpa81) (< xamarinios) (< xamarinmac) (< xamarintvos) (< xamarinwatchos)) (&& (< monoandroid) (< net45) (>= netstandard1.0) (< netstandard1.3) (< win8) (< wp8) (< wpa81)) (&& (< monoandroid) (< net45) (>= netstandard1.3) (< netstandard1.5) (< win8) (< wpa81)) (>= netcoreapp5.0)
      System.IO (>= 4.3) - restriction: || (&& (< monoandroid) (< monotouch) (< net45) (>= netstandard1.5) (< win8) (< wpa81) (< xamarinios) (< xamarinmac) (< xamarintvos) (< xamarinwatchos)) (&& (< monoandroid) (< net45) (>= netstandard1.0) (< netstandard1.3) (< win8) (< wp8) (< wpa81)) (&& (< monoandroid) (< net45) (>= netstandard1.3) (< netstandard1.5) (< win8) (< wpa81)) (>= netcoreapp5.0)
      System.Reflection.Primitives (>= 4.3) - restriction: || (&& (< monoandroid) (< monotouch) (< net45) (>= netstandard1.5) (< win8) (< wpa81) (< xamarinios) (< xamarinmac) (< xamarintvos) (< xamarinwatchos)) (&& (< monoandroid) (< net45) (>= netstandard1.0) (< netstandard1.3) (< win8) (< wp8) (< wpa81)) (&& (< monoandroid) (< net45) (>= netstandard1.3) (< netstandard1.5) (< win8) (< wpa81)) (>= netcoreapp5.0)
      System.Runtime (>= 4.3) - restriction: || (&& (< monoandroid) (< monotouch) (< net45) (>= netstandard1.5) (< win8) (< wpa81) (< xamarinios) (< xamarinmac) (< xamarintvos) (< xamarinwatchos)) (&& (< monoandroid) (< net45) (>= netstandard1.0) (< netstandard1.3) (< win8) (< wp8) (< wpa81)) (&& (< monoandroid) (< net45) (>= netstandard1.3) (< netstandard1.5) (< win8) (< wpa81)) (>= netcoreapp5.0)
    System.Reflection.Emit (4.7) - restriction: || (&& (< monoandroid) (< monotouch) (< net45) (< netcoreapp5.0) (>= netstandard1.5) (< win8) (< wpa81) (< xamarinios) (< xamarinmac) (< xamarintvos) (< xamarinwatchos)) (&& (< monoandroid) (< monotouch) (< net45) (>= netstandard1.6) (< netstandard2.0) (< win8) (< wpa81) (< xamarintvos) (< xamarinwatchos)) (&& (< monoandroid) (< net45) (< netstandard1.2) (>= netstandard1.6) (< win8)) (&& (< monoandroid) (< net45) (< netstandard1.3) (>= netstandard1.6) (< win8) (< wpa81)) (&& (< monoandroid) (< net45) (< netstandard1.4) (>= netstandard1.6) (< win8) (< wpa81)) (&& (< net45) (>= netstandard2.0)) (&& (>= net461) (< netstandard2.0)) (>= net47) (&& (>= netstandard1.6) (< portable-net45+win8+wpa81))
      System.IO (>= 4.3) - restriction: || (&& (< monoandroid) (< monotouch) (< net45) (>= netstandard1.1) (< netstandard2.0) (< win8) (< wpa81) (< xamarintvos) (< xamarinwatchos)) (>= netcoreapp5.0)
      System.Reflection (>= 4.3) - restriction: || (&& (< monoandroid) (< monotouch) (< net45) (>= netstandard1.1) (< netstandard2.0) (< win8) (< wpa81) (< xamarintvos) (< xamarinwatchos)) (>= netcoreapp5.0)
      System.Reflection.Emit.ILGeneration (>= 4.7) - restriction: || (&& (< monoandroid) (< monotouch) (< net45) (>= netstandard1.1) (< netstandard2.0) (< win8) (< wpa81) (< xamarintvos) (< xamarinwatchos)) (&& (< monoandroid) (< net45) (< netcoreapp2.0) (>= netstandard2.0) (< netstandard2.1) (< xamarinios) (< xamarinmac)) (&& (< monoandroid) (< netstandard1.1) (>= portable-net45+win8+wpa81) (< win8)) (>= netcoreapp5.0) (&& (< netstandard1.1) (>= win8)) (&& (< netstandard2.0) (>= wpa81)) (>= uap10.1)
      System.Reflection.Primitives (>= 4.3) - restriction: || (&& (< monoandroid) (< monotouch) (< net45) (>= netstandard1.1) (< netstandard2.0) (< win8) (< wpa81) (< xamarintvos) (< xamarinwatchos)) (>= netcoreapp5.0)
      System.Resources.ResourceManager (>= 4.3) - restriction: || (&& (< monoandroid) (< monotouch) (< net45) (>= netstandard1.1) (< netstandard2.0) (< win8) (< wpa81) (< xamarintvos) (< xamarinwatchos)) (>= netcoreapp5.0)
      System.Runtime (>= 4.3) - restriction: || (&& (< monoandroid) (< monotouch) (< net45) (>= netstandard1.1) (< netstandard2.0) (< win8) (< wpa81) (< xamarintvos) (< xamarinwatchos)) (>= netcoreapp5.0)
      System.Runtime.InteropServices (>= 4.3) - restriction: || (&& (< monoandroid) (< monotouch) (< net45) (>= netstandard1.1) (< netstandard2.0) (< win8) (< wpa81) (< xamarintvos) (< xamarinwatchos)) (>= netcoreapp5.0)
    System.Reflection.Emit.ILGeneration (4.7) - restriction: || (&& (< monoandroid) (< monotouch) (< net45) (>= netstandard1.5) (< netstandard2.0) (< win8) (< wpa81) (< xamarintvos) (< xamarinwatchos)) (&& (< monoandroid) (< monotouch) (< net45) (>= netstandard1.5) (< win8) (< wpa81) (< xamarinios) (< xamarinmac) (< xamarintvos) (< xamarinwatchos)) (&& (< monoandroid) (< monotouch) (< net45) (>= netstandard1.6) (< netstandard2.0) (< win8) (< wpa81) (< xamarintvos) (< xamarinwatchos)) (&& (< monoandroid) (< net45) (< netcoreapp2.0) (>= netstandard2.0) (< netstandard2.1) (< xamarinios) (< xamarinmac)) (&& (< monoandroid) (< net45) (< netstandard1.2) (>= netstandard1.6) (< win8)) (&& (< monoandroid) (< net45) (< netstandard1.3) (>= netstandard1.6) (< win8) (< wpa81)) (&& (< monoandroid) (< net45) (< netstandard1.4) (>= netstandard1.6) (< win8) (< wpa81)) (&& (< monoandroid) (< netstandard1.1) (>= netstandard1.5) (< win8)) (>= netcoreapp5.0) (&& (>= netstandard1.5) (< netstandard2.0) (>= wpa81)) (&& (>= netstandard1.5) (< portable-net45+wp8) (>= win8)) (&& (>= netstandard1.5) (< portable-net45+wp8) (< win8)) (&& (>= netstandard1.5) (>= uap10.1)) (&& (>= netstandard1.6) (< portable-net45+win8+wpa81))
      System.Reflection (>= 4.3) - restriction: || (&& (< monoandroid) (< monotouch) (< net45) (>= netstandard1.0) (< netstandard2.0) (< win8) (< wp8) (< wpa81) (< xamarintvos) (< xamarinwatchos)) (>= netcoreapp5.0)
      System.Reflection.Primitives (>= 4.3) - restriction: || (&& (< monoandroid) (< monotouch) (< net45) (>= netstandard1.0) (< netstandard2.0) (< win8) (< wp8) (< wpa81) (< xamarintvos) (< xamarinwatchos)) (>= netcoreapp5.0)
      System.Resources.ResourceManager (>= 4.3) - restriction: || (&& (< monoandroid) (< monotouch) (< net45) (>= netstandard1.0) (< netstandard2.0) (< win8) (< wp8) (< wpa81) (< xamarintvos) (< xamarinwatchos)) (>= netcoreapp5.0)
      System.Runtime (>= 4.3) - restriction: || (&& (< monoandroid) (< monotouch) (< net45) (>= netstandard1.0) (< netstandard2.0) (< win8) (< wp8) (< wpa81) (< xamarintvos) (< xamarinwatchos)) (>= netcoreapp5.0)
    System.Reflection.Emit.Lightweight (4.7) - restriction: || (&& (< monoandroid) (< monotouch) (< net45) (>= netstandard1.6) (< netstandard2.0) (< win8) (< wpa81) (< xamarintvos) (< xamarinwatchos)) (&& (< monoandroid) (< net45) (< netstandard1.2) (>= netstandard1.6) (< win8)) (&& (< monoandroid) (< net45) (< netstandard1.3) (>= netstandard1.6) (< win8) (< wpa81)) (&& (< monoandroid) (< net45) (< netstandard1.4) (>= netstandard1.6) (< win8) (< wpa81)) (&& (< net45) (>= netstandard2.0)) (&& (< net452) (>= netstandard1.5)) (&& (>= net461) (< netstandard2.0)) (>= net47) (&& (>= netcoreapp5.0) (< netstandard1.2)) (&& (>= netcoreapp5.0) (< netstandard1.3)) (&& (>= netcoreapp5.0) (< netstandard1.4)) (&& (>= netcoreapp5.0) (< netstandard1.6)) (&& (>= netcoreapp5.0) (< netstandard2.0)) (&& (>= netcoreapp5.0) (< portable-net45+win8+wpa81)) (&& (>= netstandard1.6) (< portable-net45+win8+wpa81))
      System.Reflection (>= 4.3) - restriction: || (&& (< monoandroid) (< monotouch) (< net45) (>= netstandard1.0) (< netstandard2.0) (< win8) (< wp8) (< wpa81) (< xamarintvos) (< xamarinwatchos)) (>= netcoreapp5.0)
      System.Reflection.Emit.ILGeneration (>= 4.7) - restriction: || (&& (< monoandroid) (< monotouch) (< net45) (>= netstandard1.0) (< netstandard2.0) (< win8) (< wp8) (< wpa81) (< xamarintvos) (< xamarinwatchos)) (&& (< monoandroid) (< net45) (< netcoreapp2.0) (>= netstandard2.0) (< netstandard2.1) (< xamarinios) (< xamarinmac)) (>= netcoreapp5.0) (&& (< netstandard2.0) (>= wpa81)) (&& (>= portable-net45+win8+wp8+wpa81) (< portable-net45+wp8) (< win8)) (&& (< portable-net45+wp8) (>= win8)) (>= uap10.1)
      System.Reflection.Primitives (>= 4.3) - restriction: || (&& (< monoandroid) (< monotouch) (< net45) (>= netstandard1.0) (< netstandard2.0) (< win8) (< wp8) (< wpa81) (< xamarintvos) (< xamarinwatchos)) (>= netcoreapp5.0)
      System.Resources.ResourceManager (>= 4.3) - restriction: || (&& (< monoandroid) (< monotouch) (< net45) (>= netstandard1.0) (< netstandard2.0) (< win8) (< wp8) (< wpa81) (< xamarintvos) (< xamarinwatchos)) (>= netcoreapp5.0)
      System.Runtime (>= 4.3) - restriction: || (&& (< monoandroid) (< monotouch) (< net45) (>= netstandard1.0) (< netstandard2.0) (< win8) (< wp8) (< wpa81) (< xamarintvos) (< xamarinwatchos)) (>= netcoreapp5.0)
    System.Reflection.Extensions (4.3) - restriction: || (&& (< monoandroid) (< monotouch) (< net45) (>= netstandard1.5) (< win8) (< wpa81) (< xamarinios) (< xamarinmac) (< xamarintvos) (< xamarinwatchos)) (&& (< monoandroid) (< net45) (< netstandard1.2) (>= netstandard1.6) (< win8)) (&& (< monoandroid) (< net45) (< netstandard1.3) (>= netstandard1.6) (< win8) (< wpa81)) (&& (< monoandroid) (< net45) (< netstandard1.4) (>= netstandard1.6) (< win8) (< wpa81)) (&& (< net45) (< netstandard1.2) (>= netstandard1.5) (< win8)) (&& (< net45) (< netstandard1.3) (>= netstandard1.5) (< win8) (< wpa81)) (&& (< net45) (< netstandard1.4) (>= netstandard1.5) (< win8) (< wpa81)) (&& (< net45) (>= netstandard1.5) (< netstandard1.6) (< win8) (< wpa81)) (&& (< net45) (>= netstandard1.6) (< netstandard2.0) (< win8) (< wpa81)) (&& (>= netcoreapp5.0) (< netstandard1.2)) (&& (>= netcoreapp5.0) (< netstandard1.3)) (&& (>= netcoreapp5.0) (< netstandard1.4)) (&& (>= netcoreapp5.0) (< netstandard1.6)) (&& (>= netcoreapp5.0) (< netstandard2.0)) (&& (>= netcoreapp5.0) (< portable-net45+win8+wpa81)) (&& (>= netstandard1.5) (< portable-net45+win8+wpa81)) (&& (>= netstandard1.6) (< portable-net45+win8+wpa81))
      Microsoft.NETCore.Platforms (>= 1.1) - restriction: || (&& (< monoandroid) (< monotouch) (< net45) (>= netstandard1.0) (< win8) (< wp8) (< wpa81) (< xamarinios) (< xamarinmac) (< xamarintvos) (< xamarinwatchos)) (>= netcoreapp5.0)
      Microsoft.NETCore.Targets (>= 1.1) - restriction: || (&& (< monoandroid) (< monotouch) (< net45) (>= netstandard1.0) (< win8) (< wp8) (< wpa81) (< xamarinios) (< xamarinmac) (< xamarintvos) (< xamarinwatchos)) (>= netcoreapp5.0)
      System.Reflection (>= 4.3) - restriction: || (&& (< monoandroid) (< monotouch) (< net45) (>= netstandard1.0) (< win8) (< wp8) (< wpa81) (< xamarinios) (< xamarinmac) (< xamarintvos) (< xamarinwatchos)) (>= netcoreapp5.0)
      System.Runtime (>= 4.3) - restriction: || (&& (< monoandroid) (< monotouch) (< net45) (>= netstandard1.0) (< win8) (< wp8) (< wpa81) (< xamarinios) (< xamarinmac) (< xamarintvos) (< xamarinwatchos)) (>= netcoreapp5.0)
    System.Reflection.Metadata (1.8.1) - restriction: || (&& (>= net461) (>= netstandard2.0)) (&& (< netcoreapp3.0) (>= netstandard2.0))
      System.Collections.Immutable (>= 1.7.1) - restriction: || (&& (>= net45) (< netstandard2.0)) (&& (< net45) (< netcoreapp3.1) (>= netstandard2.0)) (&& (< net45) (>= netstandard1.1) (< netstandard2.0) (< win8) (< wpa81)) (>= net461) (&& (< netstandard1.1) (>= portable-net45+win8+wpa81) (< win8)) (&& (< netstandard1.1) (>= win8)) (&& (< netstandard2.0) (>= wpa81))
    System.Reflection.Primitives (4.3) - restriction: || (&& (< monoandroid) (< monotouch) (< net45) (>= netstandard1.5) (< netstandard2.0) (< win8) (< wpa81) (< xamarintvos) (< xamarinwatchos)) (&& (< monoandroid) (< monotouch) (< net45) (>= netstandard1.5) (< win8) (< wpa81) (< xamarinios) (< xamarinmac) (< xamarintvos) (< xamarinwatchos)) (&& (< monoandroid) (< net45) (< netstandard1.2) (>= netstandard1.6) (< win8)) (&& (< monoandroid) (< net45) (< netstandard1.3) (>= netstandard1.6) (< win8) (< wpa81)) (&& (< monoandroid) (< net45) (< netstandard1.4) (>= netstandard1.6) (< win8) (< wpa81)) (&& (< monoandroid) (< net45) (< netstandard1.5) (>= netstandard1.6) (< win8) (< wpa81)) (&& (< net45) (< netstandard1.2) (>= netstandard1.5) (< win8)) (&& (< net45) (< netstandard1.3) (>= netstandard1.5) (< win8) (< wpa81)) (&& (< net45) (< netstandard1.4) (>= netstandard1.5) (< win8) (< wpa81)) (&& (< net45) (>= netstandard1.5) (< netstandard1.6) (< win8) (< wpa81)) (&& (< net45) (>= netstandard1.6) (< netstandard2.0) (< win8) (< wpa81)) (>= netcoreapp5.0) (&& (>= netstandard1.5) (< portable-net45+win8+wpa81)) (&& (>= netstandard1.6) (< portable-net45+win8+wpa81))
      Microsoft.NETCore.Platforms (>= 1.1) - restriction: || (&& (< monoandroid) (< monotouch) (< net45) (>= netstandard1.0) (< win8) (< wp8) (< wpa81) (< xamarinios) (< xamarinmac) (< xamarintvos) (< xamarinwatchos)) (>= netcoreapp5.0)
      Microsoft.NETCore.Targets (>= 1.1) - restriction: || (&& (< monoandroid) (< monotouch) (< net45) (>= netstandard1.0) (< win8) (< wp8) (< wpa81) (< xamarinios) (< xamarinmac) (< xamarintvos) (< xamarinwatchos)) (>= netcoreapp5.0)
      System.Runtime (>= 4.3) - restriction: || (&& (< monoandroid) (< monotouch) (< net45) (>= netstandard1.0) (< win8) (< wp8) (< wpa81) (< xamarinios) (< xamarinmac) (< xamarintvos) (< xamarinwatchos)) (>= netcoreapp5.0)
    System.Reflection.TypeExtensions (4.7) - restriction: || (&& (< monoandroid) (< monotouch) (< net45) (>= netstandard1.5) (< win8) (< wpa81) (< xamarinios) (< xamarinmac) (< xamarintvos) (< xamarinwatchos)) (&& (< monoandroid) (< monotouch) (< net45) (>= netstandard1.6) (< netstandard2.0) (< win8) (< wpa81) (< xamarintvos) (< xamarinwatchos)) (&& (< monoandroid) (< net45) (< netstandard1.2) (>= netstandard1.6) (< win8)) (&& (< monoandroid) (< net45) (< netstandard1.3) (>= netstandard1.6) (< win8) (< wpa81)) (&& (< monoandroid) (< net45) (< netstandard1.4) (>= netstandard1.6) (< win8) (< wpa81)) (&& (>= netcoreapp3.1) (< netstandard2.0)) (>= netcoreapp5.0) (&& (>= netstandard1.6) (< portable-net45+win8+wpa81))
      System.Diagnostics.Contracts (>= 4.3) - restriction: >= netcoreapp5.0
      System.Diagnostics.Debug (>= 4.3) - restriction: >= netcoreapp5.0
      System.Linq (>= 4.3) - restriction: >= netcoreapp5.0
      System.Reflection (>= 4.3) - restriction: || (&& (< monoandroid) (< monotouch) (< net46) (>= netstandard1.5) (< netstandard2.0) (< xamarintvos) (< xamarinwatchos)) (&& (< monoandroid) (< net46) (>= netstandard1.3) (< netstandard1.5) (< uap10.1)) (>= netcoreapp5.0)
      System.Reflection.Primitives (>= 4.3) - restriction: >= netcoreapp5.0
      System.Resources.ResourceManager (>= 4.3) - restriction: || (&& (< monoandroid) (< monotouch) (< net46) (>= netstandard1.5) (< netstandard2.0) (< xamarintvos) (< xamarinwatchos)) (&& (< monoandroid) (< net46) (>= netstandard1.3) (< netstandard1.5) (< uap10.1)) (>= netcoreapp5.0)
      System.Runtime (>= 4.3) - restriction: || (&& (< monoandroid) (< monotouch) (< net46) (>= netstandard1.5) (< netstandard2.0) (< xamarintvos) (< xamarinwatchos)) (&& (< monoandroid) (< net46) (>= netstandard1.3) (< netstandard1.5) (< uap10.1)) (>= netcoreapp5.0)
      System.Runtime.Extensions (>= 4.3) - restriction: >= netcoreapp5.0
    System.Resources.ResourceManager (4.3) - restriction: || (&& (< monoandroid) (< monotouch) (< net45) (>= netstandard1.5) (< netstandard2.0) (< win8) (< wpa81) (< xamarintvos) (< xamarinwatchos)) (&& (< monoandroid) (< monotouch) (< net45) (>= netstandard1.5) (< win8) (< wpa81) (< xamarinios) (< xamarinmac) (< xamarintvos) (< xamarinwatchos)) (&& (< monoandroid) (< monotouch) (< net452) (>= netstandard1.5) (< xamarinios) (< xamarinmac) (< xamarintvos) (< xamarinwatchos)) (&& (< monoandroid) (< net45) (< netstandard1.2) (>= netstandard1.6) (< win8)) (&& (< monoandroid) (< net45) (< netstandard1.3) (>= netstandard1.6) (< win8) (< wpa81)) (&& (< monoandroid) (< net45) (< netstandard1.4) (>= netstandard1.6) (< win8) (< wpa81)) (&& (< net45) (>= net46) (< netstandard1.4) (>= netstandard1.5)) (&& (< net45) (>= net46) (< netstandard1.4) (>= netstandard1.6)) (&& (< net45) (< netstandard1.2) (>= netstandard1.5) (< win8)) (&& (< net45) (< netstandard1.3) (>= netstandard1.5) (< win8) (< wpa81)) (&& (< net45) (< netstandard1.4) (>= netstandard1.5) (< win8) (< wpa81)) (&& (< net45) (>= netstandard1.5) (< netstandard1.6) (< win8) (< wpa81)) (&& (< net45) (>= netstandard1.6) (< netstandard2.0) (< win8) (< wpa81)) (>= netcoreapp5.0) (&& (>= netstandard1.5) (< portable-net45+win8+wpa81)) (&& (>= netstandard1.6) (< portable-net45+win8+wpa81))
      Microsoft.NETCore.Platforms (>= 1.1) - restriction: || (&& (< monoandroid) (< monotouch) (< net45) (>= netstandard1.0) (< win8) (< wp8) (< wpa81) (< xamarinios) (< xamarinmac) (< xamarintvos) (< xamarinwatchos)) (>= netcoreapp5.0)
      Microsoft.NETCore.Targets (>= 1.1) - restriction: || (&& (< monoandroid) (< monotouch) (< net45) (>= netstandard1.0) (< win8) (< wp8) (< wpa81) (< xamarinios) (< xamarinmac) (< xamarintvos) (< xamarinwatchos)) (>= netcoreapp5.0)
      System.Globalization (>= 4.3) - restriction: || (&& (< monoandroid) (< monotouch) (< net45) (>= netstandard1.0) (< win8) (< wp8) (< wpa81) (< xamarinios) (< xamarinmac) (< xamarintvos) (< xamarinwatchos)) (>= netcoreapp5.0)
      System.Reflection (>= 4.3) - restriction: || (&& (< monoandroid) (< monotouch) (< net45) (>= netstandard1.0) (< win8) (< wp8) (< wpa81) (< xamarinios) (< xamarinmac) (< xamarintvos) (< xamarinwatchos)) (>= netcoreapp5.0)
      System.Runtime (>= 4.3) - restriction: || (&& (< monoandroid) (< monotouch) (< net45) (>= netstandard1.0) (< win8) (< wp8) (< wpa81) (< xamarinios) (< xamarinmac) (< xamarintvos) (< xamarinwatchos)) (>= netcoreapp5.0)
    System.Runtime (4.3.1) - restriction: || (&& (< monoandroid) (< monotouch) (< net45) (>= netstandard1.5) (< netstandard2.0) (< win8) (< wpa81) (< xamarintvos) (< xamarinwatchos)) (&& (< monoandroid) (< monotouch) (< net45) (>= netstandard1.5) (< win8) (< wpa81) (< xamarinios) (< xamarinmac) (< xamarintvos) (< xamarinwatchos)) (&& (< monoandroid) (< monotouch) (< net45) (>= netstandard1.6) (< win8) (< wpa81) (< xamarinios) (< xamarinmac) (< xamarintvos) (< xamarinwatchos)) (&& (< monoandroid) (< monotouch) (< net452) (>= netstandard1.5) (< xamarinios) (< xamarinmac) (< xamarintvos) (< xamarinwatchos)) (&& (< monoandroid) (< net45) (< netstandard1.2) (>= netstandard1.6) (< win8)) (&& (< monoandroid) (< net45) (< netstandard1.3) (>= netstandard1.6) (< win8) (< wpa81)) (&& (< monoandroid) (< net45) (< netstandard1.4) (>= netstandard1.6) (< win8) (< wpa81)) (&& (< monoandroid) (< net452) (< netstandard1.4) (>= netstandard1.5)) (&& (< monoandroid) (< netstandard1.1) (>= netstandard1.5) (< win8)) (&& (< monoandroid) (< netstandard1.1) (>= netstandard1.6) (< win8)) (&& (< net45) (>= net46) (< netstandard1.4) (>= netstandard1.6)) (&& (< net45) (< netstandard1.2) (>= netstandard1.5) (< win8)) (&& (< net45) (< netstandard1.3) (>= netstandard1.5) (< win8) (< wpa81)) (&& (< net45) (< netstandard1.4) (>= netstandard1.5) (< win8) (< wpa81)) (&& (< net45) (>= netstandard1.5) (< netstandard1.6) (< win8) (< wpa81)) (&& (< net45) (>= netstandard1.6) (< netstandard2.0) (< win8) (< wpa81)) (>= netcoreapp5.0) (&& (>= netstandard1.5) (< portable-net45+win8+wpa81))
      Microsoft.NETCore.Platforms (>= 1.1.1) - restriction: || (&& (< monoandroid) (< monotouch) (< net45) (>= netstandard1.5) (< win8) (< wpa81) (< xamarinios) (< xamarinmac) (< xamarintvos) (< xamarinwatchos)) (&& (< monoandroid) (< net45) (>= netstandard1.0) (< netstandard1.2) (< win8) (< wp8)) (&& (< monoandroid) (< net45) (>= netstandard1.2) (< netstandard1.3) (< win8) (< wpa81)) (&& (< monoandroid) (< net45) (>= netstandard1.3) (< netstandard1.5) (< win8) (< wpa81)) (>= netcoreapp5.0)
      Microsoft.NETCore.Targets (>= 1.1.3) - restriction: || (&& (< monoandroid) (< monotouch) (< net45) (>= netstandard1.5) (< win8) (< wpa81) (< xamarinios) (< xamarinmac) (< xamarintvos) (< xamarinwatchos)) (&& (< monoandroid) (< net45) (>= netstandard1.0) (< netstandard1.2) (< win8) (< wp8)) (&& (< monoandroid) (< net45) (>= netstandard1.2) (< netstandard1.3) (< win8) (< wpa81)) (&& (< monoandroid) (< net45) (>= netstandard1.3) (< netstandard1.5) (< win8) (< wpa81)) (>= netcoreapp5.0)
    System.Runtime.CompilerServices.Unsafe (4.7.1) - restriction: || (&& (>= monoandroid) (>= netstandard2.0)) (&& (< monoandroid) (< net45) (< netcoreapp2.1) (>= netstandard2.0)) (&& (< monoandroid) (< net46) (< netcoreapp2.0) (>= netstandard2.0)) (&& (< monoandroid) (< netstandard1.0) (>= netstandard2.0) (< win8)) (&& (>= monotouch) (>= net452)) (&& (>= monotouch) (>= netstandard2.0)) (&& (< net20) (< netcoreapp2.0) (>= netstandard2.0) (< netstandard2.1)) (&& (< net20) (< netstandard1.1) (>= netstandard2.0) (< win8)) (&& (>= net452) (< netstandard1.1)) (&& (>= net452) (< netstandard2.0)) (&& (>= net452) (>= uap10.1)) (&& (>= net452) (>= xamarintvos)) (&& (>= net452) (>= xamarinwatchos)) (&& (>= net461) (>= netstandard2.0)) (&& (>= net461) (< netstandard2.0)) (&& (>= net461) (>= netstandard2.1)) (>= net462) (&& (>= netcoreapp2.0) (< netcoreapp2.1) (< netstandard2.1)) (&& (>= netcoreapp2.0) (< netcoreapp3.1)) (&& (>= netcoreapp2.0) (< netstandard2.0)) (&& (< netcoreapp2.0) (>= netstandard2.1)) (&& (< netcoreapp3.0) (>= netstandard2.0)) (&& (< netstandard1.0) (>= netstandard2.0) (>= win8)) (&& (< netstandard1.1) (>= netstandard2.0) (>= win8)) (&& (>= netstandard2.0) (>= uap10.1)) (&& (>= netstandard2.0) (>= wp8)) (&& (>= netstandard2.0) (>= xamarintvos)) (&& (>= netstandard2.0) (>= xamarinwatchos)) (>= xamarinios) (>= xamarinmac)
    System.Runtime.Extensions (4.3.1) - restriction: || (&& (< monoandroid) (< monotouch) (< net45) (>= netstandard1.5) (< win8) (< wpa81) (< xamarinios) (< xamarinmac) (< xamarintvos) (< xamarinwatchos)) (&& (< monoandroid) (< monotouch) (< net452) (>= netstandard1.5) (< xamarinios) (< xamarinmac) (< xamarintvos) (< xamarinwatchos)) (&& (< monoandroid) (< net45) (< netstandard1.2) (>= netstandard1.6) (< win8)) (&& (< monoandroid) (< net45) (< netstandard1.3) (>= netstandard1.6) (< win8) (< wpa81)) (&& (< monoandroid) (< net45) (< netstandard1.4) (>= netstandard1.6) (< win8) (< wpa81)) (&& (< net45) (>= net46) (< netstandard1.4) (>= netstandard1.5)) (&& (< net45) (>= net46) (< netstandard1.4) (>= netstandard1.6)) (&& (< net45) (< netstandard1.2) (>= netstandard1.5) (< win8)) (&& (< net45) (< netstandard1.3) (>= netstandard1.5) (< win8) (< wpa81)) (&& (< net45) (< netstandard1.4) (>= netstandard1.5) (< win8) (< wpa81)) (&& (< net45) (>= netstandard1.5) (< netstandard1.6) (< win8) (< wpa81)) (&& (< net45) (>= netstandard1.6) (< netstandard2.0) (< win8) (< wpa81)) (>= netcoreapp5.0) (&& (>= netstandard1.5) (< portable-net45+win8+wpa81)) (&& (>= netstandard1.6) (< portable-net45+win8+wpa81))
      Microsoft.NETCore.Platforms (>= 1.1.1) - restriction: || (&& (< monoandroid) (< monotouch) (< net45) (>= netstandard1.5) (< win8) (< wpa81) (< xamarinios) (< xamarinmac) (< xamarintvos) (< xamarinwatchos)) (&& (< monoandroid) (< net45) (>= netstandard1.0) (< netstandard1.3) (< win8) (< wp8) (< wpa81)) (&& (< monoandroid) (< net45) (>= netstandard1.3) (< netstandard1.5) (< win8) (< wpa81)) (>= netcoreapp5.0)
      Microsoft.NETCore.Targets (>= 1.1.3) - restriction: || (&& (< monoandroid) (< monotouch) (< net45) (>= netstandard1.5) (< win8) (< wpa81) (< xamarinios) (< xamarinmac) (< xamarintvos) (< xamarinwatchos)) (&& (< monoandroid) (< net45) (>= netstandard1.0) (< netstandard1.3) (< win8) (< wp8) (< wpa81)) (&& (< monoandroid) (< net45) (>= netstandard1.3) (< netstandard1.5) (< win8) (< wpa81)) (>= netcoreapp5.0)
      System.Runtime (>= 4.3.1) - restriction: || (&& (< monoandroid) (< monotouch) (< net45) (>= netstandard1.5) (< win8) (< wpa81) (< xamarinios) (< xamarinmac) (< xamarintvos) (< xamarinwatchos)) (&& (< monoandroid) (< net45) (>= netstandard1.0) (< netstandard1.3) (< win8) (< wp8) (< wpa81)) (&& (< monoandroid) (< net45) (>= netstandard1.3) (< netstandard1.5) (< win8) (< wpa81)) (>= netcoreapp5.0)
    System.Runtime.Handles (4.3) - restriction: || (&& (< monoandroid) (< monotouch) (< net452) (>= netstandard1.5) (< xamarinios) (< xamarinmac) (< xamarintvos) (< xamarinwatchos)) (&& (< monoandroid) (< net45) (< netstandard1.2) (>= netstandard1.5) (< win8)) (&& (< monoandroid) (< net45) (< netstandard1.2) (>= netstandard1.6) (< win8)) (&& (< monoandroid) (< net45) (< netstandard1.3) (>= netstandard1.5) (< win8) (< wpa81)) (&& (< monoandroid) (< net45) (< netstandard1.3) (>= netstandard1.6) (< win8) (< wpa81)) (&& (< monoandroid) (< net45) (< netstandard1.4) (>= netstandard1.6) (< win8) (< wpa81)) (&& (< monoandroid) (< net452) (< netstandard1.4) (>= netstandard1.5)) (&& (< net45) (>= net46) (< netstandard1.4) (>= netstandard1.5)) (&& (< net45) (>= net46) (< netstandard1.4) (>= netstandard1.6)) (&& (< net45) (< netstandard1.4) (>= netstandard1.5) (< win8) (< wpa81)) (&& (< net45) (>= netstandard1.5) (< netstandard1.6) (< win8) (< wpa81)) (&& (< net45) (>= netstandard1.6) (< netstandard2.0) (< win8) (< wpa81)) (&& (< net452) (>= net46) (< netstandard1.4) (>= netstandard1.6)) (>= netcoreapp5.0)
      Microsoft.NETCore.Platforms (>= 1.1) - restriction: && (< monoandroid) (< monotouch) (< net46) (>= netstandard1.3) (< xamarinios) (< xamarinmac) (< xamarintvos) (< xamarinwatchos)
      Microsoft.NETCore.Targets (>= 1.1) - restriction: && (< monoandroid) (< monotouch) (< net46) (>= netstandard1.3) (< xamarinios) (< xamarinmac) (< xamarintvos) (< xamarinwatchos)
      System.Runtime (>= 4.3) - restriction: && (< monoandroid) (< monotouch) (< net46) (>= netstandard1.3) (< xamarinios) (< xamarinmac) (< xamarintvos) (< xamarinwatchos)
    System.Runtime.InteropServices (4.3) - restriction: || (&& (< monoandroid) (< monotouch) (< net452) (>= netstandard1.5) (< xamarinios) (< xamarinmac) (< xamarintvos) (< xamarinwatchos)) (&& (< monoandroid) (< net45) (< netstandard1.2) (>= netstandard1.6) (< win8)) (&& (< monoandroid) (< net45) (< netstandard1.3) (>= netstandard1.6) (< win8) (< wpa81)) (&& (< monoandroid) (< net45) (< netstandard1.4) (>= netstandard1.6) (< win8) (< wpa81)) (&& (< net45) (>= net46) (< netstandard1.4) (>= netstandard1.5)) (&& (< net45) (>= net46) (< netstandard1.4) (>= netstandard1.6)) (&& (< net45) (< netstandard1.2) (>= netstandard1.5) (< win8)) (&& (< net45) (< netstandard1.3) (>= netstandard1.5) (< win8) (< wpa81)) (&& (< net45) (< netstandard1.4) (>= netstandard1.5) (< win8) (< wpa81)) (&& (< net45) (>= netstandard1.5) (< netstandard1.6) (< win8) (< wpa81)) (&& (< net45) (>= netstandard1.6) (< netstandard2.0) (< win8) (< wpa81)) (&& (< net452) (>= net46) (< netstandard1.4) (>= netstandard1.6)) (>= netcoreapp5.0)
      Microsoft.NETCore.Platforms (>= 1.1) - restriction: || (&& (< monoandroid) (< monotouch) (< net45) (>= netstandard1.5) (< win8) (< wpa81) (< xamarinios) (< xamarinmac) (< xamarintvos) (< xamarinwatchos)) (&& (< monoandroid) (< net45) (>= netstandard1.1) (< netstandard1.2) (< win8)) (&& (< monoandroid) (< net45) (>= netstandard1.2) (< netstandard1.3) (< win8) (< wpa81)) (&& (< monoandroid) (< net45) (>= netstandard1.3) (< netstandard1.5) (< win8) (< wpa81)) (>= netcoreapp1.1)
      Microsoft.NETCore.Targets (>= 1.1) - restriction: || (&& (< monoandroid) (< monotouch) (< net45) (>= netstandard1.5) (< win8) (< wpa81) (< xamarinios) (< xamarinmac) (< xamarintvos) (< xamarinwatchos)) (&& (< monoandroid) (< net45) (>= netstandard1.1) (< netstandard1.2) (< win8)) (&& (< monoandroid) (< net45) (>= netstandard1.2) (< netstandard1.3) (< win8) (< wpa81)) (&& (< monoandroid) (< net45) (>= netstandard1.3) (< netstandard1.5) (< win8) (< wpa81)) (>= netcoreapp1.1)
      System.Reflection (>= 4.3) - restriction: || (&& (< monoandroid) (< monotouch) (< net45) (>= netstandard1.5) (< win8) (< wpa81) (< xamarinios) (< xamarinmac) (< xamarintvos) (< xamarinwatchos)) (&& (< monoandroid) (< net45) (>= netstandard1.1) (< netstandard1.2) (< win8)) (&& (< monoandroid) (< net45) (>= netstandard1.2) (< netstandard1.3) (< win8) (< wpa81)) (&& (< monoandroid) (< net45) (>= netstandard1.3) (< netstandard1.5) (< win8) (< wpa81)) (>= netcoreapp1.1)
      System.Reflection.Primitives (>= 4.3) - restriction: || (&& (< monoandroid) (< monotouch) (< net45) (>= netstandard1.5) (< win8) (< wpa81) (< xamarinios) (< xamarinmac) (< xamarintvos) (< xamarinwatchos)) (&& (< monoandroid) (< net45) (>= netstandard1.1) (< netstandard1.2) (< win8)) (&& (< monoandroid) (< net45) (>= netstandard1.2) (< netstandard1.3) (< win8) (< wpa81)) (&& (< monoandroid) (< net45) (>= netstandard1.3) (< netstandard1.5) (< win8) (< wpa81)) (>= netcoreapp1.1)
      System.Runtime (>= 4.3) - restriction: || (&& (< monoandroid) (< monotouch) (< net45) (>= netstandard1.5) (< win8) (< wpa81) (< xamarinios) (< xamarinmac) (< xamarintvos) (< xamarinwatchos)) (&& (< monoandroid) (< net45) (>= netstandard1.1) (< netstandard1.2) (< win8)) (&& (< monoandroid) (< net45) (>= netstandard1.2) (< netstandard1.3) (< win8) (< wpa81)) (&& (< monoandroid) (< net45) (>= netstandard1.3) (< netstandard1.5) (< win8) (< wpa81)) (>= net462) (>= netcoreapp1.1)
      System.Runtime.Handles (>= 4.3) - restriction: || (&& (< monoandroid) (< monotouch) (< net45) (>= netstandard1.5) (< win8) (< wpa81) (< xamarinios) (< xamarinmac) (< xamarintvos) (< xamarinwatchos)) (&& (< monoandroid) (< net45) (>= netstandard1.3) (< netstandard1.5) (< win8) (< wpa81)) (>= netcoreapp1.1)
    System.Runtime.InteropServices.RuntimeInformation (4.3) - restriction: || (&& (>= net45) (< netstandard1.3) (>= netstandard1.5)) (&& (< net45) (< netstandard1.2) (>= netstandard1.5) (< win8)) (&& (< net45) (< netstandard1.3) (>= netstandard1.5) (< win8) (< wpa81)) (&& (< net45) (< netstandard1.4) (>= netstandard1.5) (< win8) (< wpa81)) (&& (< net45) (>= netstandard1.5) (< netstandard1.6) (< win8) (< wpa81)) (&& (< net45) (>= netstandard1.6) (< netstandard2.0) (< win8) (< wpa81)) (>= net452) (&& (>= net46) (< netstandard1.4) (>= netstandard1.5)) (&& (< netstandard1.0) (>= netstandard1.5) (< portable-net45+win8)) (&& (< netstandard1.0) (>= netstandard1.5) (>= win8)) (&& (< netstandard1.0) (>= netstandard1.5) (< win8)) (&& (< netstandard1.3) (>= netstandard1.5) (< win8) (>= wpa81))
    System.Runtime.Numerics (4.3) - restriction: || (&& (< monoandroid) (< net45) (< netstandard1.4) (>= netstandard1.6) (< win8) (< wpa81)) (&& (< net45) (< netstandard1.2) (>= netstandard1.5) (< win8)) (&& (< net45) (< netstandard1.3) (>= netstandard1.5) (< win8) (< wpa81)) (&& (< net45) (< netstandard1.4) (>= netstandard1.5) (< win8) (< wpa81)) (&& (< net45) (>= netstandard1.5) (< netstandard1.6) (< win8) (< wpa81)) (&& (< net45) (>= netstandard1.6) (< netstandard2.0) (< win8) (< wpa81)) (&& (< net452) (>= net46) (< netstandard1.4) (>= netstandard1.6))
      System.Globalization (>= 4.3) - restriction: || (&& (< monoandroid) (< monotouch) (< net45) (>= netstandard1.3) (< win8) (< wpa81) (< xamarinios) (< xamarinmac) (< xamarintvos) (< xamarinwatchos)) (>= netcoreapp5.0)
      System.Resources.ResourceManager (>= 4.3) - restriction: || (&& (< monoandroid) (< monotouch) (< net45) (>= netstandard1.3) (< win8) (< wpa81) (< xamarinios) (< xamarinmac) (< xamarintvos) (< xamarinwatchos)) (>= netcoreapp5.0)
      System.Runtime (>= 4.3) - restriction: || (&& (< monoandroid) (< monotouch) (< net45) (>= netstandard1.3) (< win8) (< wpa81) (< xamarinios) (< xamarinmac) (< xamarintvos) (< xamarinwatchos)) (&& (< monoandroid) (< net45) (>= netstandard1.1) (< netstandard1.3) (< win8) (< wpa81)) (>= netcoreapp5.0)
      System.Runtime.Extensions (>= 4.3) - restriction: || (&& (< monoandroid) (< monotouch) (< net45) (>= netstandard1.3) (< win8) (< wpa81) (< xamarinios) (< xamarinmac) (< xamarintvos) (< xamarinwatchos)) (>= netcoreapp5.0)
    System.Runtime.Serialization.Formatters (4.3) - restriction: && (< net452) (>= netstandard1.5)
      System.Collections (>= 4.3) - restriction: && (< monoandroid) (< monotouch) (< net46) (>= netstandard1.4) (< xamarinios) (< xamarinmac) (< xamarintvos) (< xamarinwatchos)
      System.Reflection (>= 4.3) - restriction: && (< monoandroid) (< monotouch) (< net46) (>= netstandard1.4) (< xamarinios) (< xamarinmac) (< xamarintvos) (< xamarinwatchos)
      System.Resources.ResourceManager (>= 4.3) - restriction: && (< monoandroid) (< monotouch) (< net46) (>= netstandard1.4) (< xamarinios) (< xamarinmac) (< xamarintvos) (< xamarinwatchos)
      System.Runtime (>= 4.3) - restriction: || (&& (< monoandroid) (< monotouch) (< net46) (>= netstandard1.4) (< xamarinios) (< xamarinmac) (< xamarintvos) (< xamarinwatchos)) (&& (< monoandroid) (< net46) (>= netstandard1.3) (< netstandard1.4))
      System.Runtime.Serialization.Primitives (>= 4.3) - restriction: || (&& (< monoandroid) (< monotouch) (>= netstandard1.4) (< xamarinios) (< xamarinmac) (< xamarintvos) (< xamarinwatchos)) (&& (< monoandroid) (>= netstandard1.3) (< netstandard1.4)) (>= net46)
    System.Runtime.Serialization.Primitives (4.3) - restriction: || (&& (< monoandroid) (< monotouch) (< net452) (>= netstandard1.5) (< xamarinios) (< xamarinmac) (< xamarintvos) (< xamarinwatchos)) (&& (< monoandroid) (< net452) (< netstandard1.4) (>= netstandard1.5)) (&& (< net452) (>= net46) (>= netstandard1.5))
      System.Resources.ResourceManager (>= 4.3) - restriction: || (&& (< monoandroid) (< monotouch) (< net45) (>= netstandard1.3) (< win8) (< wpa81) (< xamarinios) (< xamarinmac) (< xamarintvos) (< xamarinwatchos)) (>= netcoreapp5.0)
      System.Runtime (>= 4.3) - restriction: || (&& (< monoandroid) (< monotouch) (< net45) (>= netstandard1.3) (< win8) (< wpa81) (< xamarinios) (< xamarinmac) (< xamarintvos) (< xamarinwatchos)) (&& (< monoandroid) (< net45) (>= netstandard1.0) (< netstandard1.3) (< win8) (< wp8) (< wpa81)) (>= netcoreapp5.0)
    System.Security.AccessControl (4.7) - restriction: || (&& (< monoandroid) (< net452) (< netcoreapp5.0) (>= netstandard2.0) (< xamarinios) (< xamarinmac)) (&& (< net452) (>= net461) (>= netstandard1.5)) (&& (>= net461) (>= netstandard2.0)) (&& (>= netcoreapp2.0) (< netcoreapp5.0)) (&& (< netcoreapp3.0) (>= netstandard2.0))
      Microsoft.NETCore.Platforms (>= 3.1) - restriction: >= netcoreapp2.0
      System.Security.Principal.Windows (>= 4.7) - restriction: || (&& (>= net46) (< netstandard2.0)) (&& (< net46) (>= netstandard1.3) (< netstandard2.0) (< uap10.1)) (&& (< net46) (>= netstandard2.0)) (>= net461) (>= netcoreapp2.0)
    System.Security.Claims (4.3) - restriction: || (&& (< monoandroid) (< monotouch) (< net452) (< netcoreapp5.0) (>= netstandard1.6) (< xamarinios) (< xamarinmac) (< xamarintvos) (< xamarinwatchos)) (&& (< monoandroid) (< net452) (>= netstandard1.5) (< netstandard1.6))
      System.Collections (>= 4.3) - restriction: && (< monoandroid) (< monotouch) (< net46) (>= netstandard1.3) (< xamarinios) (< xamarinmac) (< xamarintvos) (< xamarinwatchos)
      System.Globalization (>= 4.3) - restriction: && (< monoandroid) (< monotouch) (< net46) (>= netstandard1.3) (< xamarinios) (< xamarinmac) (< xamarintvos) (< xamarinwatchos)
      System.IO (>= 4.3) - restriction: && (< monoandroid) (< monotouch) (< net46) (>= netstandard1.3) (< xamarinios) (< xamarinmac) (< xamarintvos) (< xamarinwatchos)
      System.Resources.ResourceManager (>= 4.3) - restriction: && (< monoandroid) (< monotouch) (< net46) (>= netstandard1.3) (< xamarinios) (< xamarinmac) (< xamarintvos) (< xamarinwatchos)
      System.Runtime (>= 4.3) - restriction: && (< monoandroid) (< monotouch) (< net46) (>= netstandard1.3) (< xamarinios) (< xamarinmac) (< xamarintvos) (< xamarinwatchos)
      System.Runtime.Extensions (>= 4.3) - restriction: && (< monoandroid) (< monotouch) (< net46) (>= netstandard1.3) (< xamarinios) (< xamarinmac) (< xamarintvos) (< xamarinwatchos)
      System.Security.Principal (>= 4.3) - restriction: && (< monoandroid) (< monotouch) (< net46) (>= netstandard1.3) (< xamarinios) (< xamarinmac) (< xamarintvos) (< xamarinwatchos)
    System.Security.Cryptography.Algorithms (4.3.1) - restriction: || (&& (< monoandroid) (< monotouch) (< net452) (< netcoreapp5.0) (>= netstandard1.6) (< xamarinios) (< xamarinmac) (< xamarintvos) (< xamarinwatchos)) (&& (< monoandroid) (< net45) (< netstandard1.2) (>= netstandard1.6) (< win8)) (&& (< monoandroid) (< net45) (< netstandard1.3) (>= netstandard1.6) (< win8) (< wpa81)) (&& (< monoandroid) (< net45) (< netstandard1.4) (>= netstandard1.6) (< win8) (< wpa81)) (&& (< net45) (>= net46) (< netstandard1.4) (>= netstandard1.5)) (&& (< net45) (>= net46) (< netstandard1.4) (>= netstandard1.6)) (&& (< net45) (>= net461) (< netstandard1.4) (>= netstandard1.5)) (&& (< net45) (>= net461) (>= netstandard1.5) (< netstandard1.6)) (&& (< net45) (>= net461) (>= netstandard1.6) (< netstandard2.0)) (&& (< net45) (< netstandard1.4) (>= netstandard1.5) (< win8) (< wpa81)) (&& (< net45) (>= netstandard1.5) (< netstandard1.6) (< win8) (< wpa81)) (&& (< net45) (>= netstandard1.6) (< netstandard2.0) (< win8) (< wpa81)) (&& (< net452) (>= net46) (< netstandard1.4) (>= netstandard1.5)) (&& (< net452) (>= net46) (< netstandard1.4) (>= netstandard1.6)) (&& (< net452) (>= net461) (< netstandard1.4) (>= netstandard1.5)) (&& (>= netcoreapp5.0) (< netstandard1.4)) (&& (>= netcoreapp5.0) (< netstandard1.6)) (&& (>= netcoreapp5.0) (< netstandard2.0))
      Microsoft.NETCore.Platforms (>= 1.1) - restriction: || (&& (< monoandroid) (< monotouch) (< net46) (>= netstandard1.6) (< xamarinios) (< xamarinmac) (< xamarintvos) (< xamarinwatchos)) (>= netcoreapp5.0)
      runtime.native.System.Security.Cryptography.Apple (>= 4.3.1) - restriction: && (< monoandroid) (< monotouch) (< net46) (< netcoreapp5.0) (>= netstandard1.6) (< xamarinios) (< xamarinmac) (< xamarintvos) (< xamarinwatchos)
      runtime.native.System.Security.Cryptography.OpenSsl (>= 4.3.2) - restriction: && (< monoandroid) (< monotouch) (< net46) (< netcoreapp5.0) (>= netstandard1.6) (< xamarinios) (< xamarinmac) (< xamarintvos) (< xamarinwatchos)
      System.Collections (>= 4.3) - restriction: && (< monoandroid) (< monotouch) (< net46) (< netcoreapp5.0) (>= netstandard1.6) (< xamarinios) (< xamarinmac) (< xamarintvos) (< xamarinwatchos)
      System.IO (>= 4.3) - restriction: || (&& (< monoandroid) (< monotouch) (< net46) (>= netstandard1.6) (< xamarinios) (< xamarinmac) (< xamarintvos) (< xamarinwatchos)) (&& (< monoandroid) (< net46) (>= netstandard1.3) (< netstandard1.4)) (&& (< monoandroid) (< net46) (>= netstandard1.4) (< netstandard1.6)) (>= net463) (>= netcoreapp5.0)
      System.Resources.ResourceManager (>= 4.3) - restriction: || (&& (< monoandroid) (< monotouch) (< net46) (>= netstandard1.6) (< xamarinios) (< xamarinmac) (< xamarintvos) (< xamarinwatchos)) (>= netcoreapp5.0)
      System.Runtime (>= 4.3) - restriction: || (&& (< monoandroid) (< monotouch) (< net46) (>= netstandard1.6) (< xamarinios) (< xamarinmac) (< xamarintvos) (< xamarinwatchos)) (&& (< monoandroid) (< net46) (>= netstandard1.3) (< netstandard1.4)) (&& (< monoandroid) (< net46) (>= netstandard1.4) (< netstandard1.6)) (>= net463) (>= netcoreapp5.0)
      System.Runtime.Extensions (>= 4.3) - restriction: || (&& (< monoandroid) (< monotouch) (< net46) (>= netstandard1.6) (< xamarinios) (< xamarinmac) (< xamarintvos) (< xamarinwatchos)) (>= netcoreapp5.0)
      System.Runtime.Handles (>= 4.3) - restriction: || (&& (< monoandroid) (< monotouch) (< net46) (>= netstandard1.6) (< xamarinios) (< xamarinmac) (< xamarintvos) (< xamarinwatchos)) (>= netcoreapp5.0)
      System.Runtime.InteropServices (>= 4.3) - restriction: || (&& (< monoandroid) (< monotouch) (< net46) (>= netstandard1.6) (< xamarinios) (< xamarinmac) (< xamarintvos) (< xamarinwatchos)) (>= netcoreapp5.0)
      System.Runtime.Numerics (>= 4.3) - restriction: && (< monoandroid) (< monotouch) (< net46) (< netcoreapp5.0) (>= netstandard1.6) (< xamarinios) (< xamarinmac) (< xamarintvos) (< xamarinwatchos)
      System.Security.Cryptography.Encoding (>= 4.3) - restriction: || (&& (< monoandroid) (< monotouch) (< net46) (>= netstandard1.6) (< xamarinios) (< xamarinmac) (< xamarintvos) (< xamarinwatchos)) (>= net463) (>= netcoreapp5.0)
      System.Security.Cryptography.Primitives (>= 4.3) - restriction: || (&& (< monoandroid) (< monotouch) (< net46) (>= netstandard1.6) (< xamarinios) (< xamarinmac) (< xamarintvos) (< xamarinwatchos)) (&& (< monoandroid) (< net46) (>= netstandard1.3) (< netstandard1.4)) (&& (< monoandroid) (< net46) (>= netstandard1.4) (< netstandard1.6)) (&& (>= net46) (< netstandard1.4)) (&& (>= net461) (< netstandard1.6)) (>= net463) (>= netcoreapp5.0)
      System.Text.Encoding (>= 4.3) - restriction: || (&& (< monoandroid) (< monotouch) (< net46) (>= netstandard1.6) (< xamarinios) (< xamarinmac) (< xamarintvos) (< xamarinwatchos)) (>= netcoreapp5.0)
    System.Security.Cryptography.Cng (4.7) - restriction: || (&& (< monoandroid) (< monotouch) (< net45) (>= netstandard1.6) (< netstandard2.0) (< win8) (< wpa81) (< xamarintvos) (< xamarinwatchos)) (&& (< monoandroid) (< net45) (< netstandard1.4) (>= netstandard1.6) (< win8) (< wpa81)) (&& (< monoandroid) (< net46) (< netcoreapp2.0) (>= netstandard2.0) (< netstandard2.1) (< xamarinios) (< xamarinmac)) (&& (< net452) (>= net46) (< netstandard1.4) (>= netstandard1.6)) (&& (>= netcoreapp2.0) (< netcoreapp2.1) (< netstandard2.1)) (&& (< netcoreapp2.0) (>= netstandard2.1)) (&& (>= netcoreapp2.1) (< netstandard2.1)) (>= netcoreapp3.1) (&& (>= netcoreapp5.0) (< netstandard1.4)) (&& (>= netcoreapp5.0) (< netstandard1.6)) (&& (>= netcoreapp5.0) (< netstandard2.0))
      System.IO (>= 4.3) - restriction: || (&& (< monoandroid) (< monotouch) (< net46) (>= netstandard1.6) (< netstandard2.0) (< xamarintvos) (< xamarinwatchos)) (&& (< monoandroid) (< net46) (>= netstandard1.3) (< netstandard1.4)) (&& (< monoandroid) (< net46) (>= netstandard1.4) (< netstandard1.6) (< uap10.1))
      System.Resources.ResourceManager (>= 4.3) - restriction: || (&& (< monoandroid) (< monotouch) (< net46) (>= netstandard1.6) (< netstandard2.0) (< xamarintvos) (< xamarinwatchos)) (&& (< monoandroid) (< net46) (>= netstandard1.3) (< netstandard1.4)) (&& (< monoandroid) (< net46) (>= netstandard1.4) (< netstandard1.6) (< uap10.1))
      System.Runtime (>= 4.3) - restriction: || (&& (< monoandroid) (< monotouch) (< net46) (>= netstandard1.6) (< netstandard2.0) (< xamarintvos) (< xamarinwatchos)) (&& (< monoandroid) (< net46) (>= netstandard1.3) (< netstandard1.4)) (&& (< monoandroid) (< net46) (>= netstandard1.4) (< netstandard1.6) (< uap10.1))
      System.Runtime.Extensions (>= 4.3) - restriction: || (&& (< monoandroid) (< monotouch) (< net46) (>= netstandard1.6) (< netstandard2.0) (< xamarintvos) (< xamarinwatchos)) (&& (< monoandroid) (< net46) (>= netstandard1.4) (< netstandard1.6) (< uap10.1))
      System.Runtime.Handles (>= 4.3) - restriction: || (&& (< monoandroid) (< monotouch) (< net46) (>= netstandard1.6) (< netstandard2.0) (< xamarintvos) (< xamarinwatchos)) (&& (< monoandroid) (< net46) (>= netstandard1.3) (< netstandard1.4)) (&& (< monoandroid) (< net46) (>= netstandard1.4) (< netstandard1.6) (< uap10.1))
      System.Runtime.InteropServices (>= 4.3) - restriction: || (&& (< monoandroid) (< monotouch) (< net46) (>= netstandard1.6) (< netstandard2.0) (< xamarintvos) (< xamarinwatchos)) (&& (< monoandroid) (< net46) (>= netstandard1.3) (< netstandard1.4)) (&& (< monoandroid) (< net46) (>= netstandard1.4) (< netstandard1.6) (< uap10.1))
      System.Security.Cryptography.Algorithms (>= 4.3) - restriction: || (&& (< monoandroid) (< monotouch) (< net46) (>= netstandard1.6) (< netstandard2.0) (< xamarintvos) (< xamarinwatchos)) (&& (< monoandroid) (< net46) (>= netstandard1.3) (< netstandard1.4)) (&& (< monoandroid) (< net46) (>= netstandard1.4) (< netstandard1.6) (< uap10.1)) (&& (>= net46) (< netstandard1.4))
      System.Security.Cryptography.Encoding (>= 4.3) - restriction: || (&& (< monoandroid) (< monotouch) (< net46) (>= netstandard1.6) (< netstandard2.0) (< xamarintvos) (< xamarinwatchos)) (&& (< monoandroid) (< net46) (>= netstandard1.4) (< netstandard1.6) (< uap10.1))
      System.Security.Cryptography.Primitives (>= 4.3) - restriction: || (&& (< monoandroid) (< monotouch) (< net46) (>= netstandard1.6) (< netstandard2.0) (< xamarintvos) (< xamarinwatchos)) (&& (< monoandroid) (< net46) (>= netstandard1.3) (< netstandard1.4)) (&& (< monoandroid) (< net46) (>= netstandard1.4) (< netstandard1.6) (< uap10.1)) (&& (>= net46) (< netstandard1.4))
      System.Text.Encoding (>= 4.3) - restriction: || (&& (< monoandroid) (< monotouch) (< net46) (>= netstandard1.6) (< netstandard2.0) (< xamarintvos) (< xamarinwatchos)) (&& (< monoandroid) (< net46) (>= netstandard1.4) (< netstandard1.6) (< uap10.1))
    System.Security.Cryptography.Csp (4.3) - restriction: || (&& (< monoandroid) (< monotouch) (< net45) (>= netstandard1.6) (< netstandard2.0) (< win8) (< wpa81) (< xamarintvos) (< xamarinwatchos)) (&& (< monoandroid) (< net45) (< netstandard1.4) (>= netstandard1.6) (< win8) (< wpa81)) (&& (< net452) (>= net46) (< netstandard1.4) (>= netstandard1.6))
      Microsoft.NETCore.Platforms (>= 1.1) - restriction: && (< monoandroid) (< monotouch) (< net46) (< netcoreapp5.0) (>= netstandard1.3) (< xamarinios) (< xamarinmac) (< xamarintvos) (< xamarinwatchos)
      System.IO (>= 4.3) - restriction: && (< monoandroid) (< monotouch) (< net46) (< netcoreapp5.0) (>= netstandard1.3) (< xamarinios) (< xamarinmac) (< xamarintvos) (< xamarinwatchos)
      System.Reflection (>= 4.3) - restriction: && (< monoandroid) (< monotouch) (< net46) (< netcoreapp5.0) (>= netstandard1.3) (< xamarinios) (< xamarinmac) (< xamarintvos) (< xamarinwatchos)
      System.Resources.ResourceManager (>= 4.3) - restriction: && (< monoandroid) (< monotouch) (< net46) (< netcoreapp5.0) (>= netstandard1.3) (< xamarinios) (< xamarinmac) (< xamarintvos) (< xamarinwatchos)
      System.Runtime (>= 4.3) - restriction: && (< monoandroid) (< monotouch) (< net46) (< netcoreapp5.0) (>= netstandard1.3) (< xamarinios) (< xamarinmac) (< xamarintvos) (< xamarinwatchos)
      System.Runtime.Extensions (>= 4.3) - restriction: && (< monoandroid) (< monotouch) (< net46) (< netcoreapp5.0) (>= netstandard1.3) (< xamarinios) (< xamarinmac) (< xamarintvos) (< xamarinwatchos)
      System.Runtime.Handles (>= 4.3) - restriction: && (< monoandroid) (< monotouch) (< net46) (< netcoreapp5.0) (>= netstandard1.3) (< xamarinios) (< xamarinmac) (< xamarintvos) (< xamarinwatchos)
      System.Runtime.InteropServices (>= 4.3) - restriction: && (< monoandroid) (< monotouch) (< net46) (< netcoreapp5.0) (>= netstandard1.3) (< xamarinios) (< xamarinmac) (< xamarintvos) (< xamarinwatchos)
      System.Security.Cryptography.Algorithms (>= 4.3) - restriction: || (&& (< monoandroid) (< monotouch) (< netcoreapp5.0) (>= netstandard1.3) (< xamarinios) (< xamarinmac) (< xamarintvos) (< xamarinwatchos)) (>= net46)
      System.Security.Cryptography.Encoding (>= 4.3) - restriction: && (< monoandroid) (< monotouch) (< net46) (< netcoreapp5.0) (>= netstandard1.3) (< xamarinios) (< xamarinmac) (< xamarintvos) (< xamarinwatchos)
      System.Security.Cryptography.Primitives (>= 4.3) - restriction: || (&& (< monoandroid) (< monotouch) (< netcoreapp5.0) (>= netstandard1.3) (< xamarinios) (< xamarinmac) (< xamarintvos) (< xamarinwatchos)) (>= net46)
      System.Text.Encoding (>= 4.3) - restriction: && (< monoandroid) (< monotouch) (< net46) (< netcoreapp5.0) (>= netstandard1.3) (< xamarinios) (< xamarinmac) (< xamarintvos) (< xamarinwatchos)
      System.Threading (>= 4.3) - restriction: && (< monoandroid) (< monotouch) (< net46) (< netcoreapp5.0) (>= netstandard1.3) (< xamarinios) (< xamarinmac) (< xamarintvos) (< xamarinwatchos)
    System.Security.Cryptography.Encoding (4.3) - restriction: || (&& (< monoandroid) (< monotouch) (< net452) (< netcoreapp5.0) (>= netstandard1.6) (< xamarinios) (< xamarinmac) (< xamarintvos) (< xamarinwatchos)) (&& (< monoandroid) (< net45) (< netstandard1.2) (>= netstandard1.5) (< win8)) (&& (< monoandroid) (< net45) (< netstandard1.2) (>= netstandard1.6) (< win8)) (&& (< monoandroid) (< net45) (< netstandard1.3) (>= netstandard1.5) (< win8) (< wpa81)) (&& (< monoandroid) (< net45) (< netstandard1.3) (>= netstandard1.6) (< win8) (< wpa81)) (&& (< monoandroid) (< net45) (< netstandard1.4) (>= netstandard1.6) (< win8) (< wpa81)) (&& (< monoandroid) (< net452) (>= netstandard1.5) (< netstandard1.6)) (&& (< net45) (>= net46) (< netstandard1.4) (>= netstandard1.5)) (&& (< net45) (>= net46) (< netstandard1.4) (>= netstandard1.6)) (&& (< net45) (>= net463) (< netstandard1.4)) (&& (< net45) (>= net463) (>= netstandard1.6) (< netstandard2.0)) (&& (< net45) (>= net463) (< netstandard1.6)) (&& (< net45) (< netstandard1.4) (>= netstandard1.5) (< win8) (< wpa81)) (&& (< net45) (>= netstandard1.5) (< netstandard1.6) (< win8) (< wpa81)) (&& (< net45) (>= netstandard1.6) (< netstandard2.0) (< win8) (< wpa81)) (&& (< net452) (>= net46) (< netstandard1.4) (>= netstandard1.5)) (&& (< net452) (>= net46) (< netstandard1.4) (>= netstandard1.6)) (&& (< net452) (>= net463) (< netstandard1.4)) (&& (>= netcoreapp5.0) (< netstandard1.4)) (&& (>= netcoreapp5.0) (< netstandard1.6)) (&& (>= netcoreapp5.0) (< netstandard2.0))
      Microsoft.NETCore.Platforms (>= 1.1) - restriction: && (< monoandroid) (< monotouch) (< net46) (>= netstandard1.3) (< xamarinios) (< xamarinmac) (< xamarintvos) (< xamarinwatchos)
      runtime.native.System.Security.Cryptography.OpenSsl (>= 4.3) - restriction: && (< monoandroid) (< monotouch) (< net46) (>= netstandard1.3) (< xamarinios) (< xamarinmac) (< xamarintvos) (< xamarinwatchos)
      System.Collections (>= 4.3) - restriction: && (< monoandroid) (< monotouch) (< net46) (>= netstandard1.3) (< xamarinios) (< xamarinmac) (< xamarintvos) (< xamarinwatchos)
      System.Collections.Concurrent (>= 4.3) - restriction: && (< monoandroid) (< monotouch) (< net46) (>= netstandard1.3) (< xamarinios) (< xamarinmac) (< xamarintvos) (< xamarinwatchos)
      System.Linq (>= 4.3) - restriction: && (< monoandroid) (< monotouch) (< net46) (>= netstandard1.3) (< xamarinios) (< xamarinmac) (< xamarintvos) (< xamarinwatchos)
      System.Resources.ResourceManager (>= 4.3) - restriction: && (< monoandroid) (< monotouch) (< net46) (>= netstandard1.3) (< xamarinios) (< xamarinmac) (< xamarintvos) (< xamarinwatchos)
      System.Runtime (>= 4.3) - restriction: && (< monoandroid) (< monotouch) (< net46) (>= netstandard1.3) (< xamarinios) (< xamarinmac) (< xamarintvos) (< xamarinwatchos)
      System.Runtime.Extensions (>= 4.3) - restriction: && (< monoandroid) (< monotouch) (< net46) (>= netstandard1.3) (< xamarinios) (< xamarinmac) (< xamarintvos) (< xamarinwatchos)
      System.Runtime.Handles (>= 4.3) - restriction: && (< monoandroid) (< monotouch) (< net46) (>= netstandard1.3) (< xamarinios) (< xamarinmac) (< xamarintvos) (< xamarinwatchos)
      System.Runtime.InteropServices (>= 4.3) - restriction: && (< monoandroid) (< monotouch) (< net46) (>= netstandard1.3) (< xamarinios) (< xamarinmac) (< xamarintvos) (< xamarinwatchos)
      System.Security.Cryptography.Primitives (>= 4.3) - restriction: && (< monoandroid) (< monotouch) (< net46) (>= netstandard1.3) (< xamarinios) (< xamarinmac) (< xamarintvos) (< xamarinwatchos)
      System.Text.Encoding (>= 4.3) - restriction: && (< monoandroid) (< monotouch) (< net46) (>= netstandard1.3) (< xamarinios) (< xamarinmac) (< xamarintvos) (< xamarinwatchos)
    System.Security.Cryptography.OpenSsl (4.7) - restriction: || (&& (< monoandroid) (< monotouch) (< net45) (>= netstandard1.6) (< netstandard2.0) (< win8) (< wpa81) (< xamarintvos) (< xamarinwatchos)) (&& (< monoandroid) (< monotouch) (< net452) (< netcoreapp5.0) (>= netstandard1.6) (< xamarinios) (< xamarinmac) (< xamarintvos) (< xamarinwatchos)) (&& (< monoandroid) (< net45) (< netstandard1.2) (>= netstandard1.6) (< win8)) (&& (< monoandroid) (< net45) (< netstandard1.3) (>= netstandard1.6) (< win8) (< wpa81)) (&& (< monoandroid) (< net45) (< netstandard1.4) (>= netstandard1.6) (< win8) (< wpa81)) (&& (< net45) (>= net46) (< netstandard1.4) (>= netstandard1.6))
      System.Collections (>= 4.3) - restriction: && (>= netstandard1.6) (< netstandard2.0)
      System.IO (>= 4.3) - restriction: && (>= netstandard1.6) (< netstandard2.0)
      System.Resources.ResourceManager (>= 4.3) - restriction: && (>= netstandard1.6) (< netstandard2.0)
      System.Runtime (>= 4.3) - restriction: && (>= netstandard1.6) (< netstandard2.0)
      System.Runtime.Extensions (>= 4.3) - restriction: && (>= netstandard1.6) (< netstandard2.0)
      System.Runtime.Handles (>= 4.3) - restriction: && (>= netstandard1.6) (< netstandard2.0)
      System.Runtime.InteropServices (>= 4.3) - restriction: && (>= netstandard1.6) (< netstandard2.0)
      System.Runtime.Numerics (>= 4.3) - restriction: && (>= netstandard1.6) (< netstandard2.0)
      System.Security.Cryptography.Algorithms (>= 4.3) - restriction: && (>= netstandard1.6) (< netstandard2.0)
      System.Security.Cryptography.Encoding (>= 4.3) - restriction: && (>= netstandard1.6) (< netstandard2.0)
      System.Security.Cryptography.Primitives (>= 4.3) - restriction: && (>= netstandard1.6) (< netstandard2.0)
      System.Text.Encoding (>= 4.3) - restriction: && (>= netstandard1.6) (< netstandard2.0)
    System.Security.Cryptography.Pkcs (4.7) - restriction: && (< net461) (< netcoreapp3.0) (>= netstandard2.0)
      System.Buffers (>= 4.5) - restriction: && (< monoandroid) (< net46) (< netcoreapp2.0) (>= netstandard2.0) (< netstandard2.1) (< xamarinios) (< xamarinmac)
      System.Memory (>= 4.5.3) - restriction: || (&& (< monoandroid) (< net46) (< netcoreapp2.0) (>= netstandard2.0) (< netstandard2.1) (< xamarinios) (< xamarinmac)) (&& (>= netcoreapp2.0) (< netcoreapp2.1) (< netstandard2.1)) (>= uap10.1)
      System.Security.Cryptography.Cng (>= 4.7) - restriction: || (&& (< monoandroid) (< net46) (< netcoreapp2.0) (>= netstandard2.0) (< netstandard2.1) (< xamarinios) (< xamarinmac)) (&& (>= netcoreapp2.0) (< netcoreapp2.1) (< netstandard2.1)) (&& (< netcoreapp2.0) (>= netstandard2.1)) (&& (>= netcoreapp2.1) (< netstandard2.1)) (>= netcoreapp3.0)
    System.Security.Cryptography.Primitives (4.3) - restriction: || (&& (< monoandroid) (< monotouch) (< net452) (< netcoreapp5.0) (>= netstandard1.6) (< xamarinios) (< xamarinmac) (< xamarintvos) (< xamarinwatchos)) (&& (< monoandroid) (< monotouch) (< net452) (>= netstandard1.5) (< xamarinios) (< xamarinmac) (< xamarintvos) (< xamarinwatchos)) (&& (< monoandroid) (< net45) (< netstandard1.2) (>= netstandard1.6) (< win8)) (&& (< monoandroid) (< net45) (< netstandard1.3) (>= netstandard1.6) (< win8) (< wpa81)) (&& (< monoandroid) (< net45) (< netstandard1.4) (>= netstandard1.6) (< win8) (< wpa81)) (&& (< monoandroid) (< net452) (>= netstandard1.5) (< netstandard1.6)) (&& (< net45) (>= net46) (< netstandard1.4) (>= netstandard1.5)) (&& (< net45) (>= net46) (< netstandard1.4) (>= netstandard1.6)) (&& (< net45) (>= net461) (< netstandard1.4) (>= netstandard1.5)) (&& (< net45) (>= net461) (>= netstandard1.5) (< netstandard1.6)) (&& (< net45) (>= net463) (< netstandard1.4)) (&& (< net45) (>= net463) (>= netstandard1.6) (< netstandard2.0)) (&& (< net45) (>= net463) (< netstandard1.6)) (&& (< net45) (< netstandard1.4) (>= netstandard1.5) (< win8) (< wpa81)) (&& (< net45) (>= netstandard1.5) (< netstandard1.6) (< win8) (< wpa81)) (&& (< net45) (>= netstandard1.6) (< netstandard2.0) (< win8) (< wpa81)) (&& (< net452) (>= net46) (< netstandard1.4) (>= netstandard1.5)) (&& (< net452) (>= net46) (< netstandard1.4) (>= netstandard1.6)) (&& (< net452) (>= net461) (< netstandard1.4) (>= netstandard1.5)) (&& (< net452) (>= net463) (< netstandard1.4)) (&& (>= netcoreapp5.0) (< netstandard1.4)) (&& (>= netcoreapp5.0) (< netstandard1.6)) (&& (>= netcoreapp5.0) (< netstandard2.0))
      System.Diagnostics.Debug (>= 4.3) - restriction: && (< monoandroid) (< monotouch) (< net46) (>= netstandard1.3) (< xamarinios) (< xamarinmac) (< xamarintvos) (< xamarinwatchos)
      System.Globalization (>= 4.3) - restriction: && (< monoandroid) (< monotouch) (< net46) (>= netstandard1.3) (< xamarinios) (< xamarinmac) (< xamarintvos) (< xamarinwatchos)
      System.IO (>= 4.3) - restriction: && (< monoandroid) (< monotouch) (< net46) (>= netstandard1.3) (< xamarinios) (< xamarinmac) (< xamarintvos) (< xamarinwatchos)
      System.Resources.ResourceManager (>= 4.3) - restriction: && (< monoandroid) (< monotouch) (< net46) (>= netstandard1.3) (< xamarinios) (< xamarinmac) (< xamarintvos) (< xamarinwatchos)
      System.Runtime (>= 4.3) - restriction: && (< monoandroid) (< monotouch) (< net46) (>= netstandard1.3) (< xamarinios) (< xamarinmac) (< xamarintvos) (< xamarinwatchos)
      System.Threading (>= 4.3) - restriction: && (< monoandroid) (< monotouch) (< net46) (>= netstandard1.3) (< xamarinios) (< xamarinmac) (< xamarintvos) (< xamarinwatchos)
      System.Threading.Tasks (>= 4.3) - restriction: && (< monoandroid) (< monotouch) (< net46) (>= netstandard1.3) (< xamarinios) (< xamarinmac) (< xamarintvos) (< xamarinwatchos)
    System.Security.Cryptography.X509Certificates (4.3.2) - restriction: || (&& (< monoandroid) (< monotouch) (< net452) (< netcoreapp5.0) (>= netstandard1.6) (< xamarinios) (< xamarinmac) (< xamarintvos) (< xamarinwatchos)) (&& (< monoandroid) (< net45) (< netstandard1.2) (>= netstandard1.5) (< win8)) (&& (< monoandroid) (< net45) (< netstandard1.2) (>= netstandard1.6) (< win8)) (&& (< monoandroid) (< net45) (< netstandard1.3) (>= netstandard1.5) (< win8) (< wpa81)) (&& (< monoandroid) (< net45) (< netstandard1.3) (>= netstandard1.6) (< win8) (< wpa81)) (&& (< monoandroid) (< net45) (< netstandard1.4) (>= netstandard1.6) (< win8) (< wpa81)) (&& (< monoandroid) (< net452) (>= netstandard1.5) (< netstandard1.6)) (&& (< net45) (>= net46) (< netstandard1.2) (>= netstandard1.5)) (&& (< net45) (>= net46) (< netstandard1.3) (>= netstandard1.5)) (&& (< net45) (>= net46) (< netstandard1.4) (>= netstandard1.5)) (&& (< net45) (>= net46) (< netstandard1.4) (>= netstandard1.6)) (&& (< net45) (>= net46) (>= netstandard1.5) (< netstandard1.6)) (&& (< net45) (>= net46) (>= netstandard1.6) (< netstandard2.0)) (&& (< net45) (< netstandard1.4) (>= netstandard1.5) (< win8) (< wpa81)) (&& (< net45) (>= netstandard1.5) (< netstandard1.6) (< win8) (< wpa81)) (&& (< net45) (>= netstandard1.6) (< netstandard2.0) (< win8) (< wpa81)) (&& (< net452) (>= net46) (>= netstandard1.5)) (&& (>= netcoreapp5.0) (< netstandard1.2)) (&& (>= netcoreapp5.0) (< netstandard1.3)) (&& (>= netcoreapp5.0) (< netstandard1.4)) (&& (>= netcoreapp5.0) (< netstandard1.6)) (&& (>= netcoreapp5.0) (< netstandard2.0))
      Microsoft.NETCore.Platforms (>= 1.1) - restriction: || (&& (< monoandroid) (< monotouch) (< net46) (>= netstandard1.6) (< xamarinios) (< xamarinmac) (< xamarintvos) (< xamarinwatchos)) (>= netcoreapp5.0)
      runtime.native.System (>= 4.3) - restriction: && (< monoandroid) (< monotouch) (< net46) (< netcoreapp5.0) (>= netstandard1.6) (< xamarinios) (< xamarinmac) (< xamarintvos) (< xamarinwatchos)
      runtime.native.System.Net.Http (>= 4.3) - restriction: && (< monoandroid) (< monotouch) (< net46) (< netcoreapp5.0) (>= netstandard1.6) (< xamarinios) (< xamarinmac) (< xamarintvos) (< xamarinwatchos)
      runtime.native.System.Security.Cryptography.OpenSsl (>= 4.3.2) - restriction: && (< monoandroid) (< monotouch) (< net46) (< netcoreapp5.0) (>= netstandard1.6) (< xamarinios) (< xamarinmac) (< xamarintvos) (< xamarinwatchos)
      System.Collections (>= 4.3) - restriction: || (&& (< monoandroid) (< monotouch) (< net46) (>= netstandard1.6) (< xamarinios) (< xamarinmac) (< xamarintvos) (< xamarinwatchos)) (>= netcoreapp5.0)
      System.Diagnostics.Debug (>= 4.3) - restriction: && (< monoandroid) (< monotouch) (< net46) (< netcoreapp5.0) (>= netstandard1.6) (< xamarinios) (< xamarinmac) (< xamarintvos) (< xamarinwatchos)
      System.Globalization (>= 4.3) - restriction: || (&& (< monoandroid) (< monotouch) (< net46) (>= netstandard1.6) (< xamarinios) (< xamarinmac) (< xamarintvos) (< xamarinwatchos)) (>= netcoreapp5.0)
      System.Globalization.Calendars (>= 4.3) - restriction: || (&& (< monoandroid) (< monotouch) (< net46) (>= netstandard1.6) (< xamarinios) (< xamarinmac) (< xamarintvos) (< xamarinwatchos)) (>= netcoreapp5.0)
      System.IO (>= 4.3) - restriction: || (&& (< monoandroid) (< monotouch) (< net46) (>= netstandard1.6) (< xamarinios) (< xamarinmac) (< xamarintvos) (< xamarinwatchos)) (>= netcoreapp5.0)
      System.IO.FileSystem (>= 4.3) - restriction: || (&& (< monoandroid) (< monotouch) (< net46) (>= netstandard1.6) (< xamarinios) (< xamarinmac) (< xamarintvos) (< xamarinwatchos)) (>= netcoreapp5.0)
      System.IO.FileSystem.Primitives (>= 4.3) - restriction: && (< monoandroid) (< monotouch) (< net46) (< netcoreapp5.0) (>= netstandard1.6) (< xamarinios) (< xamarinmac) (< xamarintvos) (< xamarinwatchos)
      System.Resources.ResourceManager (>= 4.3) - restriction: || (&& (< monoandroid) (< monotouch) (< net46) (>= netstandard1.6) (< xamarinios) (< xamarinmac) (< xamarintvos) (< xamarinwatchos)) (>= netcoreapp5.0)
      System.Runtime (>= 4.3) - restriction: || (&& (< monoandroid) (< monotouch) (< net46) (>= netstandard1.6) (< xamarinios) (< xamarinmac) (< xamarintvos) (< xamarinwatchos)) (&& (< monoandroid) (< net46) (>= netstandard1.3) (< netstandard1.4)) (&& (< monoandroid) (< net46) (>= netstandard1.4) (< netstandard1.6)) (>= netcoreapp5.0)
      System.Runtime.Extensions (>= 4.3) - restriction: || (&& (< monoandroid) (< monotouch) (< net46) (>= netstandard1.6) (< xamarinios) (< xamarinmac) (< xamarintvos) (< xamarinwatchos)) (>= netcoreapp5.0)
      System.Runtime.Handles (>= 4.3) - restriction: || (&& (< monoandroid) (< monotouch) (< net46) (>= netstandard1.6) (< xamarinios) (< xamarinmac) (< xamarintvos) (< xamarinwatchos)) (&& (< monoandroid) (< net46) (>= netstandard1.3) (< netstandard1.4)) (&& (< monoandroid) (< net46) (>= netstandard1.4) (< netstandard1.6)) (>= netcoreapp5.0)
      System.Runtime.InteropServices (>= 4.3) - restriction: || (&& (< monoandroid) (< monotouch) (< net46) (>= netstandard1.6) (< xamarinios) (< xamarinmac) (< xamarintvos) (< xamarinwatchos)) (>= netcoreapp5.0)
      System.Runtime.Numerics (>= 4.3) - restriction: || (&& (< monoandroid) (< monotouch) (< net46) (>= netstandard1.6) (< xamarinios) (< xamarinmac) (< xamarintvos) (< xamarinwatchos)) (>= netcoreapp5.0)
      System.Security.Cryptography.Algorithms (>= 4.3) - restriction: || (&& (< monoandroid) (< monotouch) (< net46) (>= netstandard1.6) (< xamarinios) (< xamarinmac) (< xamarintvos) (< xamarinwatchos)) (&& (< monoandroid) (< net46) (>= netstandard1.3) (< netstandard1.4)) (&& (< monoandroid) (< net46) (>= netstandard1.4) (< netstandard1.6)) (&& (>= net46) (< netstandard1.4)) (>= net461) (>= netcoreapp5.0)
      System.Security.Cryptography.Cng (>= 4.3) - restriction: || (&& (< monoandroid) (< monotouch) (< net46) (>= netstandard1.6) (< xamarinios) (< xamarinmac) (< xamarintvos) (< xamarinwatchos)) (>= netcoreapp5.0)
      System.Security.Cryptography.Csp (>= 4.3) - restriction: && (< monoandroid) (< monotouch) (< net46) (< netcoreapp5.0) (>= netstandard1.6) (< xamarinios) (< xamarinmac) (< xamarintvos) (< xamarinwatchos)
      System.Security.Cryptography.Encoding (>= 4.3) - restriction: || (&& (< monoandroid) (< monotouch) (< net46) (>= netstandard1.6) (< xamarinios) (< xamarinmac) (< xamarintvos) (< xamarinwatchos)) (&& (< monoandroid) (< net46) (>= netstandard1.3) (< netstandard1.4)) (&& (< monoandroid) (< net46) (>= netstandard1.4) (< netstandard1.6)) (&& (>= net46) (< netstandard1.4)) (>= net461) (>= netcoreapp5.0)
      System.Security.Cryptography.OpenSsl (>= 4.3) - restriction: && (< monoandroid) (< monotouch) (< net46) (< netcoreapp5.0) (>= netstandard1.6) (< xamarinios) (< xamarinmac) (< xamarintvos) (< xamarinwatchos)
      System.Security.Cryptography.Primitives (>= 4.3) - restriction: || (&& (< monoandroid) (< monotouch) (< net46) (>= netstandard1.6) (< xamarinios) (< xamarinmac) (< xamarintvos) (< xamarinwatchos)) (>= netcoreapp5.0)
      System.Text.Encoding (>= 4.3) - restriction: || (&& (< monoandroid) (< monotouch) (< net46) (>= netstandard1.6) (< xamarinios) (< xamarinmac) (< xamarintvos) (< xamarinwatchos)) (>= netcoreapp5.0)
      System.Threading (>= 4.3) - restriction: || (&& (< monoandroid) (< monotouch) (< net46) (>= netstandard1.6) (< xamarinios) (< xamarinmac) (< xamarintvos) (< xamarinwatchos)) (>= netcoreapp5.0)
    System.Security.Cryptography.Xml (4.7) - restriction: || (&& (>= net461) (>= netstandard2.0)) (&& (< netcoreapp3.0) (>= netstandard2.0))
      System.Security.Cryptography.Pkcs (>= 4.7) - restriction: && (< net461) (>= netstandard2.0)
      System.Security.Permissions (>= 4.7) - restriction: || (>= net461) (>= netstandard2.0)
    System.Security.Permissions (4.7) - restriction: || (&& (>= net461) (>= netstandard2.0)) (&& (< netcoreapp3.0) (>= netstandard2.0))
      System.Security.AccessControl (>= 4.7) - restriction: || (>= net461) (>= netstandard2.0)
    System.Security.Principal (4.3) - restriction: || (&& (< monoandroid) (< monotouch) (< net452) (< netcoreapp5.0) (>= netstandard1.6) (< xamarinios) (< xamarinmac) (< xamarintvos) (< xamarinwatchos)) (&& (< monoandroid) (< net452) (>= netstandard1.5) (< netstandard1.6))
      System.Runtime (>= 4.3) - restriction: || (&& (< monoandroid) (< monotouch) (< net45) (>= netstandard1.0) (< win8) (< wp8) (< wpa81) (< xamarinios) (< xamarinmac) (< xamarintvos) (< xamarinwatchos)) (>= netcoreapp5.0)
    System.Security.Principal.Windows (4.7) - restriction: || (&& (< monoandroid) (< monotouch) (< net45) (>= netstandard1.5) (< netstandard2.0) (< win8) (< wpa81) (< xamarintvos) (< xamarinwatchos)) (&& (< monoandroid) (< monotouch) (< net452) (< netcoreapp5.0) (>= netstandard1.5) (< xamarinios) (< xamarinmac) (< xamarintvos) (< xamarinwatchos)) (&& (< monoandroid) (< net452) (< netcoreapp5.0) (>= netstandard2.0) (< xamarinios) (< xamarinmac)) (&& (< monoandroid) (< net452) (>= netstandard1.5) (< netstandard1.6)) (&& (< net45) (>= net452) (>= netstandard1.3) (< netstandard2.0)) (&& (< net452) (>= net461) (>= netstandard1.5)) (&& (>= net461) (>= netstandard2.0)) (&& (>= netcoreapp2.0) (< netcoreapp5.0)) (&& (< netcoreapp3.0) (>= netstandard2.0))
      Microsoft.NETCore.Platforms (>= 3.1) - restriction: || (&& (>= netcoreapp2.0) (< netcoreapp2.1)) (&& (>= netcoreapp2.1) (< netcoreapp3.0))
    System.Security.SecureString (4.3) - restriction: && (< net452) (>= netstandard1.5)
      Microsoft.NETCore.Platforms (>= 1.1) - restriction: && (< monoandroid) (< monotouch) (< net46) (>= netstandard1.3) (< xamarinios) (< xamarinmac) (< xamarintvos) (< xamarinwatchos)
      System.Resources.ResourceManager (>= 4.3) - restriction: && (< monoandroid) (< monotouch) (< net46) (>= netstandard1.3) (< xamarinios) (< xamarinmac) (< xamarintvos) (< xamarinwatchos)
      System.Runtime (>= 4.3) - restriction: && (< monoandroid) (< monotouch) (< net46) (>= netstandard1.3) (< xamarinios) (< xamarinmac) (< xamarintvos) (< xamarinwatchos)
      System.Runtime.Handles (>= 4.3) - restriction: && (< monoandroid) (< monotouch) (< net46) (>= netstandard1.3) (< xamarinios) (< xamarinmac) (< xamarintvos) (< xamarinwatchos)
      System.Runtime.InteropServices (>= 4.3) - restriction: && (< monoandroid) (< monotouch) (< net46) (>= netstandard1.3) (< xamarinios) (< xamarinmac) (< xamarintvos) (< xamarinwatchos)
      System.Security.Cryptography.Primitives (>= 4.3) - restriction: && (< monoandroid) (< monotouch) (< net46) (>= netstandard1.3) (< xamarinios) (< xamarinmac) (< xamarintvos) (< xamarinwatchos)
      System.Text.Encoding (>= 4.3) - restriction: && (< monoandroid) (< monotouch) (< net46) (>= netstandard1.3) (< xamarinios) (< xamarinmac) (< xamarintvos) (< xamarinwatchos)
      System.Threading (>= 4.3) - restriction: && (< monoandroid) (< monotouch) (< net46) (>= netstandard1.3) (< xamarinios) (< xamarinmac) (< xamarintvos) (< xamarinwatchos)
    System.Text.Encoding (4.3) - restriction: || (&& (< monoandroid) (< monotouch) (< net452) (< netcoreapp5.0) (>= netstandard1.6) (< xamarinios) (< xamarinmac) (< xamarintvos) (< xamarinwatchos)) (&& (< monoandroid) (< monotouch) (< net452) (>= netstandard1.5) (< xamarinios) (< xamarinmac) (< xamarintvos) (< xamarinwatchos)) (&& (< monoandroid) (< net45) (< netstandard1.2) (>= netstandard1.6) (< win8)) (&& (< monoandroid) (< net45) (< netstandard1.3) (>= netstandard1.6) (< win8) (< wpa81)) (&& (< monoandroid) (< net45) (< netstandard1.4) (>= netstandard1.6) (< win8) (< wpa81)) (&& (< monoandroid) (< net452) (< netstandard1.4) (>= netstandard1.5)) (&& (< net45) (>= net46) (< netstandard1.3) (>= netstandard1.5)) (&& (< net45) (>= net46) (< netstandard1.4) (>= netstandard1.5)) (&& (< net45) (>= net46) (< netstandard1.4) (>= netstandard1.6)) (&& (< net45) (< netstandard1.2) (>= netstandard1.5) (< win8)) (&& (< net45) (< netstandard1.3) (>= netstandard1.5) (< win8) (< wpa81)) (&& (< net45) (< netstandard1.4) (>= netstandard1.5) (< win8) (< wpa81)) (&& (< net45) (>= netstandard1.5) (< netstandard1.6) (< win8) (< wpa81)) (&& (< net45) (>= netstandard1.6) (< netstandard2.0) (< win8) (< wpa81)) (&& (< net452) (>= net46) (< netstandard1.4) (>= netstandard1.6)) (&& (>= netcoreapp5.0) (< netstandard1.2)) (&& (>= netcoreapp5.0) (< netstandard1.3)) (&& (>= netcoreapp5.0) (< netstandard1.4)) (&& (>= netcoreapp5.0) (< netstandard1.6)) (&& (>= netcoreapp5.0) (< netstandard2.0)) (&& (>= netstandard1.5) (< portable-net45+win8+wpa81))
      Microsoft.NETCore.Platforms (>= 1.1) - restriction: || (&& (< monoandroid) (< monotouch) (< net45) (>= netstandard1.3) (< win8) (< wpa81) (< xamarinios) (< xamarinmac) (< xamarintvos) (< xamarinwatchos)) (&& (< monoandroid) (< net45) (>= netstandard1.0) (< netstandard1.3) (< win8) (< wp8) (< wpa81)) (>= netcoreapp5.0)
      Microsoft.NETCore.Targets (>= 1.1) - restriction: || (&& (< monoandroid) (< monotouch) (< net45) (>= netstandard1.3) (< win8) (< wpa81) (< xamarinios) (< xamarinmac) (< xamarintvos) (< xamarinwatchos)) (&& (< monoandroid) (< net45) (>= netstandard1.0) (< netstandard1.3) (< win8) (< wp8) (< wpa81)) (>= netcoreapp5.0)
      System.Runtime (>= 4.3) - restriction: || (&& (< monoandroid) (< monotouch) (< net45) (>= netstandard1.3) (< win8) (< wpa81) (< xamarinios) (< xamarinmac) (< xamarintvos) (< xamarinwatchos)) (&& (< monoandroid) (< net45) (>= netstandard1.0) (< netstandard1.3) (< win8) (< wp8) (< wpa81)) (>= netcoreapp5.0)
    System.Text.Encoding.CodePages (4.7.1) - restriction: || (&& (>= net452) (< net46) (>= netstandard1.3) (< netstandard2.0)) (&& (< net46) (>= netstandard1.5) (< netstandard2.0)) (&& (< net46) (>= netstandard2.0)) (>= netstandard2.1)
      Microsoft.NETCore.Platforms (>= 3.1.1) - restriction: >= netcoreapp2.0
      NETStandard.Library (>= 1.6.1) - restriction: && (< monoandroid) (< monotouch) (< net46) (>= netstandard1.3) (< netstandard2.0) (< xamarintvos) (< xamarinwatchos)
      System.Runtime.CompilerServices.Unsafe (>= 4.7.1) - restriction: || (&& (< monoandroid) (< net46) (< netcoreapp2.0) (>= netstandard2.0) (< xamarinios) (< xamarinmac)) (>= net461) (&& (>= netcoreapp2.0) (< netcoreapp3.1))
    System.Text.Encoding.Extensions (4.3) - restriction: || (&& (< monoandroid) (< monotouch) (< net452) (< netcoreapp5.0) (>= netstandard1.5) (< xamarinios) (< xamarinmac) (< xamarintvos) (< xamarinwatchos)) (&& (< net45) (>= net46) (< netstandard1.4) (>= netstandard1.5)) (&& (< net45) (< netstandard1.2) (>= netstandard1.5) (< win8)) (&& (< net45) (< netstandard1.3) (>= netstandard1.5) (< win8) (< wpa81)) (&& (< net45) (< netstandard1.4) (>= netstandard1.5) (< win8) (< wpa81)) (&& (< net45) (>= netstandard1.5) (< netstandard1.6) (< win8) (< wpa81)) (&& (< net45) (>= netstandard1.6) (< netstandard2.0) (< win8) (< wpa81)) (&& (>= netcoreapp5.0) (< netstandard1.2)) (&& (>= netcoreapp5.0) (< netstandard1.3)) (&& (>= netcoreapp5.0) (< netstandard1.4)) (&& (>= netcoreapp5.0) (< netstandard1.6)) (&& (>= netcoreapp5.0) (< netstandard2.0)) (&& (>= netcoreapp5.0) (< portable-net45+win8+wpa81)) (&& (>= netstandard1.5) (< portable-net45+win8+wpa81))
      Microsoft.NETCore.Platforms (>= 1.1) - restriction: || (&& (< monoandroid) (< monotouch) (< net45) (>= netstandard1.3) (< win8) (< wpa81) (< xamarinios) (< xamarinmac) (< xamarintvos) (< xamarinwatchos)) (&& (< monoandroid) (< net45) (>= netstandard1.0) (< netstandard1.3) (< win8) (< wp8) (< wpa81)) (>= netcoreapp5.0)
      Microsoft.NETCore.Targets (>= 1.1) - restriction: || (&& (< monoandroid) (< monotouch) (< net45) (>= netstandard1.3) (< win8) (< wpa81) (< xamarinios) (< xamarinmac) (< xamarintvos) (< xamarinwatchos)) (&& (< monoandroid) (< net45) (>= netstandard1.0) (< netstandard1.3) (< win8) (< wp8) (< wpa81)) (>= netcoreapp5.0)
      System.Runtime (>= 4.3) - restriction: || (&& (< monoandroid) (< monotouch) (< net45) (>= netstandard1.3) (< win8) (< wpa81) (< xamarinios) (< xamarinmac) (< xamarintvos) (< xamarinwatchos)) (&& (< monoandroid) (< net45) (>= netstandard1.0) (< netstandard1.3) (< win8) (< wp8) (< wpa81)) (>= netcoreapp5.0)
      System.Text.Encoding (>= 4.3) - restriction: || (&& (< monoandroid) (< monotouch) (< net45) (>= netstandard1.3) (< win8) (< wpa81) (< xamarinios) (< xamarinmac) (< xamarintvos) (< xamarinwatchos)) (&& (< monoandroid) (< net45) (>= netstandard1.0) (< netstandard1.3) (< win8) (< wp8) (< wpa81)) (>= netcoreapp5.0)
    System.Text.Encodings.Web (4.7.1) - restriction: || (&& (>= net461) (>= netstandard2.0)) (&& (< netcoreapp3.0) (>= netstandard2.0))
      System.Memory (>= 4.5.4) - restriction: || (&& (< net45) (< netcoreapp2.1) (>= netstandard2.0) (< netstandard2.1)) (>= net461) (>= uap10.1)
    System.Text.RegularExpressions (4.3.1) - restriction: || (&& (< net45) (>= net46) (< netstandard1.4) (>= netstandard1.5)) (&& (< net45) (< netstandard1.2) (>= netstandard1.5) (< win8)) (&& (< net45) (< netstandard1.3) (>= netstandard1.5) (< win8) (< wpa81)) (&& (< net45) (< netstandard1.4) (>= netstandard1.5) (< win8) (< wpa81)) (&& (< net45) (>= netstandard1.5) (< netstandard1.6) (< win8) (< wpa81)) (&& (< net45) (>= netstandard1.6) (< netstandard2.0) (< win8) (< wpa81)) (&& (>= netcoreapp5.0) (< netstandard1.2)) (&& (>= netcoreapp5.0) (< netstandard1.3)) (&& (>= netcoreapp5.0) (< netstandard1.4)) (&& (>= netcoreapp5.0) (< netstandard1.6)) (&& (>= netcoreapp5.0) (< netstandard2.0)) (&& (>= netcoreapp5.0) (< portable-net45+win8+wpa81)) (&& (>= netstandard1.5) (< portable-net45+win8+wpa81))
      System.Collections (>= 4.3) - restriction: || (&& (< monoandroid) (< monotouch) (< net45) (< netcoreapp1.1) (>= netstandard1.6) (< xamarinios) (< xamarinmac) (< xamarintvos) (< xamarinwatchos)) (>= netcoreapp5.0)
      System.Globalization (>= 4.3) - restriction: || (&& (< monoandroid) (< monotouch) (< net45) (< netcoreapp1.1) (>= netstandard1.6) (< xamarinios) (< xamarinmac) (< xamarintvos) (< xamarinwatchos)) (>= netcoreapp5.0)
      System.Resources.ResourceManager (>= 4.3) - restriction: || (&& (< monoandroid) (< monotouch) (< net45) (< netcoreapp1.1) (>= netstandard1.6) (< xamarinios) (< xamarinmac) (< xamarintvos) (< xamarinwatchos)) (>= netcoreapp5.0)
      System.Runtime (>= 4.3.1) - restriction: || (&& (< monoandroid) (< monotouch) (< net45) (>= netstandard1.6) (< xamarinios) (< xamarinmac) (< xamarintvos) (< xamarinwatchos)) (&& (< monoandroid) (< net45) (>= netstandard1.0) (< netstandard1.3) (< win8) (< wp8) (< wpa81)) (&& (< monoandroid) (< net45) (>= netstandard1.3) (< netstandard1.6) (< win8) (< wpa81)) (>= netcoreapp1.1)
      System.Runtime.Extensions (>= 4.3.1) - restriction: || (&& (< monoandroid) (< monotouch) (< net45) (< netcoreapp1.1) (>= netstandard1.6) (< xamarinios) (< xamarinmac) (< xamarintvos) (< xamarinwatchos)) (>= netcoreapp5.0)
      System.Threading (>= 4.3) - restriction: || (&& (< monoandroid) (< monotouch) (< net45) (< netcoreapp1.1) (>= netstandard1.6) (< xamarinios) (< xamarinmac) (< xamarintvos) (< xamarinwatchos)) (>= netcoreapp5.0)
    System.Threading (4.3) - restriction: || (&& (< monoandroid) (< monotouch) (< net45) (>= netstandard1.5) (< win8) (< wpa81) (< xamarinios) (< xamarinmac) (< xamarintvos) (< xamarinwatchos)) (&& (< monoandroid) (< monotouch) (< net452) (>= netstandard1.5) (< xamarinios) (< xamarinmac) (< xamarintvos) (< xamarinwatchos)) (&& (< monoandroid) (< net45) (< netstandard1.2) (>= netstandard1.6) (< win8)) (&& (< monoandroid) (< net45) (< netstandard1.3) (>= netstandard1.6) (< win8) (< wpa81)) (&& (< monoandroid) (< net45) (< netstandard1.4) (>= netstandard1.6) (< win8) (< wpa81)) (&& (< net45) (>= net46) (< netstandard1.4) (>= netstandard1.5)) (&& (< net45) (>= net46) (< netstandard1.4) (>= netstandard1.6)) (&& (< net45) (< netstandard1.2) (>= netstandard1.5) (< win8)) (&& (< net45) (< netstandard1.3) (>= netstandard1.5) (< win8) (< wpa81)) (&& (< net45) (< netstandard1.4) (>= netstandard1.5) (< win8) (< wpa81)) (&& (< net45) (>= netstandard1.5) (< netstandard1.6) (< win8) (< wpa81)) (&& (< net45) (>= netstandard1.6) (< netstandard2.0) (< win8) (< wpa81)) (&& (>= netcoreapp5.0) (< netstandard1.2)) (&& (>= netcoreapp5.0) (< netstandard1.3)) (&& (>= netcoreapp5.0) (< netstandard1.4)) (&& (>= netcoreapp5.0) (< netstandard1.6)) (&& (>= netcoreapp5.0) (< netstandard2.0)) (&& (>= netcoreapp5.0) (< portable-net45+win8+wpa81)) (&& (>= netstandard1.5) (< portable-net45+win8+wpa81)) (&& (>= netstandard1.6) (< portable-net45+win8+wpa81))
      System.Runtime (>= 4.3) - restriction: || (&& (< monoandroid) (< monotouch) (< net45) (>= netstandard1.3) (< win8) (< wpa81) (< xamarinios) (< xamarinmac) (< xamarintvos) (< xamarinwatchos)) (&& (< monoandroid) (< net45) (>= netstandard1.0) (< netstandard1.3) (< win8) (< wp8) (< wpa81)) (>= netcoreapp5.0)
      System.Threading.Tasks (>= 4.3) - restriction: || (&& (< monoandroid) (< monotouch) (< net45) (>= netstandard1.3) (< win8) (< wpa81) (< xamarinios) (< xamarinmac) (< xamarintvos) (< xamarinwatchos)) (&& (< monoandroid) (< net45) (>= netstandard1.0) (< netstandard1.3) (< win8) (< wp8) (< wpa81)) (>= netcoreapp5.0)
    System.Threading.Overlapped (4.3) - restriction: || (&& (< monoandroid) (< monotouch) (< net45) (>= netstandard1.5) (< netstandard2.0) (< win8) (< wpa81) (< xamarintvos) (< xamarinwatchos)) (&& (< net45) (>= net452) (>= netstandard1.3) (< netstandard2.0))
      Microsoft.NETCore.Platforms (>= 1.1) - restriction: || (&& (< net46) (>= netstandard1.3)) (>= netcoreapp5.0)
      System.Resources.ResourceManager (>= 4.3) - restriction: || (&& (< net46) (>= netstandard1.3)) (>= netcoreapp5.0)
      System.Runtime (>= 4.3) - restriction: || (&& (< net46) (>= netstandard1.3)) (>= netcoreapp5.0)
      System.Runtime.Handles (>= 4.3) - restriction: || (&& (< net46) (>= netstandard1.3)) (>= netcoreapp5.0)
    System.Threading.Tasks (4.3) - restriction: || (&& (< monoandroid) (< monotouch) (< net452) (>= netstandard1.5) (< xamarinios) (< xamarinmac) (< xamarintvos) (< xamarinwatchos)) (&& (< monoandroid) (< net45) (< netstandard1.2) (>= netstandard1.6) (< win8)) (&& (< monoandroid) (< net45) (< netstandard1.3) (>= netstandard1.6) (< win8) (< wpa81)) (&& (< monoandroid) (< net45) (< netstandard1.4) (>= netstandard1.6) (< win8) (< wpa81)) (&& (< net45) (>= net46) (< netstandard1.3) (>= netstandard1.5)) (&& (< net45) (>= net46) (< netstandard1.4) (>= netstandard1.5)) (&& (< net45) (>= net46) (< netstandard1.4) (>= netstandard1.6)) (&& (< net45) (< netstandard1.2) (>= netstandard1.5) (< win8)) (&& (< net45) (< netstandard1.3) (>= netstandard1.5) (< win8) (< wpa81)) (&& (< net45) (< netstandard1.4) (>= netstandard1.5) (< win8) (< wpa81)) (&& (< net45) (>= netstandard1.5) (< netstandard1.6) (< win8) (< wpa81)) (&& (< net45) (>= netstandard1.6) (< netstandard2.0) (< win8) (< wpa81)) (>= netcoreapp5.0) (&& (>= netstandard1.5) (< portable-net45+win8+wpa81))
      Microsoft.NETCore.Platforms (>= 1.1) - restriction: || (&& (< monoandroid) (< monotouch) (< net45) (>= netstandard1.3) (< win8) (< wpa81) (< xamarinios) (< xamarinmac) (< xamarintvos) (< xamarinwatchos)) (&& (< monoandroid) (< net45) (>= netstandard1.0) (< netstandard1.3) (< win8) (< wp8) (< wpa81)) (>= netcoreapp5.0)
      Microsoft.NETCore.Targets (>= 1.1) - restriction: || (&& (< monoandroid) (< monotouch) (< net45) (>= netstandard1.3) (< win8) (< wpa81) (< xamarinios) (< xamarinmac) (< xamarintvos) (< xamarinwatchos)) (&& (< monoandroid) (< net45) (>= netstandard1.0) (< netstandard1.3) (< win8) (< wp8) (< wpa81)) (>= netcoreapp5.0)
      System.Runtime (>= 4.3) - restriction: || (&& (< monoandroid) (< monotouch) (< net45) (>= netstandard1.3) (< win8) (< wpa81) (< xamarinios) (< xamarinmac) (< xamarintvos) (< xamarinwatchos)) (&& (< monoandroid) (< net45) (>= netstandard1.0) (< netstandard1.3) (< win8) (< wp8) (< wpa81)) (>= netcoreapp5.0)
    System.Threading.Tasks.Extensions (4.5.4) - restriction: || (&& (< monoandroid) (< monotouch) (< net45) (>= netstandard1.6) (< win8) (< wpa81) (< xamarintvos) (< xamarinwatchos)) (&& (< monoandroid) (< net45) (< netstandard1.2) (>= netstandard1.5) (< win8)) (&& (< monoandroid) (< net45) (< netstandard1.3) (>= netstandard1.5) (< win8) (< wpa81)) (&& (< monoandroid) (< net45) (< netstandard1.4) (>= netstandard1.5) (< win8) (< wpa81)) (&& (< monoandroid) (< net45) (>= netstandard1.5) (< netstandard1.6) (< win8) (< wpa81)) (&& (< net45) (>= net46) (< netstandard1.4) (>= netstandard1.5)) (>= net461) (&& (>= netcoreapp2.0) (< netcoreapp2.1)) (&& (< netcoreapp3.0) (>= netstandard2.1)) (&& (>= netcoreapp5.0) (< netstandard1.2)) (&& (>= netcoreapp5.0) (< netstandard1.3)) (&& (>= netcoreapp5.0) (< netstandard1.4)) (&& (>= netcoreapp5.0) (< netstandard1.6)) (&& (>= netcoreapp5.0) (< portable-net45+win8+wpa81)) (&& (>= netstandard1.5) (< portable-net45+win8+wpa81)) (>= netstandard2.0)
      System.Runtime.CompilerServices.Unsafe (>= 4.5.3) - restriction: || (&& (< monoandroid) (< monotouch) (< net45) (>= netstandard1.0) (< netstandard2.0) (< win8) (< wpa81) (< xamarintvos) (< xamarinwatchos)) (&& (< monoandroid) (< net45) (< netcoreapp2.1) (>= netstandard2.0) (< xamarinios) (< xamarinmac)) (&& (< monoandroid) (< netstandard1.0) (>= portable-net45+win8+wp8+wpa81) (< win8)) (&& (>= net45) (< netstandard2.0)) (>= net461) (&& (< netstandard1.0) (>= win8)) (&& (< netstandard2.0) (>= wpa81)) (>= wp8)
    System.Threading.Thread (4.3) - restriction: || (&& (< monoandroid) (< monotouch) (< net45) (>= netstandard1.5) (< netstandard2.0) (< win8) (< wpa81) (< xamarintvos) (< xamarinwatchos)) (&& (< net45) (>= net452) (>= netstandard1.3) (< netstandard2.0)) (&& (< net452) (>= netstandard1.5))
      System.Runtime (>= 4.3) - restriction: && (< monoandroid) (< monotouch) (< net46) (< netcoreapp5.0) (>= netstandard1.3) (< xamarinios) (< xamarinmac) (< xamarintvos) (< xamarinwatchos)
    System.Threading.ThreadPool (4.3) - restriction: || (&& (< monoandroid) (< monotouch) (< net45) (>= netstandard1.5) (< netstandard2.0) (< win8) (< wpa81) (< xamarintvos) (< xamarinwatchos)) (&& (< monoandroid) (< monotouch) (< net452) (< netcoreapp5.0) (>= netstandard1.5) (< xamarinios) (< xamarinmac) (< xamarintvos) (< xamarinwatchos)) (&& (< net45) (>= net452) (>= netstandard1.3) (< netstandard2.0))
      System.Runtime (>= 4.3) - restriction: && (< monoandroid) (< monotouch) (< net46) (< netcoreapp5.0) (>= netstandard1.3) (< xamarinios) (< xamarinmac) (< xamarintvos) (< xamarinwatchos)
      System.Runtime.Handles (>= 4.3) - restriction: && (< monoandroid) (< monotouch) (< net46) (< netcoreapp5.0) (>= netstandard1.3) (< xamarinios) (< xamarinmac) (< xamarintvos) (< xamarinwatchos)
    System.Threading.Timer (4.3) - restriction: || (&& (< net45) (< netstandard1.3) (>= netstandard1.5) (< win8) (< wpa81)) (&& (< net45) (< netstandard1.4) (>= netstandard1.5) (< win8) (< wpa81)) (&& (< net45) (>= netstandard1.5) (< netstandard1.6) (< win8) (< wpa81)) (&& (< net45) (>= netstandard1.6) (< netstandard2.0) (< win8) (< wpa81))
      Microsoft.NETCore.Platforms (>= 1.1) - restriction: || (&& (< monoandroid) (< monotouch) (< net451) (>= netstandard1.2) (< win81) (< wpa81) (< xamarinios) (< xamarinmac) (< xamarintvos) (< xamarinwatchos)) (>= netcoreapp5.0)
      Microsoft.NETCore.Targets (>= 1.1) - restriction: || (&& (< monoandroid) (< monotouch) (< net451) (>= netstandard1.2) (< win81) (< wpa81) (< xamarinios) (< xamarinmac) (< xamarintvos) (< xamarinwatchos)) (>= netcoreapp5.0)
      System.Runtime (>= 4.3) - restriction: || (&& (< monoandroid) (< monotouch) (< net451) (>= netstandard1.2) (< win81) (< wpa81) (< xamarinios) (< xamarinmac) (< xamarintvos) (< xamarinwatchos)) (>= netcoreapp5.0)
    System.ValueTuple (4.5) - restriction: || (&& (>= net45) (< net46) (< netstandard1.6) (>= netstandard2.0)) (&& (< net45) (>= netstandard2.0)) (&& (>= net46) (< netstandard1.6) (>= netstandard2.0)) (>= net461)
    System.Xml.ReaderWriter (4.3.1) - restriction: || (&& (< monoandroid) (< net45) (< netstandard1.3) (>= netstandard1.6) (< win8) (< wpa81)) (&& (< net45) (< netstandard1.2) (>= netstandard1.5) (< win8)) (&& (< net45) (< netstandard1.3) (>= netstandard1.5) (< win8) (< wpa81)) (&& (< net45) (< netstandard1.4) (>= netstandard1.5) (< win8) (< wpa81)) (&& (< net45) (>= netstandard1.5) (< netstandard1.6) (< win8) (< wpa81)) (&& (< net45) (>= netstandard1.6) (< netstandard2.0) (< win8) (< wpa81)) (&& (< net452) (>= net46) (< netstandard1.4) (>= netstandard1.5)) (&& (>= netcoreapp5.0) (< netstandard1.2)) (&& (>= netcoreapp5.0) (< netstandard1.3)) (&& (>= netcoreapp5.0) (< netstandard1.4)) (&& (>= netcoreapp5.0) (< netstandard1.6)) (&& (>= netcoreapp5.0) (< netstandard2.0)) (&& (>= netcoreapp5.0) (< portable-net45+win8+wpa81)) (&& (>= netstandard1.5) (< portable-net45+win8+wpa81))
      System.Collections (>= 4.3) - restriction: || (&& (< monoandroid) (< monotouch) (< net45) (>= netstandard1.3) (< win8) (< wpa81) (< xamarinios) (< xamarinmac) (< xamarintvos) (< xamarinwatchos)) (>= netcoreapp5.0)
      System.Diagnostics.Debug (>= 4.3) - restriction: || (&& (< monoandroid) (< monotouch) (< net45) (>= netstandard1.3) (< win8) (< wpa81) (< xamarinios) (< xamarinmac) (< xamarintvos) (< xamarinwatchos)) (>= netcoreapp5.0)
      System.Globalization (>= 4.3) - restriction: || (&& (< monoandroid) (< monotouch) (< net45) (>= netstandard1.3) (< win8) (< wpa81) (< xamarinios) (< xamarinmac) (< xamarintvos) (< xamarinwatchos)) (>= netcoreapp5.0)
      System.IO (>= 4.3) - restriction: || (&& (< monoandroid) (< monotouch) (< net45) (>= netstandard1.3) (< win8) (< wpa81) (< xamarinios) (< xamarinmac) (< xamarintvos) (< xamarinwatchos)) (&& (< monoandroid) (< net45) (>= netstandard1.0) (< netstandard1.3) (< win8) (< wp8) (< wpa81)) (>= netcoreapp5.0)
      System.IO.FileSystem (>= 4.3) - restriction: || (&& (< monoandroid) (< monotouch) (< net45) (>= netstandard1.3) (< win8) (< wpa81) (< xamarinios) (< xamarinmac) (< xamarintvos) (< xamarinwatchos)) (>= netcoreapp5.0)
      System.IO.FileSystem.Primitives (>= 4.3) - restriction: || (&& (< monoandroid) (< monotouch) (< net45) (>= netstandard1.3) (< win8) (< wpa81) (< xamarinios) (< xamarinmac) (< xamarintvos) (< xamarinwatchos)) (>= netcoreapp5.0)
      System.Resources.ResourceManager (>= 4.3) - restriction: || (&& (< monoandroid) (< monotouch) (< net45) (>= netstandard1.3) (< win8) (< wpa81) (< xamarinios) (< xamarinmac) (< xamarintvos) (< xamarinwatchos)) (>= netcoreapp5.0)
      System.Runtime (>= 4.3) - restriction: || (&& (< monoandroid) (< monotouch) (< net45) (>= netstandard1.3) (< win8) (< wpa81) (< xamarinios) (< xamarinmac) (< xamarintvos) (< xamarinwatchos)) (&& (< monoandroid) (< net45) (>= netstandard1.0) (< netstandard1.3) (< win8) (< wp8) (< wpa81)) (>= netcoreapp5.0)
      System.Runtime.Extensions (>= 4.3) - restriction: || (&& (< monoandroid) (< monotouch) (< net45) (>= netstandard1.3) (< win8) (< wpa81) (< xamarinios) (< xamarinmac) (< xamarintvos) (< xamarinwatchos)) (>= netcoreapp5.0)
      System.Runtime.InteropServices (>= 4.3) - restriction: || (&& (< monoandroid) (< monotouch) (< net45) (>= netstandard1.3) (< win8) (< wpa81) (< xamarinios) (< xamarinmac) (< xamarintvos) (< xamarinwatchos)) (>= netcoreapp5.0)
      System.Text.Encoding (>= 4.3) - restriction: || (&& (< monoandroid) (< monotouch) (< net45) (>= netstandard1.3) (< win8) (< wpa81) (< xamarinios) (< xamarinmac) (< xamarintvos) (< xamarinwatchos)) (&& (< monoandroid) (< net45) (>= netstandard1.0) (< netstandard1.3) (< win8) (< wp8) (< wpa81)) (>= netcoreapp5.0)
      System.Text.Encoding.Extensions (>= 4.3) - restriction: || (&& (< monoandroid) (< monotouch) (< net45) (>= netstandard1.3) (< win8) (< wpa81) (< xamarinios) (< xamarinmac) (< xamarintvos) (< xamarinwatchos)) (>= netcoreapp5.0)
      System.Text.RegularExpressions (>= 4.3) - restriction: || (&& (< monoandroid) (< monotouch) (< net45) (>= netstandard1.3) (< win8) (< wpa81) (< xamarinios) (< xamarinmac) (< xamarintvos) (< xamarinwatchos)) (>= netcoreapp5.0)
      System.Threading.Tasks (>= 4.3) - restriction: || (&& (< monoandroid) (< monotouch) (< net45) (>= netstandard1.3) (< win8) (< wpa81) (< xamarinios) (< xamarinmac) (< xamarintvos) (< xamarinwatchos)) (&& (< monoandroid) (< net45) (>= netstandard1.0) (< netstandard1.3) (< win8) (< wp8) (< wpa81)) (>= netcoreapp5.0)
      System.Threading.Tasks.Extensions (>= 4.3) - restriction: || (&& (< monoandroid) (< monotouch) (< net45) (>= netstandard1.3) (< win8) (< wpa81) (< xamarinios) (< xamarinmac) (< xamarintvos) (< xamarinwatchos)) (>= netcoreapp5.0)
    System.Xml.XDocument (4.3) - restriction: || (&& (< net45) (< netstandard1.2) (>= netstandard1.5) (< win8)) (&& (< net45) (< netstandard1.3) (>= netstandard1.5) (< win8) (< wpa81)) (&& (< net45) (< netstandard1.4) (>= netstandard1.5) (< win8) (< wpa81)) (&& (< net45) (>= netstandard1.5) (< netstandard1.6) (< win8) (< wpa81)) (&& (< net45) (>= netstandard1.6) (< netstandard2.0) (< win8) (< wpa81)) (&& (>= netstandard1.5) (< portable-net45+win8+wpa81))
      System.Collections (>= 4.3) - restriction: || (&& (< monoandroid) (< monotouch) (< net45) (>= netstandard1.3) (< win8) (< wpa81) (< xamarinios) (< xamarinmac) (< xamarintvos) (< xamarinwatchos)) (>= netcoreapp5.0)
      System.Diagnostics.Debug (>= 4.3) - restriction: || (&& (< monoandroid) (< monotouch) (< net45) (>= netstandard1.3) (< win8) (< wpa81) (< xamarinios) (< xamarinmac) (< xamarintvos) (< xamarinwatchos)) (>= netcoreapp5.0)
      System.Diagnostics.Tools (>= 4.3) - restriction: || (&& (< monoandroid) (< monotouch) (< net45) (>= netstandard1.3) (< win8) (< wpa81) (< xamarinios) (< xamarinmac) (< xamarintvos) (< xamarinwatchos)) (>= netcoreapp5.0)
      System.Globalization (>= 4.3) - restriction: || (&& (< monoandroid) (< monotouch) (< net45) (>= netstandard1.3) (< win8) (< wpa81) (< xamarinios) (< xamarinmac) (< xamarintvos) (< xamarinwatchos)) (>= netcoreapp5.0)
      System.IO (>= 4.3) - restriction: || (&& (< monoandroid) (< monotouch) (< net45) (>= netstandard1.3) (< win8) (< wpa81) (< xamarinios) (< xamarinmac) (< xamarintvos) (< xamarinwatchos)) (&& (< monoandroid) (< net45) (>= netstandard1.0) (< netstandard1.3) (< win8) (< wp8) (< wpa81)) (>= netcoreapp5.0)
      System.Reflection (>= 4.3) - restriction: || (&& (< monoandroid) (< monotouch) (< net45) (>= netstandard1.3) (< win8) (< wpa81) (< xamarinios) (< xamarinmac) (< xamarintvos) (< xamarinwatchos)) (>= netcoreapp5.0)
      System.Resources.ResourceManager (>= 4.3) - restriction: || (&& (< monoandroid) (< monotouch) (< net45) (>= netstandard1.3) (< win8) (< wpa81) (< xamarinios) (< xamarinmac) (< xamarintvos) (< xamarinwatchos)) (>= netcoreapp5.0)
      System.Runtime (>= 4.3) - restriction: || (&& (< monoandroid) (< monotouch) (< net45) (>= netstandard1.3) (< win8) (< wpa81) (< xamarinios) (< xamarinmac) (< xamarintvos) (< xamarinwatchos)) (&& (< monoandroid) (< net45) (>= netstandard1.0) (< netstandard1.3) (< win8) (< wp8) (< wpa81)) (>= netcoreapp5.0)
      System.Runtime.Extensions (>= 4.3) - restriction: || (&& (< monoandroid) (< monotouch) (< net45) (>= netstandard1.3) (< win8) (< wpa81) (< xamarinios) (< xamarinmac) (< xamarintvos) (< xamarinwatchos)) (>= netcoreapp5.0)
      System.Text.Encoding (>= 4.3) - restriction: || (&& (< monoandroid) (< monotouch) (< net45) (>= netstandard1.3) (< win8) (< wpa81) (< xamarinios) (< xamarinmac) (< xamarintvos) (< xamarinwatchos)) (>= netcoreapp5.0)
      System.Threading (>= 4.3) - restriction: || (&& (< monoandroid) (< monotouch) (< net45) (>= netstandard1.3) (< win8) (< wpa81) (< xamarinios) (< xamarinmac) (< xamarintvos) (< xamarinwatchos)) (>= netcoreapp5.0)
      System.Xml.ReaderWriter (>= 4.3) - restriction: || (&& (< monoandroid) (< monotouch) (< net45) (>= netstandard1.3) (< win8) (< wpa81) (< xamarinios) (< xamarinmac) (< xamarintvos) (< xamarinwatchos)) (&& (< monoandroid) (< net45) (>= netstandard1.0) (< netstandard1.3) (< win8) (< wp8) (< wpa81)) (>= netcoreapp5.0)
    TaskBuilder.fs (2.1) - restriction: || (>= net461) (>= netstandard2.0)
      FSharp.Core (>= 4.1.17) - restriction: || (&& (>= net45) (< net46) (< netstandard1.6)) (&& (< net45) (>= netstandard1.6)) (&& (>= net46) (< netstandard1.6)) (>= net47)
      NETStandard.Library (>= 1.6.1) - restriction: && (< net45) (>= netstandard1.6)
      System.ValueTuple (>= 4.4) - restriction: || (&& (>= net45) (< net46) (< netstandard1.6)) (&& (< net45) (>= netstandard1.6)) (&& (>= net46) (< netstandard1.6)) (>= net47)
    Thoth.Json.Giraffe (4.2)
      FSharp.Core (>= 4.7) - restriction: >= netstandard2.0
      Giraffe (>= 3.6) - restriction: >= netstandard2.0
      Thoth.Json.Net (>= 4.0) - restriction: >= netstandard2.0
    Thoth.Json.Net (4.1) - restriction: >= netstandard2.0
      Fable.Core (>= 3.0 < 4.0) - restriction: && (< net46) (>= netstandard2.0)
      FSharp.Core (>= 4.6.2) - restriction: || (>= net46) (>= netstandard2.0)
      Newtonsoft.Json (>= 11.0.2) - restriction: || (>= net46) (>= netstandard2.0)
    Utf8Json (1.3.7) - restriction: || (>= net461) (>= netstandard2.0)
      System.Reflection.Emit (>= 4.3) - restriction: || (&& (>= net45) (< netstandard2.0)) (&& (< net45) (>= netstandard2.0)) (>= net47)
      System.Reflection.Emit.Lightweight (>= 4.3) - restriction: || (&& (>= net45) (< netstandard2.0)) (&& (< net45) (>= netstandard2.0)) (>= net47)
      System.Threading.Tasks.Extensions (>= 4.4) - restriction: || (&& (>= net45) (< netstandard2.0)) (&& (< net45) (>= netstandard2.0)) (>= net47)
      System.ValueTuple (>= 4.4) - restriction: || (&& (>= net45) (< netstandard2.0)) (&& (< net45) (>= netstandard2.0)) (>= net47)
